{
  "aor": 0.008321805555555555,
  "aqi": 0.014416863402777777,
  "bids_meta": {
    "CogAtlasID": "http://www.cognitiveatlas.org/task/id/trm_4c8a834779883",
    "ConversionSoftware": "dcm2niix",
    "ConversionSoftwareVersion": "v1.0.20170314",
    "EchoTime": 0.03,
    "EffectiveEchoSpacing": 0.000290003,
    "FlipAngle": 90,
    "ImageType": [
      "ORIGINAL",
      "PRIMARY",
      "M",
      "ND",
      "NORM",
      "MOSAIC"
    ],
    "MagneticFieldStrength": 3,
    "Manufacturer": "Siemens",
    "ManufacturersModelName": "TrioTim",
    "PhaseEncodingDirection": "j-",
    "ProcedureStepDescription": "RESEARCH_Brain_Traumas",
    "ProtocolName": "Bold",
    "RepetitionTime": 2,
    "ScanningSequence": "EP",
    "SequenceName": "epfid2d1_80",
    "SequenceVariant": "SK",
    "SeriesDescription": "Bold",
    "SliceTiming": [
      0,
      1.02,
      0.055,
      1.0775,
      0.1125,
      1.135,
      0.17,
      1.1925,
      0.225,
      1.2475,
      0.2825,
      1.305,
      0.34,
      1.3625,
      0.3975,
      1.4175,
      0.4525,
      1.475,
      0.51,
      1.5325,
      0.5675,
      1.59,
      0.6225,
      1.645,
      0.68,
      1.7025,
      0.7375,
      1.76,
      0.795,
      1.815,
      0.85,
      1.8725,
      0.9075,
      1.93,
      0.965
    ],
    "TaskName": "rest",
    "dataset": "ds000220",
    "modality": "bold",
    "session_id": "1",
    "subject_id": "tbi08",
    "task_id": "rest"
  },
  "dummy_trs": 0,
  "dvars_nstd": 24.353392620839163,
  "dvars_std": 1.2063229675524478,
  "dvars_vstd": 1.0389741231468532,
  "efc": 0.4134237010478861,
  "fber": 10784.80078125,
  "fd_mean": 0.14009500234420205,
  "fd_num": 17,
  "fd_perc": 11.805555555555555,
  "fwhm_avg": 1.5969805555555556,
  "fwhm_x": 1.5117666666666667,
  "fwhm_y": 1.86834,
  "fwhm_z": 1.410835,
  "gcor": 0.034229,
  "gsr_x": -0.015963178128004074,
  "gsr_y": 0.005693385377526283,
  "provenance": {
    "md5sum": "64d029199188423e4839478a243c3a9f",
    "settings": {
      "fd_thres": 0.2,
      "testing": false
    },
    "software": "mriqc",
    "version": "22.0.0rc1",
    "webapi_port": null,
    "webapi_url": "https://mriqc.nimh.nih.gov/api/v1"
  },
  "size_t": 144,
  "size_x": 80,
  "size_y": 80,
  "size_z": 35,
  "snr": 8.386941665514883,
  "spacing_tr": 2.0,
  "spacing_x": 3.0,
  "spacing_y": 3.0,
  "spacing_z": 4.0,
  "summary_bg_k": 55.183224197019086,
  "summary_bg_mad": 4.4375111995326435,
  "summary_bg_mean": 18.190052032470703,
  "summary_bg_median": 6.798611164093018,
  "summary_bg_n": 157105.0,
  "summary_bg_p05": 2.805555582046509,
  "summary_bg_p95": 69.59722137451172,
  "summary_bg_stdv": 39.83903121948242,
  "summary_fg_k": 5.200963091358949,
  "summary_fg_mad": 68.045234156544,
  "summary_fg_mean": 702.3756713867188,
  "summary_fg_median": 703.3194580078125,
  "summary_fg_n": 27490.0,
  "summary_fg_p05": 578.2080047607421,
  "summary_fg_p95": 826.5,
  "summary_fg_stdv": 83.85734558105469,
  "tsnr": 58.242171643534675
}