{
  "aor": 0.0011874305555555555,
  "aqi": 0.00972453236111111,
  "bids_meta": {
    "CogAtlasID": "http://www.cognitiveatlas.org/task/id/trm_4c8a834779883",
    "ConversionSoftware": "dcm2niix",
    "ConversionSoftwareVersion": "v1.0.20170314",
    "EchoTime": 0.03,
    "EffectiveEchoSpacing": 0.000290003,
    "FlipAngle": 90,
    "ImageType": [
      "ORIGINAL",
      "PRIMARY",
      "M",
      "ND",
      "NORM",
      "MOSAIC"
    ],
    "MagneticFieldStrength": 3,
    "Manufacturer": "Siemens",
    "ManufacturersModelName": "TrioTim",
    "PhaseEncodingDirection": "j-",
    "ProcedureStepDescription": "RESEARCH_Brain_Traumas",
    "ProtocolName": "Bold",
    "RepetitionTime": 2,
    "ScanningSequence": "EP",
    "SequenceName": "_epfid2d1_80",
    "SequenceVariant": "SK",
    "SeriesDescription": "Bold",
    "SliceTiming": [
      0,
      1.0225,
      0.0575,
      1.0775,
      0.1125,
      1.135,
      0.17,
      1.1925,
      0.2275,
      1.25,
      0.2825,
      1.305,
      0.34,
      1.3625,
      0.3975,
      1.42,
      0.455,
      1.475,
      0.51,
      1.5325,
      0.5675,
      1.59,
      0.625,
      1.6475,
      0.68,
      1.7025,
      0.7375,
      1.76,
      0.795,
      1.8175,
      0.8525,
      1.8725,
      0.9075,
      1.93,
      0.965
    ],
    "TaskName": "rest",
    "dataset": "ds000220",
    "modality": "bold",
    "session_id": "3",
    "subject_id": "tbi08",
    "task_id": "rest"
  },
  "dummy_trs": 0,
  "dvars_nstd": 22.733975083706298,
  "dvars_std": 1.2064386200000001,
  "dvars_vstd": 0.9820774848251749,
  "efc": 0.41094293691860173,
  "fber": 11493.46875,
  "fd_mean": 0.08761371190258947,
  "fd_num": 7,
  "fd_perc": 4.861111111111111,
  "fwhm_avg": 1.577972777777778,
  "fwhm_x": 1.5133366666666666,
  "fwhm_y": 1.8268566666666668,
  "fwhm_z": 1.393725,
  "gcor": 0.0169308,
  "gsr_x": -0.014152455143630505,
  "gsr_y": 0.010813014581799507,
  "provenance": {
    "md5sum": "ba79b63d516ab4ed33d42dfa7580ab74",
    "settings": {
      "fd_thres": 0.2,
      "testing": false
    },
    "software": "mriqc",
    "version": "22.0.0rc1",
    "webapi_port": null,
    "webapi_url": "https://mriqc.nimh.nih.gov/api/v1"
  },
  "size_t": 144,
  "size_x": 80,
  "size_y": 80,
  "size_z": 35,
  "snr": 8.170241503031107,
  "spacing_tr": 2.0,
  "spacing_x": 3.0,
  "spacing_y": 3.0,
  "spacing_z": 4.0,
  "summary_bg_k": 60.22862978378163,
  "summary_bg_mad": 4.0874515568745675,
  "summary_bg_mean": 16.85828399658203,
  "summary_bg_median": 6.416666507720947,
  "summary_bg_n": 156749.0,
  "summary_bg_p05": 2.819444417953491,
  "summary_bg_p95": 61.83333206176758,
  "summary_bg_stdv": 37.618621826171875,
  "summary_fg_k": 4.708397155018092,
  "summary_fg_mad": 68.0864074969627,
  "summary_fg_mean": 683.0370483398438,
  "summary_fg_median": 683.3680419921875,
  "summary_fg_n": 27525.0,
  "summary_fg_p05": 560.4889038085937,
  "summary_fg_p95": 810.8208618164062,
  "summary_fg_stdv": 83.63958740234375,
  "tsnr": 74.44474166072905
}