{
  "aor": 0.001469787234042553,
  "aqi": 0.00614876475177305,
  "bids_meta": {
    "CogAtlasID": "http://www.cognitiveatlas.org/task/id/trm_4c8a834779883",
    "ConversionSoftware": "dcm2niix",
    "ConversionSoftwareVersion": "v1.0.20170314",
    "EchoTime": 0.03,
    "EffectiveEchoSpacing": 0.000290003,
    "FlipAngle": 90,
    "ImageType": [
      "ORIGINAL",
      "PRIMARY",
      "M",
      "ND",
      "NORM",
      "MOSAIC"
    ],
    "MagneticFieldStrength": 3,
    "Manufacturer": "Siemens",
    "ManufacturersModelName": "TrioTim",
    "PhaseEncodingDirection": "j-",
    "ProcedureStepDescription": "RESEARCH_Brain_Traumas",
    "ProtocolName": "Bold",
    "RepetitionTime": 2,
    "ScanningSequence": "EP",
    "SequenceName": "epfid2d1_80",
    "SequenceVariant": "SK",
    "SeriesDescription": "Bold",
    "SliceTiming": [
      0,
      1.0225,
      0.055,
      1.0775,
      0.1125,
      1.135,
      0.17,
      1.1925,
      0.2275,
      1.2475,
      0.2825,
      1.305,
      0.34,
      1.3625,
      0.3975,
      1.42,
      0.4525,
      1.475,
      0.51,
      1.5325,
      0.5675,
      1.59,
      0.625,
      1.645,
      0.68,
      1.7025,
      0.7375,
      1.76,
      0.795,
      1.8175,
      0.85,
      1.8725,
      0.9075,
      1.93,
      0.965
    ],
    "TaskName": "rest",
    "dataset": "ds000220",
    "modality": "bold",
    "session_id": "1",
    "subject_id": "tbi09",
    "task_id": "rest"
  },
  "dummy_trs": 3,
  "dvars_nstd": 23.573956557785717,
  "dvars_std": 1.2862988347142856,
  "dvars_vstd": 1.0159277554285717,
  "efc": 0.4025657206290731,
  "fber": 11944.880859375,
  "fd_mean": 0.13266031879482126,
  "fd_num": 11,
  "fd_perc": 7.801418439716312,
  "fwhm_avg": 1.6847625000000004,
  "fwhm_x": 1.6403266666666667,
  "fwhm_y": 1.9286833333333335,
  "fwhm_z": 1.4852775,
  "gcor": 0.0107259,
  "gsr_x": -0.01780802384018898,
  "gsr_y": 0.010654404759407043,
  "provenance": {
    "md5sum": "9c330df56cca16be23f78ee9c127ae2d",
    "settings": {
      "fd_thres": 0.2,
      "testing": false
    },
    "software": "mriqc",
    "version": "22.0.0rc1",
    "webapi_port": null,
    "webapi_url": "https://mriqc.nimh.nih.gov/api/v1"
  },
  "size_t": 141,
  "size_x": 80,
  "size_y": 80,
  "size_z": 35,
  "snr": 7.389368702851727,
  "spacing_tr": 2.0,
  "spacing_x": 3.0,
  "spacing_y": 3.0,
  "spacing_z": 4.0,
  "summary_bg_k": 86.59100993756114,
  "summary_bg_mad": 4.731708997412823,
  "summary_bg_mean": 16.631263732910156,
  "summary_bg_median": 7.397162914276123,
  "summary_bg_n": 156991.0,
  "summary_bg_p05": 3.1985814571380615,
  "summary_bg_p95": 52.12765693664551,
  "summary_bg_stdv": 37.176761627197266,
  "summary_fg_k": 4.137950289037236,
  "summary_fg_mad": 92.56282724015654,
  "summary_fg_mean": 814.2789916992188,
  "summary_fg_median": 811.3191528320312,
  "summary_fg_n": 27377.0,
  "summary_fg_p05": 657.636865234375,
  "summary_fg_p95": 986.8155883789059,
  "summary_fg_stdv": 109.79345703125,
  "tsnr": 84.24857627484016
}