{
  "aor": 0.0023611805555555556,
  "aqi": 0.009400953680555555,
  "bids_meta": {
    "CogAtlasID": "http://www.cognitiveatlas.org/task/id/trm_4c8a834779883",
    "EchoTime": 0.034,
    "FlipAngle": 90,
    "ImageType": [
      "IMAGE",
      "M series"
    ],
    "MagneticFieldStrength": 3,
    "Manufacturer": "Philips",
    "ManufacturersModelName": "Achieva",
    "ProcedureStepDescription": "none",
    "ProtocolName": "NO_STIMULATION SENSE",
    "RepetitionTime": 2,
    "ScanningSequence": "EP",
    "SequenceName": "NO_STIMULATION SENSE",
    "SequenceVariant": "SK",
    "SeriesDescription": "NO_STIMULATION SENSE",
    "TaskName": "rest",
    "dataset": "ds000220",
    "modality": "bold",
    "session_id": "1",
    "subject_id": "control04",
    "task_id": "rest"
  },
  "dummy_trs": 0,
  "dvars_nstd": 26.13509104811188,
  "dvars_std": 1.2419827053146848,
  "dvars_vstd": 0.9974219409090908,
  "efc": 0.4314158161300631,
  "fber": 350494.1875,
  "fd_mean": 0.1427859217783028,
  "fd_num": 23,
  "fd_perc": 15.972222222222221,
  "fwhm_avg": 2.3745205555555553,
  "fwhm_x": 2.6093333333333333,
  "fwhm_y": 2.994693333333333,
  "fwhm_z": 1.519535,
  "gcor": 0.0206053,
  "gsr_x": -0.004218801390379667,
  "gsr_y": 0.02012735791504383,
  "provenance": {
    "md5sum": "2b0fce06ec2d2819790abf75ee14c20c",
    "settings": {
      "fd_thres": 0.2,
      "testing": false
    },
    "software": "mriqc",
    "version": "22.0.0rc1",
    "webapi_port": null,
    "webapi_url": "https://mriqc.nimh.nih.gov/api/v1"
  },
  "size_t": 144,
  "size_x": 128,
  "size_y": 128,
  "size_z": 34,
  "snr": 5.756030285984833,
  "spacing_tr": 2.0,
  "spacing_x": 1.875,
  "spacing_y": 1.875,
  "spacing_z": 4.0,
  "summary_bg_k": 51.00856728029245,
  "summary_bg_mad": 2.1518004948376674,
  "summary_bg_mean": 24.44319725036621,
  "summary_bg_median": 1.480173945426941,
  "summary_bg_n": 388601.0,
  "summary_bg_p05": 0.01838730275630951,
  "summary_bg_p95": 126.350830078125,
  "summary_bg_stdv": 64.07836151123047,
  "summary_fg_k": 1.83609909907719,
  "summary_fg_mad": 147.40856713989945,
  "summary_fg_mean": 925.6304321289062,
  "summary_fg_median": 915.8896484375,
  "summary_fg_n": 84494.0,
  "summary_fg_p05": 692.8259490966797,
  "summary_fg_p95": 1187.442767333984,
  "summary_fg_stdv": 159.11734008789062,
  "tsnr": 57.20050811767578
}