{
  "aor": 0.008455277777777777,
  "aqi": 0.0303049375,
  "bids_meta": {
    "CogAtlasID": "http://www.cognitiveatlas.org/task/id/trm_4c8a834779883",
    "ConversionSoftware": "dcm2niix",
    "ConversionSoftwareVersion": "v1.0.20170314",
    "EchoTime": 0.03,
    "EffectiveEchoSpacing": 0.000290003,
    "FlipAngle": 90,
    "ImageType": [
      "ORIGINAL",
      "PRIMARY",
      "M",
      "ND",
      "NORM",
      "MOSAIC"
    ],
    "MagneticFieldStrength": 3,
    "Manufacturer": "Siemens",
    "ManufacturersModelName": "TrioTim",
    "PhaseEncodingDirection": "j-",
    "ProcedureStepDescription": "RESEARCH_Brain_Traumas",
    "ProtocolName": "Bold",
    "RepetitionTime": 2,
    "ScanningSequence": "EP",
    "SequenceName": "_epfid2d1_80",
    "SequenceVariant": "SK",
    "SeriesDescription": "Bold",
    "SliceTiming": [
      0,
      1.02,
      0.055,
      1.0775,
      0.1125,
      1.135,
      0.17,
      1.1925,
      0.225,
      1.2475,
      0.2825,
      1.305,
      0.34,
      1.3625,
      0.3975,
      1.4175,
      0.4525,
      1.475,
      0.51,
      1.5325,
      0.5675,
      1.59,
      0.6225,
      1.645,
      0.68,
      1.7025,
      0.7375,
      1.76,
      0.795,
      1.815,
      0.85,
      1.8725,
      0.9075,
      1.93,
      0.965
    ],
    "TaskName": "rest",
    "dataset": "ds000220",
    "modality": "bold",
    "session_id": "3",
    "subject_id": "tbi11",
    "task_id": "rest"
  },
  "dummy_trs": 0,
  "dvars_nstd": 31.30281218937063,
  "dvars_std": 1.1926328053146853,
  "dvars_vstd": 0.9559582762237763,
  "efc": 0.4693493431195108,
  "fber": 7490.40673828125,
  "fd_mean": 0.29857810806153867,
  "fd_num": 35,
  "fd_perc": 24.305555555555557,
  "fwhm_avg": 1.6845986111111113,
  "fwhm_x": 1.6206033333333334,
  "fwhm_y": 1.93907,
  "fwhm_z": 1.4941225,
  "gcor": 0.0283265,
  "gsr_x": -0.019864674657583237,
  "gsr_y": 0.028792638331651688,
  "provenance": {
    "md5sum": "f08d7a536a4d9d035395714a15e040e0",
    "settings": {
      "fd_thres": 0.2,
      "testing": false
    },
    "software": "mriqc",
    "version": "22.0.0rc1",
    "webapi_port": null,
    "webapi_url": "https://mriqc.nimh.nih.gov/api/v1"
  },
  "size_t": 144,
  "size_x": 80,
  "size_y": 80,
  "size_z": 35,
  "snr": 6.99059662498832,
  "spacing_tr": 2.0,
  "spacing_x": 3.0,
  "spacing_y": 3.0,
  "spacing_z": 4.0,
  "summary_bg_k": 45.343855205676,
  "summary_bg_mad": 6.424609849177552,
  "summary_bg_mean": 26.676420211791992,
  "summary_bg_median": 9.00694465637207,
  "summary_bg_n": 145670.0,
  "summary_bg_p05": 3.5416667461395264,
  "summary_bg_p95": 124.83021163940421,
  "summary_bg_stdv": 56.134464263916016,
  "summary_fg_k": 3.2975880822210195,
  "summary_fg_mad": 95.38075780567007,
  "summary_fg_mean": 790.098388671875,
  "summary_fg_median": 785.857666015625,
  "summary_fg_n": 36360.0,
  "summary_fg_p05": 630.7357971191407,
  "summary_fg_p95": 974.2986450195312,
  "summary_fg_stdv": 112.41484832763672,
  "tsnr": 38.56791040929966
}