{
  "aor": 0.0005453472222222222,
  "aqi": 0.005518338194444444,
  "bids_meta": {
    "CogAtlasID": "http://www.cognitiveatlas.org/task/id/trm_4c8a834779883",
    "ConversionSoftware": "dcm2niix",
    "ConversionSoftwareVersion": "v1.0.20170314",
    "EchoTime": 0.03,
    "EffectiveEchoSpacing": 0.000290003,
    "FlipAngle": 90,
    "ImageType": [
      "ORIGINAL",
      "PRIMARY",
      "M",
      "ND",
      "NORM",
      "MOSAIC"
    ],
    "MagneticFieldStrength": 3,
    "Manufacturer": "Siemens",
    "ManufacturersModelName": "TrioTim",
    "PhaseEncodingDirection": "j-",
    "ProcedureStepDescription": "RESEARCH_Brain_Traumas",
    "ProtocolName": "Bold",
    "RepetitionTime": 2,
    "ScanningSequence": "EP",
    "SequenceName": "_epfid2d1_80",
    "SequenceVariant": "SK",
    "SeriesDescription": "Bold",
    "SliceTiming": [
      0,
      1.0225,
      0.0575,
      1.08,
      0.115,
      1.1375,
      0.17,
      1.1925,
      0.2275,
      1.25,
      0.285,
      1.3075,
      0.3425,
      1.3625,
      0.3975,
      1.42,
      0.455,
      1.4775,
      0.5125,
      1.535,
      0.5675,
      1.59,
      0.625,
      1.6475,
      0.6825,
      1.705,
      0.74,
      1.76,
      0.795,
      1.8175,
      0.8525,
      1.875,
      0.91,
      1.9325,
      0.965
    ],
    "TaskName": "rest",
    "dataset": "ds000220",
    "modality": "bold",
    "session_id": "1",
    "subject_id": "tbi12",
    "task_id": "rest"
  },
  "dummy_trs": 0,
  "dvars_nstd": 19.607224684475526,
  "dvars_std": 1.1183915737062937,
  "dvars_vstd": 0.9892181711888107,
  "efc": 0.4125960957578192,
  "fber": 10604.5732421875,
  "fd_mean": 0.08187096423856277,
  "fd_num": 1,
  "fd_perc": 0.6944444444444444,
  "fwhm_avg": 1.7385541666666668,
  "fwhm_x": 1.7063366666666668,
  "fwhm_y": 1.9920833333333334,
  "fwhm_z": 1.5172425,
  "gcor": 0.00659609,
  "gsr_x": -0.014697314240038395,
  "gsr_y": 0.017510851845145226,
  "provenance": {
    "md5sum": "c941b482e31ee1a867d4accf8f910e92",
    "settings": {
      "fd_thres": 0.2,
      "testing": false
    },
    "software": "mriqc",
    "version": "22.0.0rc1",
    "webapi_port": null,
    "webapi_url": "https://mriqc.nimh.nih.gov/api/v1"
  },
  "size_t": 144,
  "size_x": 80,
  "size_y": 80,
  "size_z": 35,
  "snr": 7.5108991565458165,
  "spacing_tr": 2.0,
  "spacing_x": 3.0,
  "spacing_y": 3.0,
  "spacing_z": 4.0,
  "summary_bg_k": 63.4794308001799,
  "summary_bg_mad": 5.745084303669036,
  "summary_bg_mean": 22.80350685119629,
  "summary_bg_median": 8.673611640930176,
  "summary_bg_n": 156781.0,
  "summary_bg_p05": 3.7291667461395264,
  "summary_bg_p95": 82.50694274902344,
  "summary_bg_stdv": 50.79296875,
  "summary_fg_k": 2.948600332960152,
  "summary_fg_mad": 103.95720986031517,
  "summary_fg_mean": 899.09716796875,
  "summary_fg_median": 895.1492919921875,
  "summary_fg_n": 27336.0,
  "summary_fg_p05": 726.1527709960938,
  "summary_fg_p95": 1092.8090209960938,
  "summary_fg_stdv": 119.17786407470703,
  "tsnr": 85.68914849683642
}