{
  "aor": 0.006075486111111111,
  "aqi": 0.01193250888888889,
  "bids_meta": {
    "CogAtlasID": "http://www.cognitiveatlas.org/task/id/trm_4c8a834779883",
    "ConversionSoftware": "dcm2niix",
    "ConversionSoftwareVersion": "v1.0.20170314",
    "EchoTime": 0.03,
    "EffectiveEchoSpacing": 0.000290003,
    "FlipAngle": 90,
    "ImageType": [
      "ORIGINAL",
      "PRIMARY",
      "M",
      "ND",
      "NORM",
      "MOSAIC"
    ],
    "MagneticFieldStrength": 3,
    "Manufacturer": "Siemens",
    "ManufacturersModelName": "TrioTim",
    "PhaseEncodingDirection": "j-",
    "ProcedureStepDescription": "RESEARCH_Brain_Traumas",
    "ProtocolName": "Bold",
    "RepetitionTime": 2,
    "ScanningSequence": "EP",
    "SequenceName": "epfid2d1_80",
    "SequenceVariant": "SK",
    "SeriesDescription": "Bold",
    "SliceTiming": [
      0.9925,
      0,
      1.0525,
      0.0575,
      1.11,
      0.1175,
      1.17,
      0.175,
      1.2275,
      0.2325,
      1.285,
      0.2925,
      1.345,
      0.35,
      1.4025,
      0.41,
      1.4625,
      0.4675,
      1.52,
      0.525,
      1.5775,
      0.585,
      1.6375,
      0.6425,
      1.695,
      0.7025,
      1.7525,
      0.76,
      1.8125,
      0.8175,
      1.87,
      0.8775,
      1.93,
      0.935
    ],
    "TaskName": "rest",
    "dataset": "ds000220",
    "modality": "bold",
    "session_id": "3",
    "subject_id": "tbi03",
    "task_id": "rest"
  },
  "dummy_trs": 0,
  "dvars_nstd": 23.05985832202797,
  "dvars_std": 1.1618804093006996,
  "dvars_vstd": 1.014072509090909,
  "efc": 0.3943903043793783,
  "fber": 13390.296875,
  "fd_mean": 0.27402304790695403,
  "fd_num": 99,
  "fd_perc": 68.75,
  "fwhm_avg": 1.6911538888888888,
  "fwhm_x": 1.6520466666666669,
  "fwhm_y": 1.92378,
  "fwhm_z": 1.497635,
  "gcor": 0.0219399,
  "gsr_x": -0.030633963644504547,
  "gsr_y": 0.022908242419362068,
  "provenance": {
    "md5sum": "59c232498976af4dc0212b09e8eeb9d2",
    "settings": {
      "fd_thres": 0.2,
      "testing": false
    },
    "software": "mriqc",
    "version": "22.0.0rc1",
    "webapi_port": null,
    "webapi_url": "https://mriqc.nimh.nih.gov/api/v1"
  },
  "size_t": 144,
  "size_x": 80,
  "size_y": 80,
  "size_z": 34,
  "snr": 7.63853050632088,
  "spacing_tr": 2.0,
  "spacing_x": 3.0,
  "spacing_y": 3.0,
  "spacing_z": 4.0,
  "summary_bg_k": 49.04201872211808,
  "summary_bg_mad": 5.292066566370197,
  "summary_bg_mean": 26.0798282623291,
  "summary_bg_median": 7.56944465637207,
  "summary_bg_n": 157722.0,
  "summary_bg_p05": 3.256944417953491,
  "summary_bg_p95": 97.56874847412085,
  "summary_bg_stdv": 64.01284790039062,
  "summary_fg_k": 2.0458791299973047,
  "summary_fg_mad": 108.74476444242984,
  "summary_fg_mean": 867.8482055664062,
  "summary_fg_median": 862.0347290039062,
  "summary_fg_n": 22689.0,
  "summary_fg_p05": 708.2041748046875,
  "summary_fg_p95": 1056.087548828125,
  "summary_fg_stdv": 112.85099029541016,
  "tsnr": 58.89050386543386
}