{
  "aor": 0.0011174305555555555,
  "aqi": 0.007009307916666667,
  "bids_meta": {
    "CogAtlasID": "http://www.cognitiveatlas.org/task/id/trm_4c8a834779883",
    "ConversionSoftware": "dcm2niix",
    "ConversionSoftwareVersion": "v1.0.20170314",
    "EchoTime": 0.03,
    "EffectiveEchoSpacing": 0.000290003,
    "FlipAngle": 90,
    "ImageType": [
      "ORIGINAL",
      "PRIMARY",
      "M",
      "ND",
      "NORM",
      "MOSAIC"
    ],
    "MagneticFieldStrength": 3,
    "Manufacturer": "Siemens",
    "ManufacturersModelName": "TrioTim",
    "PhaseEncodingDirection": "j-",
    "ProcedureStepDescription": "RESEARCH_Brain_Traumas",
    "ProtocolName": "Bold",
    "RepetitionTime": 2,
    "ScanningSequence": "EP",
    "SequenceName": "epfid2d1_80",
    "SequenceVariant": "SK",
    "SeriesDescription": "Bold",
    "SliceTiming": [
      0,
      1.0225,
      0.0575,
      1.08,
      0.115,
      1.1375,
      0.1725,
      1.1925,
      0.2275,
      1.25,
      0.285,
      1.3075,
      0.3425,
      1.365,
      0.3975,
      1.42,
      0.455,
      1.4775,
      0.5125,
      1.535,
      0.57,
      1.59,
      0.625,
      1.6475,
      0.6825,
      1.705,
      0.74,
      1.7625,
      0.795,
      1.8175,
      0.8525,
      1.875,
      0.91,
      1.9325,
      0.9675
    ],
    "TaskName": "rest",
    "dataset": "ds000220",
    "modality": "bold",
    "session_id": "1",
    "subject_id": "tbi06",
    "task_id": "rest"
  },
  "dummy_trs": 0,
  "dvars_nstd": 26.101989452657342,
  "dvars_std": 1.2995585599999993,
  "dvars_vstd": 1.0094415858041954,
  "efc": 0.4275856124261088,
  "fber": 8820.212890625,
  "fd_mean": 0.11377288371131854,
  "fd_num": 2,
  "fd_perc": 1.3888888888888888,
  "fwhm_avg": 1.642411388888889,
  "fwhm_x": 1.6329566666666666,
  "fwhm_y": 1.84547,
  "fwhm_z": 1.4488075,
  "gcor": 0.0316051,
  "gsr_x": -0.001786008127965033,
  "gsr_y": 0.009485391899943352,
  "provenance": {
    "md5sum": "bb33f7b5175de9b3c0026fc3d90713a0",
    "settings": {
      "fd_thres": 0.2,
      "testing": false
    },
    "software": "mriqc",
    "version": "22.0.0rc1",
    "webapi_port": null,
    "webapi_url": "https://mriqc.nimh.nih.gov/api/v1"
  },
  "size_t": 144,
  "size_x": 80,
  "size_y": 80,
  "size_z": 35,
  "snr": 7.047056374731418,
  "spacing_tr": 2.0,
  "spacing_x": 3.0,
  "spacing_y": 3.0,
  "spacing_z": 4.0,
  "summary_bg_k": 43.561921829447066,
  "summary_bg_mad": 6.023070805719179,
  "summary_bg_mean": 26.05719566345215,
  "summary_bg_median": 8.55555534362793,
  "summary_bg_n": 155816.0,
  "summary_bg_p05": 3.465277910232544,
  "summary_bg_p95": 115.20312881469727,
  "summary_bg_stdv": 58.14036178588867,
  "summary_fg_k": 3.5662922251147675,
  "summary_fg_mad": 101.68697521322846,
  "summary_fg_mean": 803.53662109375,
  "summary_fg_median": 803.9791870117188,
  "summary_fg_n": 27872.0,
  "summary_fg_p05": 638.435092163086,
  "summary_fg_p95": 979.8125,
  "summary_fg_stdv": 114.08518981933594,
  "tsnr": 74.83007880207151
}