{
  "aor": 0.0009709722222222222,
  "aqi": 0.006313975138888889,
  "bids_meta": {
    "CogAtlasID": "http://www.cognitiveatlas.org/task/id/trm_4c8a834779883",
    "ConversionSoftware": "dcm2niix",
    "ConversionSoftwareVersion": "v1.0.20170314",
    "EchoTime": 0.03,
    "EffectiveEchoSpacing": 0.000290003,
    "FlipAngle": 90,
    "ImageType": [
      "ORIGINAL",
      "PRIMARY",
      "M",
      "ND",
      "MOSAIC"
    ],
    "MagneticFieldStrength": 3,
    "Manufacturer": "Siemens",
    "ManufacturersModelName": "TrioTim",
    "PhaseEncodingDirection": "j-",
    "ProcedureStepDescription": "Investigators_FGH3",
    "ProtocolName": "rest",
    "RepetitionTime": 2,
    "ScanningSequence": "EP",
    "SequenceName": "_epfid2d1_80",
    "SequenceVariant": "SK",
    "SeriesDescription": "rest",
    "SliceTiming": [
      0,
      1.0225,
      0.0575,
      1.0775,
      0.1125,
      1.135,
      0.17,
      1.1925,
      0.2275,
      1.25,
      0.2825,
      1.305,
      0.34,
      1.3625,
      0.3975,
      1.42,
      0.455,
      1.475,
      0.51,
      1.5325,
      0.5675,
      1.59,
      0.625,
      1.6475,
      0.68,
      1.7025,
      0.7375,
      1.76,
      0.795,
      1.8175,
      0.8525,
      1.8725,
      0.9075,
      1.93,
      0.965
    ],
    "TaskName": "rest",
    "dataset": "ds000220",
    "modality": "bold",
    "session_id": "3",
    "subject_id": "tbi14",
    "task_id": "rest"
  },
  "dummy_trs": 0,
  "dvars_nstd": 23.42412089629371,
  "dvars_std": 1.1340857874825172,
  "dvars_vstd": 0.9879400158741259,
  "efc": 0.44360292567674015,
  "fber": 2330.935302734375,
  "fd_mean": 0.09983563719502808,
  "fd_num": 5,
  "fd_perc": 3.4722222222222223,
  "fwhm_avg": 2.129935833333333,
  "fwhm_x": 2.0948066666666665,
  "fwhm_y": 2.3792133333333334,
  "fwhm_z": 1.9157875,
  "gcor": 0.0245644,
  "gsr_x": -0.0045166099444031715,
  "gsr_y": 0.007414550520479679,
  "provenance": {
    "md5sum": "624e346bbf9bf8a3519f942e650c6fdf",
    "settings": {
      "fd_thres": 0.2,
      "testing": false
    },
    "software": "mriqc",
    "version": "22.0.0rc1",
    "webapi_port": null,
    "webapi_url": "https://mriqc.nimh.nih.gov/api/v1"
  },
  "size_t": 144,
  "size_x": 80,
  "size_y": 80,
  "size_z": 35,
  "snr": 5.051893483076205,
  "spacing_tr": 2.0,
  "spacing_x": 3.0,
  "spacing_y": 3.0,
  "spacing_z": 4.0,
  "summary_bg_k": 102.53519823866868,
  "summary_bg_mad": 4.046269025978091,
  "summary_bg_mean": 31.423158645629883,
  "summary_bg_median": 16.84027862548828,
  "summary_bg_n": 154864.0,
  "summary_bg_p05": 13.284722328186035,
  "summary_bg_p95": 96.7815971374513,
  "summary_bg_stdv": 54.16745376586914,
  "summary_fg_k": 1.496392554676552,
  "summary_fg_mad": 136.66707606066598,
  "summary_fg_mean": 828.0960693359375,
  "summary_fg_median": 816.0972290039062,
  "summary_fg_n": 29627.0,
  "summary_fg_p05": 579.763916015625,
  "summary_fg_p95": 1103.130590820312,
  "summary_fg_stdv": 161.5401153564453,
  "tsnr": 65.64786495873705
}