{
  "aor": 0.0009495833333333333,
  "aqi": 0.008070628333333333,
  "bids_meta": {
    "CogAtlasID": "http://www.cognitiveatlas.org/task/id/trm_4c8a834779883",
    "ConversionSoftware": "dcm2niix",
    "ConversionSoftwareVersion": "v1.0.20170314",
    "EchoTime": 0.03,
    "EffectiveEchoSpacing": 0.000290003,
    "FlipAngle": 90,
    "ImageType": [
      "ORIGINAL",
      "PRIMARY",
      "M",
      "ND",
      "NORM",
      "MOSAIC"
    ],
    "MagneticFieldStrength": 3,
    "Manufacturer": "Siemens",
    "ManufacturersModelName": "TrioTim",
    "PhaseEncodingDirection": "j-",
    "ProcedureStepDescription": "RESEARCH_Brain_Traumas",
    "ProtocolName": "Bold",
    "RepetitionTime": 2,
    "ScanningSequence": "EP",
    "SequenceName": "_epfid2d1_80",
    "SequenceVariant": "SK",
    "SeriesDescription": "Bold",
    "SliceTiming": [
      0,
      1.0225,
      0.0575,
      1.08,
      0.1125,
      1.135,
      0.17,
      1.1925,
      0.2275,
      1.25,
      0.285,
      1.305,
      0.34,
      1.3625,
      0.3975,
      1.42,
      0.455,
      1.4775,
      0.51,
      1.5325,
      0.5675,
      1.59,
      0.625,
      1.6475,
      0.6825,
      1.7025,
      0.7375,
      1.76,
      0.795,
      1.8175,
      0.8525,
      1.875,
      0.9075,
      1.93,
      0.965
    ],
    "TaskName": "rest",
    "dataset": "ds000220",
    "modality": "bold",
    "session_id": "2",
    "subject_id": "tbi11",
    "task_id": "rest"
  },
  "dummy_trs": 0,
  "dvars_nstd": 24.40814306356644,
  "dvars_std": 1.2267302346153854,
  "dvars_vstd": 1.0019251276923082,
  "efc": 0.46772038644865455,
  "fber": 7944.80712890625,
  "fd_mean": 0.1129149913160156,
  "fd_num": 5,
  "fd_perc": 3.4722222222222223,
  "fwhm_avg": 1.6284119444444445,
  "fwhm_x": 1.5530833333333334,
  "fwhm_y": 1.87225,
  "fwhm_z": 1.4599025,
  "gcor": 0.0207273,
  "gsr_x": -0.019338659942150116,
  "gsr_y": 0.021399205550551414,
  "provenance": {
    "md5sum": "078f2a943a1357d06b3af3bbe9b73f86",
    "settings": {
      "fd_thres": 0.2,
      "testing": false
    },
    "software": "mriqc",
    "version": "22.0.0rc1",
    "webapi_port": null,
    "webapi_url": "https://mriqc.nimh.nih.gov/api/v1"
  },
  "size_t": 144,
  "size_x": 80,
  "size_y": 80,
  "size_z": 35,
  "snr": 7.320178347775177,
  "spacing_tr": 2.0,
  "spacing_x": 3.0,
  "spacing_y": 3.0,
  "spacing_z": 4.0,
  "summary_bg_k": 36.68299664849655,
  "summary_bg_mad": 5.703901065812731,
  "summary_bg_mean": 25.059988021850586,
  "summary_bg_median": 8.736111640930176,
  "summary_bg_n": 145656.0,
  "summary_bg_p05": 3.6041667461395264,
  "summary_bg_p95": 120.04340171813965,
  "summary_bg_stdv": 52.426666259765625,
  "summary_fg_k": 3.7393389871321228,
  "summary_fg_mad": 90.63428607311604,
  "summary_fg_mean": 788.05908203125,
  "summary_fg_median": 785.9236450195312,
  "summary_fg_n": 36550.0,
  "summary_fg_p05": 635.8850891113282,
  "summary_fg_p95": 957.7621429443358,
  "summary_fg_stdv": 107.36253356933594,
  "tsnr": 76.59157302696258
}