{
  "aor": 0.0010378472222222221,
  "aqi": 0.00691589875,
  "bids_meta": {
    "CogAtlasID": "http://www.cognitiveatlas.org/task/id/trm_4c8a834779883",
    "ConversionSoftware": "dcm2niix",
    "ConversionSoftwareVersion": "v1.0.20170314",
    "EchoTime": 0.03,
    "EffectiveEchoSpacing": 0.000290003,
    "FlipAngle": 90,
    "ImageType": [
      "ORIGINAL",
      "PRIMARY",
      "M",
      "ND",
      "NORM",
      "MOSAIC"
    ],
    "MagneticFieldStrength": 3,
    "Manufacturer": "Siemens",
    "ManufacturersModelName": "TrioTim",
    "PhaseEncodingDirection": "j-",
    "ProcedureStepDescription": "RESEARCH_Brain_Traumas",
    "ProtocolName": "Bold",
    "RepetitionTime": 2,
    "ScanningSequence": "EP",
    "SequenceName": "epfid2d1_80",
    "SequenceVariant": "SK",
    "SeriesDescription": "Bold",
    "SliceTiming": [
      0,
      1.0225,
      0.0575,
      1.0775,
      0.1125,
      1.135,
      0.17,
      1.1925,
      0.2275,
      1.25,
      0.2825,
      1.305,
      0.34,
      1.3625,
      0.3975,
      1.42,
      0.455,
      1.475,
      0.51,
      1.5325,
      0.5675,
      1.59,
      0.625,
      1.6475,
      0.68,
      1.7025,
      0.7375,
      1.76,
      0.795,
      1.8175,
      0.8525,
      1.8725,
      0.9075,
      1.93,
      0.965
    ],
    "TaskName": "rest",
    "dataset": "ds000220",
    "modality": "bold",
    "session_id": "2",
    "subject_id": "tbi09",
    "task_id": "rest"
  },
  "dummy_trs": 0,
  "dvars_nstd": 23.83207427867133,
  "dvars_std": 1.28237589986014,
  "dvars_vstd": 0.9943467483916083,
  "efc": 0.4076851073214164,
  "fber": 12333.6328125,
  "fd_mean": 0.13517022584817512,
  "fd_num": 18,
  "fd_perc": 12.5,
  "fwhm_avg": 1.7101672222222224,
  "fwhm_x": 1.65667,
  "fwhm_y": 1.9739166666666668,
  "fwhm_z": 1.499915,
  "gcor": 0.0144956,
  "gsr_x": -0.01999194547533989,
  "gsr_y": 0.01407246757298708,
  "provenance": {
    "md5sum": "28a873627b0929b3e51034c2c0a7b70e",
    "settings": {
      "fd_thres": 0.2,
      "testing": false
    },
    "software": "mriqc",
    "version": "22.0.0rc1",
    "webapi_port": null,
    "webapi_url": "https://mriqc.nimh.nih.gov/api/v1"
  },
  "size_t": 144,
  "size_x": 80,
  "size_y": 80,
  "size_z": 35,
  "snr": 7.7333187630945295,
  "spacing_tr": 2.0,
  "spacing_x": 3.0,
  "spacing_y": 3.0,
  "spacing_z": 4.0,
  "summary_bg_k": 91.49824103349037,
  "summary_bg_mad": 4.756682353358749,
  "summary_bg_mean": 18.847545623779297,
  "summary_bg_median": 7.555555820465088,
  "summary_bg_n": 156535.0,
  "summary_bg_p05": 3.4236111640930176,
  "summary_bg_p95": 64.00902786254875,
  "summary_bg_stdv": 44.58110046386719,
  "summary_fg_k": 3.527475187255039,
  "summary_fg_mad": 96.50298018193944,
  "summary_fg_mean": 845.9420166015625,
  "summary_fg_median": 846.5902709960938,
  "summary_fg_n": 27771.0,
  "summary_fg_p05": 683.5069580078125,
  "summary_fg_p95": 1013.59375,
  "summary_fg_stdv": 109.47111511230469,
  "tsnr": 81.65949903195724
}