{
  "aor": 0.05062625,
  "aqi": 0.08522113263888889,
  "bids_meta": {
    "CogAtlasID": "http://www.cognitiveatlas.org/task/id/trm_4c8a834779883",
    "ConversionSoftware": "dcm2niix",
    "ConversionSoftwareVersion": "v1.0.20170314",
    "EchoTime": 0.03,
    "EffectiveEchoSpacing": 0.000290003,
    "FlipAngle": 90,
    "ImageType": [
      "ORIGINAL",
      "PRIMARY",
      "M",
      "ND",
      "NORM",
      "MOSAIC"
    ],
    "MagneticFieldStrength": 3,
    "Manufacturer": "Siemens",
    "ManufacturersModelName": "TrioTim",
    "PhaseEncodingDirection": "j-",
    "ProcedureStepDescription": "RESEARCH_Brain_Traumas",
    "ProtocolName": "Bold",
    "RepetitionTime": 2,
    "ScanningSequence": "EP",
    "SequenceName": "_epfid2d1_80",
    "SequenceVariant": "SK",
    "SeriesDescription": "Bold",
    "SliceTiming": [
      0,
      1.0225,
      0.0575,
      1.0775,
      0.1125,
      1.135,
      0.17,
      1.1925,
      0.2275,
      1.25,
      0.2825,
      1.305,
      0.34,
      1.3625,
      0.3975,
      1.42,
      0.455,
      1.475,
      0.51,
      1.5325,
      0.5675,
      1.59,
      0.625,
      1.6475,
      0.68,
      1.7025,
      0.7375,
      1.76,
      0.795,
      1.8175,
      0.8525,
      1.8725,
      0.9075,
      1.93,
      0.965
    ],
    "TaskName": "rest",
    "dataset": "ds000220",
    "modality": "bold",
    "session_id": "2",
    "subject_id": "tbi10",
    "task_id": "rest"
  },
  "dummy_trs": 0,
  "dvars_nstd": 52.005668053076924,
  "dvars_std": 0.9762339847552448,
  "dvars_vstd": 1.0822513176923074,
  "efc": 0.4308640431769857,
  "fber": 6478.04052734375,
  "fd_mean": 2.1411431840551396,
  "fd_num": 54,
  "fd_perc": 37.5,
  "fwhm_avg": 1.8346283333333335,
  "fwhm_x": 1.7858633333333334,
  "fwhm_y": 2.1152466666666667,
  "fwhm_z": 1.602775,
  "gcor": 0.146884,
  "gsr_x": -0.023107342422008514,
  "gsr_y": 0.025481099262833595,
  "provenance": {
    "md5sum": "1418964073384e0cf37585af48e10ee8",
    "settings": {
      "fd_thres": 0.2,
      "testing": false
    },
    "software": "mriqc",
    "version": "22.0.0rc1",
    "webapi_port": null,
    "webapi_url": "https://mriqc.nimh.nih.gov/api/v1"
  },
  "size_t": 144,
  "size_x": 80,
  "size_y": 80,
  "size_z": 35,
  "snr": 7.6861858290233815,
  "spacing_tr": 2.0,
  "spacing_x": 3.0,
  "spacing_y": 3.0,
  "spacing_z": 4.0,
  "summary_bg_k": 47.357278789409854,
  "summary_bg_mad": 7.001177300045304,
  "summary_bg_mean": 24.13451385498047,
  "summary_bg_median": 8.791666984558105,
  "summary_bg_n": 157125.0,
  "summary_bg_p05": 3.222222328186035,
  "summary_bg_p95": 91.32916870117164,
  "summary_bg_stdv": 44.84296798706055,
  "summary_fg_k": 2.814502310694384,
  "summary_fg_mad": 81.46593331588029,
  "summary_fg_mean": 704.4562377929688,
  "summary_fg_median": 703.71875,
  "summary_fg_n": 27200.0,
  "summary_fg_p05": 571.685415649414,
  "summary_fg_p95": 848.7403106689452,
  "summary_fg_stdv": 91.55461883544922,
  "tsnr": 16.355045804637484
}