{
  "aor": 0.0028050694444444442,
  "aqi": 0.008506396874999999,
  "bids_meta": {
    "CogAtlasID": "http://www.cognitiveatlas.org/task/id/trm_4c8a834779883",
    "ConversionSoftware": "dcm2niix",
    "ConversionSoftwareVersion": "v1.0.20170314",
    "EchoTime": 0.03,
    "EffectiveEchoSpacing": 0.000290003,
    "FlipAngle": 90,
    "ImageType": [
      "ORIGINAL",
      "PRIMARY",
      "M",
      "ND",
      "NORM",
      "MOSAIC"
    ],
    "MagneticFieldStrength": 3,
    "Manufacturer": "Siemens",
    "ManufacturersModelName": "TrioTim",
    "PhaseEncodingDirection": "j-",
    "ProcedureStepDescription": "RESEARCH_Brain_Traumas",
    "ProtocolName": "Bold",
    "RepetitionTime": 2,
    "ScanningSequence": "EP",
    "SequenceName": "epfid2d1_80",
    "SequenceVariant": "SK",
    "SeriesDescription": "Bold",
    "SliceTiming": [
      0.995,
      0,
      1.0525,
      0.06,
      1.1125,
      0.1175,
      1.17,
      0.175,
      1.2275,
      0.235,
      1.2875,
      0.2925,
      1.345,
      0.3525,
      1.4025,
      0.41,
      1.4625,
      0.4675,
      1.52,
      0.5275,
      1.58,
      0.585,
      1.6375,
      0.645,
      1.695,
      0.7025,
      1.755,
      0.76,
      1.8125,
      0.82,
      1.8725,
      0.8775,
      1.93,
      0.935
    ],
    "TaskName": "rest",
    "dataset": "ds000220",
    "modality": "bold",
    "session_id": "1",
    "subject_id": "tbi04",
    "task_id": "rest"
  },
  "dummy_trs": 0,
  "dvars_nstd": 27.377399177832153,
  "dvars_std": 1.3526417499300702,
  "dvars_vstd": 1.0303217217482519,
  "efc": 0.45146975924096694,
  "fber": 7629.59716796875,
  "fd_mean": 0.10359357493817924,
  "fd_num": 11,
  "fd_perc": 7.638888888888889,
  "fwhm_avg": 1.648745,
  "fwhm_x": 1.57807,
  "fwhm_y": 1.86243,
  "fwhm_z": 1.505735,
  "gcor": 0.0126895,
  "gsr_x": -0.01251332275569439,
  "gsr_y": 0.013911496847867966,
  "provenance": {
    "md5sum": "a31cb167555b6ace1acf6cd9a6caed80",
    "settings": {
      "fd_thres": 0.2,
      "testing": false
    },
    "software": "mriqc",
    "version": "22.0.0rc1",
    "webapi_port": null,
    "webapi_url": "https://mriqc.nimh.nih.gov/api/v1"
  },
  "size_t": 144,
  "size_x": 80,
  "size_y": 80,
  "size_z": 34,
  "snr": 7.518567722137386,
  "spacing_tr": 2.0,
  "spacing_x": 3.0,
  "spacing_y": 3.0,
  "spacing_z": 4.0,
  "summary_bg_k": 42.167989527566334,
  "summary_bg_mad": 5.889225636166103,
  "summary_bg_mean": 24.92184066772461,
  "summary_bg_median": 8.722222328186035,
  "summary_bg_n": 145580.0,
  "summary_bg_p05": 3.6458332538604736,
  "summary_bg_p95": 97.34062576293937,
  "summary_bg_stdv": 55.283958435058594,
  "summary_fg_k": 4.099315138560897,
  "summary_fg_mad": 86.97926982508994,
  "summary_fg_mean": 772.7305297851562,
  "summary_fg_median": 770.5555419921875,
  "summary_fg_n": 31883.0,
  "summary_fg_p05": 629.0146057128907,
  "summary_fg_p95": 931.4652709960938,
  "summary_fg_stdv": 102.48540496826172,
  "tsnr": 70.74515466741286
}