{
  "aor": 0.017119097222222223,
  "aqi": 0.016370541180555555,
  "bids_meta": {
    "CogAtlasID": "http://www.cognitiveatlas.org/task/id/trm_4c8a834779883",
    "EchoTime": 0.034,
    "FlipAngle": 90,
    "ImageType": [
      "IMAGE",
      "M series"
    ],
    "MagneticFieldStrength": 3,
    "Manufacturer": "Philips",
    "ManufacturersModelName": "Achieva",
    "ProcedureStepDescription": "none",
    "ProtocolName": "NO_STIMULATION SENSE",
    "RepetitionTime": 2,
    "ScanningSequence": "EP",
    "SequenceName": "NO_STIMULATION SENSE",
    "SequenceVariant": "SK",
    "SeriesDescription": "NO_STIMULATION SENSE",
    "TaskName": "rest",
    "dataset": "ds000220",
    "modality": "bold",
    "session_id": "2",
    "subject_id": "tbi01",
    "task_id": "rest"
  },
  "dummy_trs": 0,
  "dvars_nstd": 49.800436500069914,
  "dvars_std": 1.3208691536363635,
  "dvars_vstd": 1.0693599243356644,
  "efc": 0.42057408979566185,
  "fber": 62469.8046875,
  "fd_mean": 0.5151509590351743,
  "fd_num": 88,
  "fd_perc": 61.111111111111114,
  "fwhm_avg": 3.275330611111112,
  "fwhm_x": 3.4709920000000003,
  "fwhm_y": 4.310837333333334,
  "fwhm_z": 2.0441625,
  "gcor": 0.0265487,
  "gsr_x": -0.013608256354928017,
  "gsr_y": 0.020651966333389282,
  "provenance": {
    "md5sum": "6ff896e262dd81cd97f31b9a7bd5782e",
    "settings": {
      "fd_thres": 0.2,
      "testing": false
    },
    "software": "mriqc",
    "version": "22.0.0rc1",
    "webapi_port": null,
    "webapi_url": "https://mriqc.nimh.nih.gov/api/v1"
  },
  "size_t": 144,
  "size_x": 128,
  "size_y": 128,
  "size_z": 34,
  "snr": 3.7886980518825224,
  "spacing_tr": 2.0,
  "spacing_x": 1.875,
  "spacing_y": 1.875,
  "spacing_z": 4.0,
  "summary_bg_k": 128.13152332456127,
  "summary_bg_mad": 4.403857680348475,
  "summary_bg_mean": 18.651227951049805,
  "summary_bg_median": 3.127464532852173,
  "summary_bg_n": 388601.0,
  "summary_bg_p05": 0.09442409127950668,
  "summary_bg_p95": 81.26373291015625,
  "summary_bg_stdv": 48.67902755737305,
  "summary_fg_k": 1.950228670575724,
  "summary_fg_mad": 166.91988923745885,
  "summary_fg_mean": 850.9053955078125,
  "summary_fg_median": 813.871826171875,
  "summary_fg_n": 84048.0,
  "summary_fg_p05": 592.3410339355469,
  "summary_fg_p95": 1318.7715393066405,
  "summary_fg_stdv": 214.81442260742188,
  "tsnr": 32.33683776855469
}