{
  "aor": 0.003546875,
  "aqi": 0.014630278472222223,
  "bids_meta": {
    "CogAtlasID": "http://www.cognitiveatlas.org/task/id/trm_4c8a834779883",
    "ConversionSoftware": "dcm2niix",
    "ConversionSoftwareVersion": "v1.0.20170314",
    "EchoTime": 0.03,
    "EffectiveEchoSpacing": 0.000290003,
    "FlipAngle": 90,
    "ImageType": [
      "ORIGINAL",
      "PRIMARY",
      "M",
      "ND",
      "NORM",
      "MOSAIC"
    ],
    "MagneticFieldStrength": 3,
    "Manufacturer": "Siemens",
    "ManufacturersModelName": "TrioTim",
    "PhaseEncodingDirection": "j-",
    "ProcedureStepDescription": "RESEARCH_Brain_Traumas",
    "ProtocolName": "Bold",
    "RepetitionTime": 2,
    "ScanningSequence": "EP",
    "SequenceName": "epfid2d1_80",
    "SequenceVariant": "SK",
    "SeriesDescription": "Bold",
    "SliceTiming": [
      0,
      1.0225,
      0.0575,
      1.08,
      0.115,
      1.135,
      0.17,
      1.1925,
      0.2275,
      1.25,
      0.285,
      1.3075,
      0.34,
      1.3625,
      0.3975,
      1.42,
      0.455,
      1.4775,
      0.5125,
      1.5325,
      0.5675,
      1.59,
      0.625,
      1.6475,
      0.6825,
      1.705,
      0.7375,
      1.76,
      0.795,
      1.8175,
      0.8525,
      1.875,
      0.91,
      1.93,
      0.965
    ],
    "TaskName": "rest",
    "dataset": "ds000220",
    "modality": "bold",
    "session_id": "3",
    "subject_id": "tbi05",
    "task_id": "rest"
  },
  "dummy_trs": 0,
  "dvars_nstd": 26.68415400342657,
  "dvars_std": 1.1797381259440565,
  "dvars_vstd": 0.9641085469230766,
  "efc": 0.4295093917049773,
  "fber": 10137.1171875,
  "fd_mean": 0.13442335259306157,
  "fd_num": 22,
  "fd_perc": 15.277777777777779,
  "fwhm_avg": 1.7081675,
  "fwhm_x": 1.67878,
  "fwhm_y": 1.96782,
  "fwhm_z": 1.4779025,
  "gcor": 0.0362047,
  "gsr_x": -0.011945567093789577,
  "gsr_y": 0.010892912745475769,
  "provenance": {
    "md5sum": "55c795ad6aada05d8b674f7bfe2c3732",
    "settings": {
      "fd_thres": 0.2,
      "testing": false
    },
    "software": "mriqc",
    "version": "22.0.0rc1",
    "webapi_port": null,
    "webapi_url": "https://mriqc.nimh.nih.gov/api/v1"
  },
  "size_t": 144,
  "size_x": 80,
  "size_y": 80,
  "size_z": 35,
  "snr": 7.187133323473378,
  "spacing_tr": 2.0,
  "spacing_x": 3.0,
  "spacing_y": 3.0,
  "spacing_z": 4.0,
  "summary_bg_k": 41.265507025505,
  "summary_bg_mad": 4.818457210143206,
  "summary_bg_mean": 20.173301696777344,
  "summary_bg_median": 7.326388835906982,
  "summary_bg_n": 153342.0,
  "summary_bg_p05": 3.131944417953491,
  "summary_bg_p95": 78.78437423706042,
  "summary_bg_stdv": 43.27720642089844,
  "summary_fg_k": 2.972831871335525,
  "summary_fg_mad": 86.52631783505517,
  "summary_fg_mean": 743.3482055664062,
  "summary_fg_median": 742.1458740234375,
  "summary_fg_n": 29802.0,
  "summary_fg_p05": 590.4802276611329,
  "summary_fg_p95": 907.0420471191402,
  "summary_fg_stdv": 103.25861358642578,
  "tsnr": 55.208536464488134
}