{
  "aor": 0.0013709722222222222,
  "aqi": 0.006737266041666666,
  "bids_meta": {
    "CogAtlasID": "http://www.cognitiveatlas.org/task/id/trm_4c8a834779883",
    "ConversionSoftware": "dcm2niix",
    "ConversionSoftwareVersion": "v1.0.20170314",
    "EchoTime": 0.03,
    "EffectiveEchoSpacing": 0.000290003,
    "FlipAngle": 90,
    "ImageType": [
      "ORIGINAL",
      "PRIMARY",
      "M",
      "ND",
      "NORM",
      "MOSAIC"
    ],
    "MagneticFieldStrength": 3,
    "Manufacturer": "Siemens",
    "ManufacturersModelName": "TrioTim",
    "PhaseEncodingDirection": "j-",
    "ProcedureStepDescription": "RESEARCH_Brain_Traumas",
    "ProtocolName": "Bold",
    "RepetitionTime": 2,
    "ScanningSequence": "EP",
    "SequenceName": "_epfid2d1_80",
    "SequenceVariant": "SK",
    "SeriesDescription": "Bold",
    "SliceTiming": [
      0,
      1.0225,
      0.0575,
      1.08,
      0.115,
      1.135,
      0.17,
      1.1925,
      0.2275,
      1.25,
      0.285,
      1.3075,
      0.34,
      1.3625,
      0.3975,
      1.42,
      0.455,
      1.4775,
      0.5125,
      1.5325,
      0.5675,
      1.59,
      0.625,
      1.6475,
      0.6825,
      1.705,
      0.7375,
      1.76,
      0.795,
      1.8175,
      0.8525,
      1.875,
      0.91,
      1.93,
      0.965
    ],
    "TaskName": "rest",
    "dataset": "ds000220",
    "modality": "bold",
    "session_id": "3",
    "subject_id": "tbi12",
    "task_id": "rest"
  },
  "dummy_trs": 0,
  "dvars_nstd": 21.61556625370628,
  "dvars_std": 1.218637013286713,
  "dvars_vstd": 1.002229762657343,
  "efc": 0.42768376101198874,
  "fber": 8547.501953125,
  "fd_mean": 0.11142075777653719,
  "fd_num": 13,
  "fd_perc": 9.027777777777779,
  "fwhm_avg": 1.8806391666666666,
  "fwhm_x": 1.8360133333333335,
  "fwhm_y": 2.1942266666666668,
  "fwhm_z": 1.6116775,
  "gcor": 0.0200798,
  "gsr_x": -0.02008983865380287,
  "gsr_y": 0.020783767104148865,
  "provenance": {
    "md5sum": "634bca52b59c656b01b188e379dcbc12",
    "settings": {
      "fd_thres": 0.2,
      "testing": false
    },
    "software": "mriqc",
    "version": "22.0.0rc1",
    "webapi_port": null,
    "webapi_url": "https://mriqc.nimh.nih.gov/api/v1"
  },
  "size_t": 144,
  "size_x": 80,
  "size_y": 80,
  "size_z": 35,
  "snr": 7.657772620335556,
  "spacing_tr": 2.0,
  "spacing_x": 3.0,
  "spacing_y": 3.0,
  "spacing_z": 4.0,
  "summary_bg_k": 29.41983628175359,
  "summary_bg_mad": 6.949697899245009,
  "summary_bg_mean": 28.265769958496094,
  "summary_bg_median": 10.284722328186035,
  "summary_bg_n": 155448.0,
  "summary_bg_p05": 4.486111164093018,
  "summary_bg_p95": 113.52534866333004,
  "summary_bg_stdv": 51.190921783447266,
  "summary_fg_k": 2.7495552443882048,
  "summary_fg_mad": 109.6250142642385,
  "summary_fg_mean": 965.7094116210938,
  "summary_fg_median": 967.3680419921875,
  "summary_fg_n": 28454.0,
  "summary_fg_p05": 767.6750183105469,
  "summary_fg_p95": 1160.4517639160156,
  "summary_fg_stdv": 126.32276916503906,
  "tsnr": 78.21001409552991
}