{
  "aor": 0.0006895833333333333,
  "aqi": 0.007428759305555556,
  "bids_meta": {
    "CogAtlasID": "http://www.cognitiveatlas.org/task/id/trm_4c8a834779883",
    "ConversionSoftware": "dcm2niix",
    "ConversionSoftwareVersion": "v1.0.20170314",
    "EchoTime": 0.03,
    "EffectiveEchoSpacing": 0.000290003,
    "FlipAngle": 90,
    "ImageType": [
      "ORIGINAL",
      "PRIMARY",
      "M",
      "ND",
      "NORM",
      "MOSAIC"
    ],
    "MagneticFieldStrength": 3,
    "Manufacturer": "Siemens",
    "ManufacturersModelName": "TrioTim",
    "PhaseEncodingDirection": "j-",
    "ProcedureStepDescription": "RESEARCH_Brain_Traumas",
    "ProtocolName": "Bold",
    "RepetitionTime": 2,
    "ScanningSequence": "EP",
    "SequenceName": "epfid2d1_80",
    "SequenceVariant": "SK",
    "SeriesDescription": "Bold",
    "SliceTiming": [
      0,
      1.0225,
      0.0575,
      1.08,
      0.115,
      1.135,
      0.17,
      1.1925,
      0.2275,
      1.25,
      0.285,
      1.3075,
      0.34,
      1.3625,
      0.3975,
      1.42,
      0.455,
      1.4775,
      0.5125,
      1.5325,
      0.5675,
      1.59,
      0.625,
      1.6475,
      0.6825,
      1.705,
      0.7375,
      1.76,
      0.795,
      1.8175,
      0.8525,
      1.875,
      0.91,
      1.93,
      0.965
    ],
    "TaskName": "rest",
    "dataset": "ds000220",
    "modality": "bold",
    "session_id": "1",
    "subject_id": "tbi10",
    "task_id": "rest"
  },
  "dummy_trs": 0,
  "dvars_nstd": 21.48344561447552,
  "dvars_std": 1.173740091188811,
  "dvars_vstd": 0.9903024965734266,
  "efc": 0.4150897565442926,
  "fber": 9864.623046875,
  "fd_mean": 0.1177980386390326,
  "fd_num": 3,
  "fd_perc": 2.0833333333333335,
  "fwhm_avg": 1.6665519444444445,
  "fwhm_x": 1.60978,
  "fwhm_y": 1.9326333333333334,
  "fwhm_z": 1.4572425,
  "gcor": 0.0221844,
  "gsr_x": -0.0179734043776989,
  "gsr_y": 0.012807938270270824,
  "provenance": {
    "md5sum": "ecfcf32326df22291710e7310fc3eab7",
    "settings": {
      "fd_thres": 0.2,
      "testing": false
    },
    "software": "mriqc",
    "version": "22.0.0rc1",
    "webapi_port": null,
    "webapi_url": "https://mriqc.nimh.nih.gov/api/v1"
  },
  "size_t": 144,
  "size_x": 80,
  "size_y": 80,
  "size_z": 35,
  "snr": 7.652569677920114,
  "spacing_tr": 2.0,
  "spacing_x": 3.0,
  "spacing_y": 3.0,
  "spacing_z": 4.0,
  "summary_bg_k": 54.75495537795516,
  "summary_bg_mad": 4.869936610943502,
  "summary_bg_mean": 21.41710090637207,
  "summary_bg_median": 7.375,
  "summary_bg_n": 157837.0,
  "summary_bg_p05": 3.180555582046509,
  "summary_bg_p95": 86.35555419921863,
  "summary_bg_stdv": 47.848697662353516,
  "summary_fg_k": 4.121265054598047,
  "summary_fg_mad": 82.23293382882301,
  "summary_fg_mean": 735.85791015625,
  "summary_fg_median": 735.388916015625,
  "summary_fg_n": 26490.0,
  "summary_fg_p05": 598.3080108642578,
  "summary_fg_p95": 881.6020874023437,
  "summary_fg_stdv": 96.09517669677734,
  "tsnr": 74.80809269053861
}