{
  "aor": 0.0008391666666666667,
  "aqi": 0.009719416944444444,
  "bids_meta": {
    "CogAtlasID": "http://www.cognitiveatlas.org/task/id/trm_4c8a834779883",
    "ConversionSoftware": "dcm2niix",
    "ConversionSoftwareVersion": "v1.0.20170314",
    "EchoTime": 0.03,
    "EffectiveEchoSpacing": 0.000290003,
    "FlipAngle": 90,
    "ImageType": [
      "ORIGINAL",
      "PRIMARY",
      "M",
      "ND",
      "NORM",
      "MOSAIC"
    ],
    "MagneticFieldStrength": 3,
    "Manufacturer": "Siemens",
    "ManufacturersModelName": "TrioTim",
    "PhaseEncodingDirection": "j-",
    "ProcedureStepDescription": "RESEARCH_Brain_Traumas",
    "ProtocolName": "Bold",
    "RepetitionTime": 2,
    "ScanningSequence": "EP",
    "SequenceName": "epfid2d1_80",
    "SequenceVariant": "SK",
    "SeriesDescription": "Bold",
    "SliceTiming": [
      0.9925,
      0,
      1.0525,
      0.0575,
      1.11,
      0.115,
      1.1675,
      0.175,
      1.2275,
      0.2325,
      1.285,
      0.2925,
      1.3425,
      0.35,
      1.4025,
      0.4075,
      1.46,
      0.4675,
      1.52,
      0.525,
      1.5775,
      0.585,
      1.635,
      0.6425,
      1.695,
      0.7,
      1.7525,
      0.76,
      1.8125,
      0.8175,
      1.87,
      0.875,
      1.9275,
      0.935
    ],
    "TaskName": "rest",
    "dataset": "ds000220",
    "modality": "bold",
    "session_id": "2",
    "subject_id": "control07",
    "task_id": "rest"
  },
  "dummy_trs": 0,
  "dvars_nstd": 30.339399031188805,
  "dvars_std": 1.2778991210489505,
  "dvars_vstd": 0.9939463831468529,
  "efc": 0.46201358571614837,
  "fber": 6884.2861328125,
  "fd_mean": 0.1975114146669626,
  "fd_num": 76,
  "fd_perc": 52.77777777777778,
  "fwhm_avg": 1.5837391666666667,
  "fwhm_x": 1.50226,
  "fwhm_y": 1.80961,
  "fwhm_z": 1.4393475,
  "gcor": 0.0122263,
  "gsr_x": -0.016053995117545128,
  "gsr_y": 0.02020709216594696,
  "provenance": {
    "md5sum": "29f44399293cb3ada06ba1852877444d",
    "settings": {
      "fd_thres": 0.2,
      "testing": false
    },
    "software": "mriqc",
    "version": "22.0.0rc1",
    "webapi_port": null,
    "webapi_url": "https://mriqc.nimh.nih.gov/api/v1"
  },
  "size_t": 144,
  "size_x": 80,
  "size_y": 80,
  "size_z": 34,
  "snr": 7.695032727553135,
  "spacing_tr": 2.0,
  "spacing_x": 3.0,
  "spacing_y": 3.0,
  "spacing_z": 4.0,
  "summary_bg_k": 40.39539984896787,
  "summary_bg_mad": 5.137628363969312,
  "summary_bg_mean": 21.179759979248047,
  "summary_bg_median": 8.06944465637207,
  "summary_bg_n": 142772.0,
  "summary_bg_p05": 3.465277910232544,
  "summary_bg_p95": 82.74618148803698,
  "summary_bg_stdv": 41.94572830200195,
  "summary_fg_k": 3.1028534797478873,
  "summary_fg_mad": 78.38227634566451,
  "summary_fg_mean": 678.2461547851562,
  "summary_fg_median": 674.3333129882812,
  "summary_fg_n": 34377.0,
  "summary_fg_p05": 553.766650390625,
  "summary_fg_p95": 820.6180419921875,
  "summary_fg_stdv": 87.63101196289062,
  "tsnr": 65.0516797369346
}