{
  "aor": 0.003053402777777778,
  "aqi": 0.00687316875,
  "bids_meta": {
    "CogAtlasID": "http://www.cognitiveatlas.org/task/id/trm_4c8a834779883",
    "ConversionSoftware": "dcm2niix",
    "ConversionSoftwareVersion": "v1.0.20170314",
    "EchoTime": 0.03,
    "EffectiveEchoSpacing": 0.000290003,
    "FlipAngle": 90,
    "ImageType": [
      "ORIGINAL",
      "PRIMARY",
      "M",
      "ND",
      "NORM",
      "MOSAIC"
    ],
    "MagneticFieldStrength": 3,
    "Manufacturer": "Siemens",
    "ManufacturersModelName": "TrioTim",
    "PhaseEncodingDirection": "j-",
    "ProcedureStepDescription": "RESEARCH_Brain_Traumas",
    "ProtocolName": "Bold",
    "RepetitionTime": 2,
    "ScanningSequence": "EP",
    "SequenceName": "_epfid2d1_80",
    "SequenceVariant": "SK",
    "SeriesDescription": "Bold",
    "SliceTiming": [
      0,
      1.0225,
      0.0575,
      1.08,
      0.115,
      1.1375,
      0.1725,
      1.1925,
      0.2275,
      1.25,
      0.285,
      1.3075,
      0.3425,
      1.365,
      0.3975,
      1.42,
      0.455,
      1.4775,
      0.5125,
      1.535,
      0.57,
      1.59,
      0.625,
      1.6475,
      0.6825,
      1.705,
      0.74,
      1.7625,
      0.795,
      1.8175,
      0.8525,
      1.875,
      0.91,
      1.9325,
      0.9675
    ],
    "TaskName": "rest",
    "dataset": "ds000220",
    "modality": "bold",
    "session_id": "3",
    "subject_id": "tbi10",
    "task_id": "rest"
  },
  "dummy_trs": 0,
  "dvars_nstd": 19.754513453916086,
  "dvars_std": 1.192504517062937,
  "dvars_vstd": 1.013610218111888,
  "efc": 0.4241573208438052,
  "fber": 8881.255859375,
  "fd_mean": 0.09107871608211376,
  "fd_num": 2,
  "fd_perc": 1.3888888888888888,
  "fwhm_avg": 1.6883855555555556,
  "fwhm_x": 1.6852,
  "fwhm_y": 1.9578366666666664,
  "fwhm_z": 1.42212,
  "gcor": 0.0236036,
  "gsr_x": -0.021766237914562225,
  "gsr_y": 0.030979055911302567,
  "provenance": {
    "md5sum": "2620fd2b74c60b1881b7033be9573ce8",
    "settings": {
      "fd_thres": 0.2,
      "testing": false
    },
    "software": "mriqc",
    "version": "22.0.0rc1",
    "webapi_port": null,
    "webapi_url": "https://mriqc.nimh.nih.gov/api/v1"
  },
  "size_t": 144,
  "size_x": 80,
  "size_y": 80,
  "size_z": 35,
  "snr": 7.396137479391987,
  "spacing_tr": 2.0,
  "spacing_x": 3.0,
  "spacing_y": 3.0,
  "spacing_z": 4.0,
  "summary_bg_k": 50.00748054579788,
  "summary_bg_mad": 5.58034993832416,
  "summary_bg_mean": 23.39072608947754,
  "summary_bg_median": 7.5,
  "summary_bg_n": 157300.0,
  "summary_bg_p05": 3.0138888359069824,
  "summary_bg_p95": 97.45833587646484,
  "summary_bg_stdv": 47.82728958129883,
  "summary_fg_k": 3.6421337247692414,
  "summary_fg_mad": 83.84421404749432,
  "summary_fg_mean": 710.595703125,
  "summary_fg_median": 709.1875,
  "summary_fg_n": 26890.0,
  "summary_fg_p05": 574.0687622070312,
  "summary_fg_p95": 858.9628631591796,
  "summary_fg_stdv": 95.88441467285156,
  "tsnr": 76.62691383063793
}