{
  "aor": 0.00046222222222222227,
  "aqi": 0.01265805076388889,
  "bids_meta": {
    "BodyPartExamined": "BRAIN",
    "CogAtlasID": "http://www.cognitiveatlas.org/task/id/trm_4c8a834779883",
    "ConversionSoftware": "dcm2niix",
    "ConversionSoftwareVersion": "v1.0.20170314",
    "EchoTime": 0.025,
    "EffectiveEchoSpacing": 0.000264999,
    "FlipAngle": 80,
    "ImageType": [
      "ORIGINAL",
      "PRIMARY",
      "M",
      "ND",
      "NORM",
      "MOSAIC"
    ],
    "MagneticFieldStrength": 3,
    "Manufacturer": "Siemens",
    "ManufacturersModelName": "Prisma_fit",
    "PhaseEncodingDirection": "j-",
    "ProcedureStepDescription": "Investigators_20_ch_FGH3",
    "ProtocolName": "Rest_1",
    "RepetitionTime": 2,
    "ScanningSequence": "EP",
    "SequenceName": "_epfid2d1_80",
    "SequenceVariant": "SK",
    "SeriesDescription": "Rest_1",
    "SliceTiming": [
      1.93,
      1.88,
      1.8275,
      1.7775,
      1.7275,
      1.6775,
      1.625,
      1.575,
      1.525,
      1.4725,
      1.4225,
      1.3725,
      1.32,
      1.27,
      1.22,
      1.1675,
      1.1175,
      1.0675,
      1.0175,
      0.965,
      0.915,
      0.865,
      0.8125,
      0.7625,
      0.7125,
      0.66,
      0.61,
      0.56,
      0.51,
      0.4575,
      0.4075,
      0.3575,
      0.305,
      0.255,
      0.205,
      0.1525,
      0.1025,
      0.0525,
      0
    ],
    "TaskName": "rest",
    "dataset": "ds000220",
    "modality": "bold",
    "session_id": "1",
    "subject_id": "control11",
    "task_id": "rest"
  },
  "dummy_trs": 0,
  "dvars_nstd": 21.86130467650348,
  "dvars_std": 1.0371111858741264,
  "dvars_vstd": 0.9445724814685313,
  "efc": 0.4654027545734064,
  "fber": 4269.4345703125,
  "fd_mean": 0.15847636359175304,
  "fd_num": 36,
  "fd_perc": 25.0,
  "fwhm_avg": 1.7087666666666668,
  "fwhm_x": 1.6990866666666669,
  "fwhm_y": 1.8943133333333335,
  "fwhm_z": 1.5329,
  "gcor": 0.0175075,
  "gsr_x": -0.019340764731168747,
  "gsr_y": 0.012649440206587315,
  "provenance": {
    "md5sum": "13c7d3b483bb0f58cd7c828a8496c425",
    "settings": {
      "fd_thres": 0.2,
      "testing": false
    },
    "software": "mriqc",
    "version": "22.0.0rc1",
    "webapi_port": null,
    "webapi_url": "https://mriqc.nimh.nih.gov/api/v1"
  },
  "size_t": 144,
  "size_x": 80,
  "size_y": 80,
  "size_z": 39,
  "snr": 7.959529440048011,
  "spacing_tr": 2.0,
  "spacing_x": 3.0,
  "spacing_y": 3.0,
  "spacing_z": 4.0,
  "summary_bg_k": 30.10823733075346,
  "summary_bg_mad": 5.724491270821226,
  "summary_bg_mean": 33.680694580078125,
  "summary_bg_median": 11.05555534362793,
  "summary_bg_n": 171733.0,
  "summary_bg_p05": 6.138888835906982,
  "summary_bg_p95": 147.65972900390625,
  "summary_bg_stdv": 65.46049499511719,
  "summary_fg_k": 1.6074209615403667,
  "summary_fg_mad": 86.98447304942857,
  "summary_fg_mean": 731.7671508789062,
  "summary_fg_median": 726.201416015625,
  "summary_fg_n": 34702.0,
  "summary_fg_p05": 605.3823059082031,
  "summary_fg_p95": 883.6385681152343,
  "summary_fg_stdv": 91.23541259765625,
  "tsnr": 60.27463656384498
}