{
  "aor": 0.000764861111111111,
  "aqi": 0.006374101111111111,
  "bids_meta": {
    "CogAtlasID": "http://www.cognitiveatlas.org/task/id/trm_4c8a834779883",
    "ConversionSoftware": "dcm2niix",
    "ConversionSoftwareVersion": "v1.0.20170314",
    "EchoTime": 0.03,
    "EffectiveEchoSpacing": 0.000290003,
    "FlipAngle": 90,
    "ImageType": [
      "ORIGINAL",
      "PRIMARY",
      "M",
      "ND",
      "NORM",
      "MOSAIC"
    ],
    "MagneticFieldStrength": 3,
    "Manufacturer": "Siemens",
    "ManufacturersModelName": "TrioTim",
    "PhaseEncodingDirection": "j-",
    "ProcedureStepDescription": "RESEARCH_Brain_Traumas",
    "ProtocolName": "Bold",
    "RepetitionTime": 2,
    "ScanningSequence": "EP",
    "SequenceName": "_epfid2d1_80",
    "SequenceVariant": "SK",
    "SeriesDescription": "Bold",
    "SliceTiming": [
      0,
      1.0225,
      0.0575,
      1.08,
      0.1125,
      1.135,
      0.17,
      1.1925,
      0.2275,
      1.25,
      0.285,
      1.305,
      0.34,
      1.3625,
      0.3975,
      1.42,
      0.455,
      1.4775,
      0.51,
      1.5325,
      0.5675,
      1.59,
      0.625,
      1.6475,
      0.6825,
      1.7025,
      0.7375,
      1.76,
      0.795,
      1.8175,
      0.8525,
      1.875,
      0.9075,
      1.93,
      0.965
    ],
    "TaskName": "rest",
    "dataset": "ds000220",
    "modality": "bold",
    "session_id": "2",
    "subject_id": "tbi12",
    "task_id": "rest"
  },
  "dummy_trs": 0,
  "dvars_nstd": 18.025458209020975,
  "dvars_std": 1.1002177293006994,
  "dvars_vstd": 0.99213607923077,
  "efc": 0.41559243306881843,
  "fber": 10285.7490234375,
  "fd_mean": 0.08897282728633123,
  "fd_num": 1,
  "fd_perc": 0.6944444444444444,
  "fwhm_avg": 1.7135422222222223,
  "fwhm_x": 1.67119,
  "fwhm_y": 1.9823466666666667,
  "fwhm_z": 1.48709,
  "gcor": 0.00955444,
  "gsr_x": -0.016950484365224838,
  "gsr_y": 0.017399907112121582,
  "provenance": {
    "md5sum": "fb142e0267782a2e1c6e551d746a19c4",
    "settings": {
      "fd_thres": 0.2,
      "testing": false
    },
    "software": "mriqc",
    "version": "22.0.0rc1",
    "webapi_port": null,
    "webapi_url": "https://mriqc.nimh.nih.gov/api/v1"
  },
  "size_t": 144,
  "size_x": 80,
  "size_y": 80,
  "size_z": 35,
  "snr": 7.762216577256865,
  "spacing_tr": 2.0,
  "spacing_x": 3.0,
  "spacing_y": 3.0,
  "spacing_z": 4.0,
  "summary_bg_k": 62.64565397766543,
  "summary_bg_mad": 5.436207898867265,
  "summary_bg_mean": 23.291854858398438,
  "summary_bg_median": 8.395833015441895,
  "summary_bg_n": 156805.0,
  "summary_bg_p05": 3.722222328186035,
  "summary_bg_p95": 84.85277557373038,
  "summary_bg_stdv": 53.988319396972656,
  "summary_fg_k": 3.330957297983436,
  "summary_fg_mad": 93.98045702257285,
  "summary_fg_mean": 855.9608154296875,
  "summary_fg_median": 856.7986450195312,
  "summary_fg_n": 27317.0,
  "summary_fg_p05": 687.9930541992188,
  "summary_fg_p95": 1024.2513916015623,
  "summary_fg_stdv": 110.37864685058594,
  "tsnr": 83.77667943714187
}