{
  "aor": 0.003547638888888889,
  "aqi": 0.01148760673611111,
  "bids_meta": {
    "CogAtlasID": "http://www.cognitiveatlas.org/task/id/trm_4c8a834779883",
    "ConversionSoftware": "dcm2niix",
    "ConversionSoftwareVersion": "v1.0.20170314",
    "EchoTime": 0.03,
    "EffectiveEchoSpacing": 0.000290003,
    "FlipAngle": 90,
    "ImageType": [
      "ORIGINAL",
      "PRIMARY",
      "M",
      "ND",
      "NORM",
      "MOSAIC"
    ],
    "MagneticFieldStrength": 3,
    "Manufacturer": "Siemens",
    "ManufacturersModelName": "TrioTim",
    "PhaseEncodingDirection": "j-",
    "ProcedureStepDescription": "RESEARCH_Brain_Traumas",
    "ProtocolName": "Bold",
    "RepetitionTime": 2,
    "ScanningSequence": "EP",
    "SequenceName": "_epfid2d1_80",
    "SequenceVariant": "SK",
    "SeriesDescription": "Bold",
    "SliceTiming": [
      0,
      1.02,
      0.055,
      1.0775,
      0.1125,
      1.135,
      0.17,
      1.1925,
      0.225,
      1.2475,
      0.2825,
      1.305,
      0.34,
      1.3625,
      0.3975,
      1.4175,
      0.4525,
      1.475,
      0.51,
      1.5325,
      0.5675,
      1.59,
      0.6225,
      1.645,
      0.68,
      1.7025,
      0.7375,
      1.76,
      0.795,
      1.815,
      0.85,
      1.8725,
      0.9075,
      1.93,
      0.965
    ],
    "TaskName": "rest",
    "dataset": "ds000220",
    "modality": "bold",
    "session_id": "3",
    "subject_id": "tbi09",
    "task_id": "rest"
  },
  "dummy_trs": 0,
  "dvars_nstd": 24.1399752876923,
  "dvars_std": 1.2302454922377621,
  "dvars_vstd": 0.9978731016783214,
  "efc": 0.4069140714594739,
  "fber": 11769.38671875,
  "fd_mean": 0.14308954439289637,
  "fd_num": 19,
  "fd_perc": 13.194444444444445,
  "fwhm_avg": 1.675835,
  "fwhm_x": 1.6226866666666666,
  "fwhm_y": 1.9455133333333334,
  "fwhm_z": 1.459305,
  "gcor": 0.0146808,
  "gsr_x": -0.02011992037296295,
  "gsr_y": 0.014639019034802914,
  "provenance": {
    "md5sum": "d2e742e44d800c6317ad67116a93f743",
    "settings": {
      "fd_thres": 0.2,
      "testing": false
    },
    "software": "mriqc",
    "version": "22.0.0rc1",
    "webapi_port": null,
    "webapi_url": "https://mriqc.nimh.nih.gov/api/v1"
  },
  "size_t": 144,
  "size_x": 80,
  "size_y": 80,
  "size_z": 35,
  "snr": 7.506770880946757,
  "spacing_tr": 2.0,
  "spacing_x": 3.0,
  "spacing_y": 3.0,
  "spacing_z": 4.0,
  "summary_bg_k": 88.99802200907513,
  "summary_bg_mad": 4.458102818460796,
  "summary_bg_mean": 17.399166107177734,
  "summary_bg_median": 7.173611164093018,
  "summary_bg_n": 156710.0,
  "summary_bg_p05": 3.2708332538604736,
  "summary_bg_p95": 57.14270782470695,
  "summary_bg_stdv": 40.97321701049805,
  "summary_fg_k": 3.812687689038862,
  "summary_fg_mad": 88.7296344926042,
  "summary_fg_mean": 781.7478637695312,
  "summary_fg_median": 781.5277709960938,
  "summary_fg_n": 27684.0,
  "summary_fg_p05": 628.2749877929688,
  "summary_fg_p95": 943.4736236572262,
  "summary_fg_stdv": 104.10783386230469,
  "tsnr": 66.12762683071196
}