{
  "aor": 0.0032211111111111112,
  "aqi": 0.00687742361111111,
  "bids_meta": {
    "CogAtlasID": "http://www.cognitiveatlas.org/task/id/trm_4c8a834779883",
    "EchoTime": 0.034,
    "FlipAngle": 90,
    "ImageType": [
      "IMAGE",
      "M series"
    ],
    "MagneticFieldStrength": 3,
    "Manufacturer": "Philips",
    "ManufacturersModelName": "Achieva",
    "ProcedureStepDescription": "none",
    "ProtocolName": "NO_STIMULATION SENSE",
    "RepetitionTime": 2,
    "ScanningSequence": "EP",
    "SequenceName": "NO_STIMULATION SENSE",
    "SequenceVariant": "SK",
    "SeriesDescription": "NO_STIMULATION SENSE",
    "TaskName": "rest",
    "dataset": "ds000220",
    "modality": "bold",
    "session_id": "2",
    "subject_id": "control01",
    "task_id": "rest"
  },
  "dummy_trs": 0,
  "dvars_nstd": 27.995733714405606,
  "dvars_std": 1.2827589804895114,
  "dvars_vstd": 1.0017157596503492,
  "efc": 0.4128053957454582,
  "fber": 655432.9375,
  "fd_mean": 0.12888318878852661,
  "fd_num": 18,
  "fd_perc": 12.5,
  "fwhm_avg": 2.295825333333333,
  "fwhm_x": 2.527893333333333,
  "fwhm_y": 2.8966026666666664,
  "fwhm_z": 1.46298,
  "gcor": 0.0376977,
  "gsr_x": -0.014523794874548912,
  "gsr_y": 0.019050054252147675,
  "provenance": {
    "md5sum": "0a1ca8629124038b84f3e23f98e41ca3",
    "settings": {
      "fd_thres": 0.2,
      "testing": false
    },
    "software": "mriqc",
    "version": "22.0.0rc1",
    "webapi_port": null,
    "webapi_url": "https://mriqc.nimh.nih.gov/api/v1"
  },
  "size_t": 144,
  "size_x": 128,
  "size_y": 128,
  "size_z": 34,
  "snr": 4.961236121014519,
  "spacing_tr": 2.0,
  "spacing_x": 1.875,
  "spacing_y": 1.875,
  "spacing_z": 4.0,
  "summary_bg_k": 60.80420960631312,
  "summary_bg_mad": 1.744205206826052,
  "summary_bg_mean": 26.960092544555664,
  "summary_bg_median": 1.1856178045272827,
  "summary_bg_n": 398005.0,
  "summary_bg_p05": 0.006911205220967532,
  "summary_bg_p95": 139.67150268554687,
  "summary_bg_stdv": 70.57945251464844,
  "summary_fg_k": 2.1791140784020193,
  "summary_fg_mad": 176.59064723866086,
  "summary_fg_mean": 1040.2296142578125,
  "summary_fg_median": 1022.4675903320312,
  "summary_fg_n": 76493.0,
  "summary_fg_p05": 747.9612915039063,
  "summary_fg_p95": 1386.6421142578124,
  "summary_fg_stdv": 206.08995056152344,
  "tsnr": 59.26844787597656
}