{
  "aor": 0.002027361111111111,
  "aqi": 0.010423700069444446,
  "bids_meta": {
    "CogAtlasID": "http://www.cognitiveatlas.org/task/id/trm_4c8a834779883",
    "ConversionSoftware": "dcm2niix",
    "ConversionSoftwareVersion": "v1.0.20170314",
    "EchoTime": 0.03,
    "EffectiveEchoSpacing": 0.000290003,
    "FlipAngle": 90,
    "ImageType": [
      "ORIGINAL",
      "PRIMARY",
      "M",
      "ND",
      "NORM",
      "MOSAIC"
    ],
    "MagneticFieldStrength": 3,
    "Manufacturer": "Siemens",
    "ManufacturersModelName": "TrioTim",
    "PhaseEncodingDirection": "j-",
    "ProcedureStepDescription": "RESEARCH_Brain_Traumas",
    "ProtocolName": "Bold",
    "RepetitionTime": 2,
    "ScanningSequence": "EP",
    "SequenceName": "_epfid2d1_80",
    "SequenceVariant": "SK",
    "SeriesDescription": "Bold",
    "SliceTiming": [
      0,
      1.0225,
      0.0575,
      1.08,
      0.1125,
      1.135,
      0.17,
      1.1925,
      0.2275,
      1.25,
      0.285,
      1.3075,
      0.34,
      1.3625,
      0.3975,
      1.42,
      0.455,
      1.4775,
      0.51,
      1.5325,
      0.5675,
      1.59,
      0.625,
      1.6475,
      0.6825,
      1.705,
      0.7375,
      1.76,
      0.795,
      1.8175,
      0.8525,
      1.875,
      0.9075,
      1.93,
      0.965
    ],
    "TaskName": "rest",
    "dataset": "ds000220",
    "modality": "bold",
    "session_id": "1",
    "subject_id": "tbi11",
    "task_id": "rest"
  },
  "dummy_trs": 0,
  "dvars_nstd": 24.36669411027972,
  "dvars_std": 1.246470807622377,
  "dvars_vstd": 0.9962325775524475,
  "efc": 0.4676045677675351,
  "fber": 8364.0576171875,
  "fd_mean": 0.11314618752788477,
  "fd_num": 6,
  "fd_perc": 4.166666666666667,
  "fwhm_avg": 1.5878708333333336,
  "fwhm_x": 1.5105566666666668,
  "fwhm_y": 1.8408333333333333,
  "fwhm_z": 1.4122225,
  "gcor": 0.0183564,
  "gsr_x": -0.019142208620905876,
  "gsr_y": 0.02497025392949581,
  "provenance": {
    "md5sum": "9be65f7d2bd19eb0ce9693782fed3523",
    "settings": {
      "fd_thres": 0.2,
      "testing": false
    },
    "software": "mriqc",
    "version": "22.0.0rc1",
    "webapi_port": null,
    "webapi_url": "https://mriqc.nimh.nih.gov/api/v1"
  },
  "size_t": 144,
  "size_x": 80,
  "size_y": 80,
  "size_z": 35,
  "snr": 7.24113606239067,
  "spacing_tr": 2.0,
  "spacing_x": 3.0,
  "spacing_y": 3.0,
  "spacing_z": 4.0,
  "summary_bg_k": 45.57684350082801,
  "summary_bg_mad": 5.508278918595712,
  "summary_bg_mean": 24.23467254638672,
  "summary_bg_median": 8.402777671813965,
  "summary_bg_n": 145107.0,
  "summary_bg_p05": 3.4166667461395264,
  "summary_bg_p95": 112.45694503784131,
  "summary_bg_stdv": 52.217594146728516,
  "summary_fg_k": 3.8491105215913164,
  "summary_fg_mad": 91.41685101364561,
  "summary_fg_mean": 775.9789428710938,
  "summary_fg_median": 772.8055419921875,
  "summary_fg_n": 36803.0,
  "summary_fg_p05": 625.1319580078125,
  "summary_fg_p95": 944.4062561035157,
  "summary_fg_stdv": 106.722900390625,
  "tsnr": 68.18660299340263
}