{
  "aor": 0.001475138888888889,
  "aqi": 0.010007539305555556,
  "bids_meta": {
    "CogAtlasID": "http://www.cognitiveatlas.org/task/id/trm_4c8a834779883",
    "ConversionSoftware": "dcm2niix",
    "ConversionSoftwareVersion": "v1.0.20170314",
    "EchoTime": 0.03,
    "EffectiveEchoSpacing": 0.000290003,
    "FlipAngle": 90,
    "ImageType": [
      "ORIGINAL",
      "PRIMARY",
      "M",
      "ND",
      "MOSAIC"
    ],
    "MagneticFieldStrength": 3,
    "Manufacturer": "Siemens",
    "ManufacturersModelName": "TrioTim",
    "PhaseEncodingDirection": "j-",
    "ProcedureStepDescription": "Investigators_FGH3",
    "ProtocolName": "rest",
    "RepetitionTime": 2,
    "ScanningSequence": "EP",
    "SequenceName": "_epfid2d1_80",
    "SequenceVariant": "SK",
    "SeriesDescription": "rest",
    "SliceTiming": [
      0.995,
      0,
      1.0525,
      0.06,
      1.11,
      0.1175,
      1.17,
      0.175,
      1.2275,
      0.235,
      1.2875,
      0.2925,
      1.345,
      0.35,
      1.4025,
      0.41,
      1.4625,
      0.4675,
      1.52,
      0.5275,
      1.5775,
      0.585,
      1.6375,
      0.6425,
      1.695,
      0.7025,
      1.755,
      0.76,
      1.8125,
      0.82,
      1.87,
      0.8775,
      1.93,
      0.935
    ],
    "TaskName": "rest",
    "dataset": "ds000220",
    "modality": "bold",
    "session_id": "2",
    "subject_id": "tbi13",
    "task_id": "rest"
  },
  "dummy_trs": 0,
  "dvars_nstd": 26.99605136146854,
  "dvars_std": 1.1720169559440565,
  "dvars_vstd": 0.9970559339860132,
  "efc": 0.4227428335598156,
  "fber": 3257.27294921875,
  "fd_mean": 0.21993716797659443,
  "fd_num": 70,
  "fd_perc": 48.611111111111114,
  "fwhm_avg": 1.9277922222222224,
  "fwhm_x": 1.8945833333333333,
  "fwhm_y": 2.1566233333333336,
  "fwhm_z": 1.73217,
  "gcor": 0.0448908,
  "gsr_x": -0.008535386994481087,
  "gsr_y": 0.016407977789640427,
  "provenance": {
    "md5sum": "63e5ab598cfa7a26a2f19d9a6c99d675",
    "settings": {
      "fd_thres": 0.2,
      "testing": false
    },
    "software": "mriqc",
    "version": "22.0.0rc1",
    "webapi_port": null,
    "webapi_url": "https://mriqc.nimh.nih.gov/api/v1"
  },
  "size_t": 144,
  "size_x": 80,
  "size_y": 80,
  "size_z": 34,
  "snr": 6.606556800615935,
  "spacing_tr": 2.0,
  "spacing_x": 3.0,
  "spacing_y": 3.0,
  "spacing_z": 4.0,
  "summary_bg_k": 62.4656488759485,
  "summary_bg_mad": 3.685913220376024,
  "summary_bg_mean": 28.603025436401367,
  "summary_bg_median": 16.8125,
  "summary_bg_n": 152837.0,
  "summary_bg_p05": 13.395833015441895,
  "summary_bg_p95": 79.61250305175768,
  "summary_bg_stdv": 44.07209396362305,
  "summary_fg_k": 1.7589531431403085,
  "summary_fg_mad": 125.25934603894305,
  "summary_fg_mean": 967.5707397460938,
  "summary_fg_median": 967.6319580078125,
  "summary_fg_n": 26635.0,
  "summary_fg_p05": 725.3472290039062,
  "summary_fg_p95": 1202.627795410156,
  "summary_fg_stdv": 146.462646484375,
  "tsnr": 56.091671243775636
}