{
  "aor": 0.009562361111111112,
  "aqi": 0.014200745416666667,
  "bids_meta": {
    "CogAtlasID": "http://www.cognitiveatlas.org/task/id/trm_4c8a834779883",
    "EchoTime": 0.034,
    "FlipAngle": 90,
    "ImageType": [
      "IMAGE",
      "M series"
    ],
    "MagneticFieldStrength": 3,
    "Manufacturer": "Philips",
    "ManufacturersModelName": "Achieva",
    "ProcedureStepDescription": "none",
    "ProtocolName": "NO_STIMULATION SENSE",
    "RepetitionTime": 2,
    "ScanningSequence": "EP",
    "SequenceName": "NO_STIMULATION SENSE",
    "SequenceVariant": "SK",
    "SeriesDescription": "NO_STIMULATION SENSE",
    "TaskName": "rest",
    "dataset": "ds000220",
    "modality": "bold",
    "session_id": "1",
    "subject_id": "tbi01",
    "task_id": "rest"
  },
  "dummy_trs": 0,
  "dvars_nstd": 31.81286039573426,
  "dvars_std": 1.2288062551048948,
  "dvars_vstd": 0.9472147030069931,
  "efc": 0.4109305330475382,
  "fber": 46508.83984375,
  "fd_mean": 0.19692511217074193,
  "fd_num": 32,
  "fd_perc": 22.22222222222222,
  "fwhm_avg": 3.3656787777777777,
  "fwhm_x": 3.579909333333333,
  "fwhm_y": 4.430992,
  "fwhm_z": 2.086135,
  "gcor": 0.0102003,
  "gsr_x": -0.011893235146999359,
  "gsr_y": 0.025901442393660545,
  "provenance": {
    "md5sum": "2de7fcaa6151fe02fe0e842292e39b0f",
    "settings": {
      "fd_thres": 0.2,
      "testing": false
    },
    "software": "mriqc",
    "version": "22.0.0rc1",
    "webapi_port": null,
    "webapi_url": "https://mriqc.nimh.nih.gov/api/v1"
  },
  "size_t": 144,
  "size_x": 128,
  "size_y": 128,
  "size_z": 34,
  "snr": 3.7633249869188714,
  "spacing_tr": 2.0,
  "spacing_x": 1.875,
  "spacing_y": 1.875,
  "spacing_z": 4.0,
  "summary_bg_k": 207.2825582728195,
  "summary_bg_mad": 5.609144191218819,
  "summary_bg_mean": 19.35491371154785,
  "summary_bg_median": 4.53080940246582,
  "summary_bg_n": 390800.0,
  "summary_bg_p05": 0.33974893242120746,
  "summary_bg_p95": 76.43497085571289,
  "summary_bg_stdv": 56.95814895629883,
  "summary_fg_k": 1.6236072835827997,
  "summary_fg_mad": 198.83805092061573,
  "summary_fg_mean": 1052.167236328125,
  "summary_fg_median": 1000.707763671875,
  "summary_fg_n": 83084.0,
  "summary_fg_p05": 741.4240600585938,
  "summary_fg_p95": 1642.257550048827,
  "summary_fg_stdv": 265.908935546875,
  "tsnr": 41.723941802978516
}