{
  "aor": 0.013464722222222222,
  "aqi": 0.010411989444444445,
  "bids_meta": {
    "CogAtlasID": "http://www.cognitiveatlas.org/task/id/trm_4c8a834779883",
    "ConversionSoftware": "dcm2niix",
    "ConversionSoftwareVersion": "v1.0.20170314",
    "EchoTime": 0.03,
    "EffectiveEchoSpacing": 0.000290003,
    "FlipAngle": 90,
    "ImageType": [
      "ORIGINAL",
      "PRIMARY",
      "M",
      "ND",
      "NORM",
      "MOSAIC"
    ],
    "MagneticFieldStrength": 3,
    "Manufacturer": "Siemens",
    "ManufacturersModelName": "TrioTim",
    "PhaseEncodingDirection": "j-",
    "ProcedureStepDescription": "RESEARCH_Brain_Traumas",
    "ProtocolName": "Bold",
    "RepetitionTime": 2,
    "ScanningSequence": "EP",
    "SequenceName": "epfid2d1_80",
    "SequenceVariant": "SK",
    "SeriesDescription": "Bold",
    "SliceTiming": [
      0,
      1.0225,
      0.055,
      1.0775,
      0.1125,
      1.135,
      0.17,
      1.1925,
      0.2275,
      1.2475,
      0.2825,
      1.305,
      0.34,
      1.3625,
      0.3975,
      1.42,
      0.4525,
      1.475,
      0.51,
      1.5325,
      0.5675,
      1.59,
      0.625,
      1.645,
      0.68,
      1.7025,
      0.7375,
      1.76,
      0.795,
      1.8175,
      0.85,
      1.8725,
      0.9075,
      1.93,
      0.965
    ],
    "TaskName": "rest",
    "dataset": "ds000220",
    "modality": "bold",
    "session_id": "2",
    "subject_id": "tbi07",
    "task_id": "rest"
  },
  "dummy_trs": 0,
  "dvars_nstd": 23.090429145804197,
  "dvars_std": 1.2559762592307704,
  "dvars_vstd": 1.1444356676223773,
  "efc": 0.42597022236865917,
  "fber": 6952.94091796875,
  "fd_mean": 0.09536134189711953,
  "fd_num": 6,
  "fd_perc": 4.166666666666667,
  "fwhm_avg": 1.6988027777777779,
  "fwhm_x": 1.68607,
  "fwhm_y": 1.9324233333333334,
  "fwhm_z": 1.477915,
  "gcor": 0.0126651,
  "gsr_x": -0.016953783109784126,
  "gsr_y": 0.004753159824758768,
  "provenance": {
    "md5sum": "f1c9d53e9c96035ff1af8c3a41a0cce6",
    "settings": {
      "fd_thres": 0.2,
      "testing": false
    },
    "software": "mriqc",
    "version": "22.0.0rc1",
    "webapi_port": null,
    "webapi_url": "https://mriqc.nimh.nih.gov/api/v1"
  },
  "size_t": 144,
  "size_x": 80,
  "size_y": 80,
  "size_z": 35,
  "snr": 7.50945480912632,
  "spacing_tr": 2.0,
  "spacing_x": 3.0,
  "spacing_y": 3.0,
  "spacing_z": 4.0,
  "summary_bg_k": 32.0940826273092,
  "summary_bg_mad": 6.012775349735017,
  "summary_bg_mean": 25.519563674926758,
  "summary_bg_median": 8.472222328186035,
  "summary_bg_n": 158529.0,
  "summary_bg_p05": 3.3125,
  "summary_bg_p95": 110.10138702392582,
  "summary_bg_stdv": 54.18696212768555,
  "summary_fg_k": 4.513472364825686,
  "summary_fg_mad": 74.69640271503889,
  "summary_fg_mean": 703.0162963867188,
  "summary_fg_median": 704.4375,
  "summary_fg_n": 25673.0,
  "summary_fg_p05": 553.6888916015625,
  "summary_fg_p95": 841.9222290039062,
  "summary_fg_stdv": 93.80491638183594,
  "tsnr": 64.81793355499394
}