{
  "aor": 0.008982430555555556,
  "aqi": 0.014504030972222224,
  "bids_meta": {
    "CogAtlasID": "http://www.cognitiveatlas.org/task/id/trm_4c8a834779883",
    "ConversionSoftware": "dcm2niix",
    "ConversionSoftwareVersion": "v1.0.20170314",
    "EchoTime": 0.03,
    "EffectiveEchoSpacing": 0.000290003,
    "FlipAngle": 90,
    "ImageType": [
      "ORIGINAL",
      "PRIMARY",
      "M",
      "ND",
      "NORM",
      "MOSAIC"
    ],
    "MagneticFieldStrength": 3,
    "Manufacturer": "Siemens",
    "ManufacturersModelName": "TrioTim",
    "PhaseEncodingDirection": "j-",
    "ProcedureStepDescription": "RESEARCH_Brain_Traumas",
    "ProtocolName": "1back_B",
    "RepetitionTime": 2,
    "ScanningSequence": "EP",
    "SequenceName": "epfid2d1_80",
    "SequenceVariant": "SK",
    "SeriesDescription": "1back_B",
    "SliceTiming": [
      0.9925,
      0,
      1.0525,
      0.0575,
      1.11,
      0.1175,
      1.1675,
      0.175,
      1.2275,
      0.2325,
      1.285,
      0.2925,
      1.345,
      0.35,
      1.4025,
      0.4075,
      1.46,
      0.4675,
      1.52,
      0.525,
      1.5775,
      0.585,
      1.635,
      0.6425,
      1.695,
      0.7,
      1.7525,
      0.76,
      1.8125,
      0.8175,
      1.87,
      0.8775,
      1.9275,
      0.935
    ],
    "TaskName": "rest",
    "dataset": "ds000220",
    "modality": "bold",
    "session_id": "2",
    "subject_id": "tbi04",
    "task_id": "rest"
  },
  "dummy_trs": 0,
  "dvars_nstd": 22.99992620013986,
  "dvars_std": 1.224192904265735,
  "dvars_vstd": 1.0439541127272727,
  "efc": 0.4520591186096979,
  "fber": 8643.02734375,
  "fd_mean": 0.17220246604486955,
  "fd_num": 45,
  "fd_perc": 31.25,
  "fwhm_avg": 1.646276111111111,
  "fwhm_x": 1.6069066666666665,
  "fwhm_y": 1.8704766666666668,
  "fwhm_z": 1.461445,
  "gcor": 0.0126608,
  "gsr_x": -0.014556284993886948,
  "gsr_y": 0.019479239359498024,
  "provenance": {
    "md5sum": "4c785e52916b12371f1216be825763f0",
    "settings": {
      "fd_thres": 0.2,
      "testing": false
    },
    "software": "mriqc",
    "version": "22.0.0rc1",
    "webapi_port": null,
    "webapi_url": "https://mriqc.nimh.nih.gov/api/v1"
  },
  "size_t": 144,
  "size_x": 80,
  "size_y": 80,
  "size_z": 34,
  "snr": 7.573136264303252,
  "spacing_tr": 2.0,
  "spacing_x": 3.0,
  "spacing_y": 3.0,
  "spacing_z": 4.0,
  "summary_bg_k": 46.823924188926895,
  "summary_bg_mad": 6.012775349735017,
  "summary_bg_mean": 25.245296478271484,
  "summary_bg_median": 8.340277671813965,
  "summary_bg_n": 145288.0,
  "summary_bg_p05": 3.256944417953491,
  "summary_bg_p95": 99.86319465637199,
  "summary_bg_stdv": 55.25108337402344,
  "summary_fg_k": 4.0067800433377485,
  "summary_fg_mad": 87.1131962950233,
  "summary_fg_mean": 774.8352661132812,
  "summary_fg_median": 773.9791870117188,
  "summary_fg_n": 32037.0,
  "summary_fg_p05": 628.24306640625,
  "summary_fg_p95": 932.0680419921873,
  "summary_fg_stdv": 102.19902038574219,
  "tsnr": 58.29155811481178
}