{
  "aor": 0.0023229166666666663,
  "aqi": 0.012972094930555556,
  "bids_meta": {
    "CogAtlasID": "http://www.cognitiveatlas.org/task/id/trm_4c8a834779883",
    "ConversionSoftware": "dcm2niix",
    "ConversionSoftwareVersion": "v1.0.20170314",
    "EchoTime": 0.03,
    "EffectiveEchoSpacing": 0.000290003,
    "FlipAngle": 90,
    "ImageType": [
      "ORIGINAL",
      "PRIMARY",
      "M",
      "ND",
      "NORM",
      "MOSAIC"
    ],
    "MagneticFieldStrength": 3,
    "Manufacturer": "Siemens",
    "ManufacturersModelName": "TrioTim",
    "PhaseEncodingDirection": "j-",
    "ProcedureStepDescription": "RESEARCH_Brain_Traumas",
    "ProtocolName": "Bold",
    "RepetitionTime": 2,
    "ScanningSequence": "EP",
    "SequenceName": "epfid2d1_80",
    "SequenceVariant": "SK",
    "SeriesDescription": "Bold",
    "SliceTiming": [
      0.995,
      0,
      1.0525,
      0.06,
      1.1125,
      0.1175,
      1.17,
      0.175,
      1.2275,
      0.235,
      1.2875,
      0.2925,
      1.345,
      0.3525,
      1.4025,
      0.41,
      1.4625,
      0.4675,
      1.52,
      0.5275,
      1.58,
      0.585,
      1.6375,
      0.6425,
      1.695,
      0.7025,
      1.755,
      0.76,
      1.8125,
      0.82,
      1.87,
      0.8775,
      1.93,
      0.935
    ],
    "TaskName": "rest",
    "dataset": "ds000220",
    "modality": "bold",
    "session_id": "3",
    "subject_id": "tbi02",
    "task_id": "rest"
  },
  "dummy_trs": 0,
  "dvars_nstd": 22.385691836223774,
  "dvars_std": 1.0945560993006997,
  "dvars_vstd": 0.9670800988111888,
  "efc": 0.4167523617970829,
  "fber": 9309.74609375,
  "fd_mean": 0.15673523752124413,
  "fd_num": 32,
  "fd_perc": 22.22222222222222,
  "fwhm_avg": 1.650503888888889,
  "fwhm_x": 1.64421,
  "fwhm_y": 1.8361166666666666,
  "fwhm_z": 1.471185,
  "gcor": 0.0202884,
  "gsr_x": -0.006507911253720522,
  "gsr_y": 0.004066474735736847,
  "provenance": {
    "md5sum": "b843c0aca896b6d349929ca4070aa91c",
    "settings": {
      "fd_thres": 0.2,
      "testing": false
    },
    "software": "mriqc",
    "version": "22.0.0rc1",
    "webapi_port": null,
    "webapi_url": "https://mriqc.nimh.nih.gov/api/v1"
  },
  "size_t": 144,
  "size_x": 80,
  "size_y": 80,
  "size_z": 34,
  "snr": 7.530486858378203,
  "spacing_tr": 2.0,
  "spacing_x": 3.0,
  "spacing_y": 3.0,
  "spacing_z": 4.0,
  "summary_bg_k": 45.20552212459686,
  "summary_bg_mad": 6.517271780874323,
  "summary_bg_mean": 24.286727905273438,
  "summary_bg_median": 8.777777671813965,
  "summary_bg_n": 151939.0,
  "summary_bg_p05": 3.277777910232544,
  "summary_bg_p95": 89.18333511352556,
  "summary_bg_stdv": 55.12610626220703,
  "summary_fg_k": 1.6580814010113647,
  "summary_fg_mad": 106.07817983702682,
  "summary_fg_mean": 844.0878295898438,
  "summary_fg_median": 838.2986450195312,
  "summary_fg_n": 26393.0,
  "summary_fg_p05": 684.5291625976563,
  "summary_fg_p95": 1029.6486572265626,
  "summary_fg_stdv": 111.31853485107422,
  "tsnr": 55.51811876683496
}