{
  "aor": 0.003978472222222223,
  "aqi": 0.018407847013888888,
  "bids_meta": {
    "CogAtlasID": "http://www.cognitiveatlas.org/task/id/trm_4c8a834779883",
    "EchoTime": 0.034,
    "FlipAngle": 90,
    "ImageType": [
      "IMAGE",
      "M series"
    ],
    "MagneticFieldStrength": 3,
    "Manufacturer": "Philips",
    "ManufacturersModelName": "Achieva",
    "ProcedureStepDescription": "none",
    "ProtocolName": "NO_STIMULATION SENSE",
    "RepetitionTime": 2,
    "ScanningSequence": "EP",
    "SequenceName": "NO_STIMULATION SENSE",
    "SequenceVariant": "SK",
    "SeriesDescription": "NO_STIMULATION SENSE",
    "TaskName": "rest",
    "dataset": "ds000220",
    "modality": "bold",
    "session_id": "1",
    "subject_id": "control05",
    "task_id": "rest"
  },
  "dummy_trs": 0,
  "dvars_nstd": 32.22299226328672,
  "dvars_std": 1.103919808811189,
  "dvars_vstd": 0.9233387248251748,
  "efc": 0.4184921397209381,
  "fber": 199015.265625,
  "fd_mean": 0.14695571008438282,
  "fd_num": 23,
  "fd_perc": 15.972222222222221,
  "fwhm_avg": 2.3340176666666665,
  "fwhm_x": 2.6708426666666667,
  "fwhm_y": 3.0480053333333337,
  "fwhm_z": 1.283205,
  "gcor": 0.0138633,
  "gsr_x": -0.01886635459959507,
  "gsr_y": 0.031070319935679436,
  "provenance": {
    "md5sum": "b8490340858c6c1d2716e11e2e5762e9",
    "settings": {
      "fd_thres": 0.2,
      "testing": false
    },
    "software": "mriqc",
    "version": "22.0.0rc1",
    "webapi_port": null,
    "webapi_url": "https://mriqc.nimh.nih.gov/api/v1"
  },
  "size_t": 144,
  "size_x": 128,
  "size_y": 128,
  "size_z": 34,
  "snr": 5.014158559506801,
  "spacing_tr": 2.0,
  "spacing_x": 1.875,
  "spacing_y": 1.875,
  "spacing_z": 4.0,
  "summary_bg_k": 63.97843658995163,
  "summary_bg_mad": 2.91706365952468,
  "summary_bg_mean": 27.059452056884766,
  "summary_bg_median": 2.0135116577148438,
  "summary_bg_n": 399983.0,
  "summary_bg_p05": 0.032529751583933834,
  "summary_bg_p95": 130.2001617431639,
  "summary_bg_stdv": 63.73627471923828,
  "summary_fg_k": 2.67371839977434,
  "summary_fg_mad": 153.29961249066443,
  "summary_fg_mean": 945.8653564453125,
  "summary_fg_median": 939.31640625,
  "summary_fg_n": 75830.0,
  "summary_fg_p05": 664.9406066894531,
  "summary_fg_p95": 1245.5542114257812,
  "summary_fg_stdv": 187.33157348632812,
  "tsnr": 38.88628387451172
}