{
  "aor": 0.005977083333333333,
  "aqi": 0.02217754888888889,
  "bids_meta": {
    "CogAtlasID": "http://www.cognitiveatlas.org/task/id/trm_4c8a834779883",
    "ConversionSoftware": "dcm2niix",
    "ConversionSoftwareVersion": "v1.0.20170314",
    "EchoTime": 0.03,
    "EffectiveEchoSpacing": 0.000290003,
    "FlipAngle": 90,
    "ImageType": [
      "ORIGINAL",
      "PRIMARY",
      "M",
      "ND",
      "NORM",
      "MOSAIC"
    ],
    "MagneticFieldStrength": 3,
    "Manufacturer": "Siemens",
    "ManufacturersModelName": "TrioTim",
    "PhaseEncodingDirection": "j-",
    "ProcedureStepDescription": "RESEARCH_Brain_Traumas",
    "ProtocolName": "Bold",
    "RepetitionTime": 2,
    "ScanningSequence": "EP",
    "SequenceName": "_epfid2d1_80",
    "SequenceVariant": "SK",
    "SeriesDescription": "Bold",
    "SliceTiming": [
      0,
      1.0225,
      0.055,
      1.0775,
      0.1125,
      1.135,
      0.17,
      1.1925,
      0.2275,
      1.2475,
      0.2825,
      1.305,
      0.34,
      1.3625,
      0.3975,
      1.42,
      0.4525,
      1.475,
      0.51,
      1.5325,
      0.5675,
      1.59,
      0.625,
      1.645,
      0.68,
      1.7025,
      0.7375,
      1.76,
      0.795,
      1.8175,
      0.85,
      1.8725,
      0.9075,
      1.93,
      0.965
    ],
    "TaskName": "rest",
    "dataset": "ds000220",
    "modality": "bold",
    "session_id": "3",
    "subject_id": "tbi07",
    "task_id": "rest"
  },
  "dummy_trs": 0,
  "dvars_nstd": 28.177578305314672,
  "dvars_std": 1.1426629668531472,
  "dvars_vstd": 0.9980575919580421,
  "efc": 0.43045281567616367,
  "fber": 6874.87548828125,
  "fd_mean": 0.2911514657773475,
  "fd_num": 77,
  "fd_perc": 53.47222222222222,
  "fwhm_avg": 1.7701097222222224,
  "fwhm_x": 1.76936,
  "fwhm_y": 2.021106666666667,
  "fwhm_z": 1.5198625,
  "gcor": 0.0230383,
  "gsr_x": -0.020445479080080986,
  "gsr_y": 0.024834413081407547,
  "provenance": {
    "md5sum": "e4c2207ee019e95c6e99c80d4f3fa801",
    "settings": {
      "fd_thres": 0.2,
      "testing": false
    },
    "software": "mriqc",
    "version": "22.0.0rc1",
    "webapi_port": null,
    "webapi_url": "https://mriqc.nimh.nih.gov/api/v1"
  },
  "size_t": 144,
  "size_x": 80,
  "size_y": 80,
  "size_z": 35,
  "snr": 7.5593987123282265,
  "spacing_tr": 2.0,
  "spacing_x": 3.0,
  "spacing_y": 3.0,
  "spacing_z": 4.0,
  "summary_bg_k": 32.350796036208656,
  "summary_bg_mad": 7.248277434142961,
  "summary_bg_mean": 27.84414291381836,
  "summary_bg_median": 9.222222328186035,
  "summary_bg_n": 157599.0,
  "summary_bg_p05": 3.430555582046509,
  "summary_bg_p95": 117.64583587646484,
  "summary_bg_stdv": 55.294403076171875,
  "summary_fg_k": 2.645551529007765,
  "summary_fg_mad": 88.35378071363918,
  "summary_fg_mean": 760.1549072265625,
  "summary_fg_median": 760.4478759765625,
  "summary_fg_n": 26366.0,
  "summary_fg_p05": 599.5694580078125,
  "summary_fg_p95": 915.9618072509766,
  "summary_fg_stdv": 100.59443664550781,
  "tsnr": 43.552693104953505
}