{
  "aor": 0.0025621527777777778,
  "aqi": 0.010692887361111111,
  "bids_meta": {
    "CogAtlasID": "http://www.cognitiveatlas.org/task/id/trm_4c8a834779883",
    "ConversionSoftware": "dcm2niix",
    "ConversionSoftwareVersion": "v1.0.20170314",
    "EchoTime": 0.03,
    "EffectiveEchoSpacing": 0.000290003,
    "FlipAngle": 90,
    "ImageType": [
      "ORIGINAL",
      "PRIMARY",
      "M",
      "ND",
      "NORM",
      "MOSAIC"
    ],
    "MagneticFieldStrength": 3,
    "Manufacturer": "Siemens",
    "ManufacturersModelName": "TrioTim",
    "PhaseEncodingDirection": "j-",
    "ProcedureStepDescription": "RESEARCH_Brain_Traumas",
    "ProtocolName": "Bold",
    "RepetitionTime": 2,
    "ScanningSequence": "EP",
    "SequenceName": "epfid2d1_80",
    "SequenceVariant": "SK",
    "SeriesDescription": "Bold",
    "SliceTiming": [
      0.9925,
      0,
      1.0525,
      0.0575,
      1.11,
      0.1175,
      1.1675,
      0.175,
      1.2275,
      0.2325,
      1.285,
      0.2925,
      1.345,
      0.35,
      1.4025,
      0.4075,
      1.46,
      0.4675,
      1.52,
      0.525,
      1.5775,
      0.585,
      1.635,
      0.6425,
      1.695,
      0.7,
      1.7525,
      0.76,
      1.8125,
      0.8175,
      1.87,
      0.875,
      1.9275,
      0.935
    ],
    "TaskName": "rest",
    "dataset": "ds000220",
    "modality": "bold",
    "session_id": "1",
    "subject_id": "tbi03",
    "task_id": "rest"
  },
  "dummy_trs": 0,
  "dvars_nstd": 24.36908999356645,
  "dvars_std": 1.1640343718881117,
  "dvars_vstd": 0.9811162981818186,
  "efc": 0.3940927715824619,
  "fber": 11181.046875,
  "fd_mean": 0.24983812655357412,
  "fd_num": 90,
  "fd_perc": 62.5,
  "fwhm_avg": 1.637799722222222,
  "fwhm_x": 1.5755933333333332,
  "fwhm_y": 1.8996733333333333,
  "fwhm_z": 1.4381325,
  "gcor": 0.0180494,
  "gsr_x": -0.027790507301688194,
  "gsr_y": 0.012155875563621521,
  "provenance": {
    "md5sum": "27c921ce4b4225d8f5c912ab94700007",
    "settings": {
      "fd_thres": 0.2,
      "testing": false
    },
    "software": "mriqc",
    "version": "22.0.0rc1",
    "webapi_port": null,
    "webapi_url": "https://mriqc.nimh.nih.gov/api/v1"
  },
  "size_t": 144,
  "size_x": 80,
  "size_y": 80,
  "size_z": 34,
  "snr": 7.372899709610524,
  "spacing_tr": 2.0,
  "spacing_x": 3.0,
  "spacing_y": 3.0,
  "spacing_z": 4.0,
  "summary_bg_k": 38.4086847626353,
  "summary_bg_mad": 4.94200763067195,
  "summary_bg_mean": 23.900196075439453,
  "summary_bg_median": 7.611111164093018,
  "summary_bg_n": 157682.0,
  "summary_bg_p05": 3.368055582046509,
  "summary_bg_p95": 92.08298873901354,
  "summary_bg_stdv": 56.90269470214844,
  "summary_fg_k": 1.3964759569958485,
  "summary_fg_mad": 109.26979240091187,
  "summary_fg_mean": 805.5280151367188,
  "summary_fg_median": 800.0902709960938,
  "summary_fg_n": 22387.0,
  "summary_fg_p05": 654.2034851074219,
  "summary_fg_p95": 985.7208557128906,
  "summary_fg_stdv": 108.51529693603516,
  "tsnr": 59.2995312474668
}