{
  "aor": 0.0011550694444444445,
  "aqi": 0.01241410125,
  "bids_meta": {
    "CogAtlasID": "http://www.cognitiveatlas.org/task/id/trm_4c8a834779883",
    "ConversionSoftware": "dcm2niix",
    "ConversionSoftwareVersion": "v1.0.20170314",
    "EchoTime": 0.03,
    "EffectiveEchoSpacing": 0.000290003,
    "FlipAngle": 90,
    "ImageType": [
      "ORIGINAL",
      "PRIMARY",
      "M",
      "ND",
      "NORM",
      "MOSAIC"
    ],
    "MagneticFieldStrength": 3,
    "Manufacturer": "Siemens",
    "ManufacturersModelName": "TrioTim",
    "PhaseEncodingDirection": "j-",
    "ProcedureStepDescription": "RESEARCH_Brain_Traumas",
    "ProtocolName": "Bold",
    "RepetitionTime": 2,
    "ScanningSequence": "EP",
    "SequenceName": "epfid2d1_80",
    "SequenceVariant": "SK",
    "SeriesDescription": "Bold",
    "SliceTiming": [
      0,
      1.02,
      0.055,
      1.0775,
      0.1125,
      1.135,
      0.17,
      1.1925,
      0.225,
      1.2475,
      0.2825,
      1.305,
      0.34,
      1.3625,
      0.3975,
      1.4175,
      0.4525,
      1.475,
      0.51,
      1.5325,
      0.5675,
      1.59,
      0.6225,
      1.645,
      0.68,
      1.7025,
      0.7375,
      1.76,
      0.795,
      1.815,
      0.85,
      1.8725,
      0.9075,
      1.93,
      0.965
    ],
    "TaskName": "rest",
    "dataset": "ds000220",
    "modality": "bold",
    "session_id": "1",
    "subject_id": "tbi05",
    "task_id": "rest"
  },
  "dummy_trs": 0,
  "dvars_nstd": 29.967919409580418,
  "dvars_std": 1.3464726051048959,
  "dvars_vstd": 0.9696894296503494,
  "efc": 0.4369745463487565,
  "fber": 8988.4296875,
  "fd_mean": 0.20184492294187206,
  "fd_num": 64,
  "fd_perc": 44.44444444444444,
  "fwhm_avg": 1.7456452777777776,
  "fwhm_x": 1.7110566666666667,
  "fwhm_y": 1.9883566666666666,
  "fwhm_z": 1.5375225,
  "gcor": 0.0271008,
  "gsr_x": -0.015258237719535828,
  "gsr_y": 0.02198805660009384,
  "provenance": {
    "md5sum": "788a8f64d44a43d6135b7208f3afb77f",
    "settings": {
      "fd_thres": 0.2,
      "testing": false
    },
    "software": "mriqc",
    "version": "22.0.0rc1",
    "webapi_port": null,
    "webapi_url": "https://mriqc.nimh.nih.gov/api/v1"
  },
  "size_t": 144,
  "size_x": 80,
  "size_y": 80,
  "size_z": 35,
  "snr": 7.04899363864323,
  "spacing_tr": 2.0,
  "spacing_x": 3.0,
  "spacing_y": 3.0,
  "spacing_z": 4.0,
  "summary_bg_k": 36.93260481119607,
  "summary_bg_mad": 6.074550206519475,
  "summary_bg_mean": 23.782936096191406,
  "summary_bg_median": 8.083333015441895,
  "summary_bg_n": 153209.0,
  "summary_bg_p05": 3.118055582046509,
  "summary_bg_p95": 94.63611297607426,
  "summary_bg_stdv": 48.255149841308594,
  "summary_fg_k": 2.7178151815800478,
  "summary_fg_mad": 93.63043838358483,
  "summary_fg_mean": 777.0758056640625,
  "summary_fg_median": 776.6597290039062,
  "summary_fg_n": 29975.0,
  "summary_fg_p05": 611.6347412109375,
  "summary_fg_p95": 950.6701538085937,
  "summary_fg_stdv": 110.17839050292969,
  "tsnr": 59.41643655532971
}