{
  "aor": 0.0004925694444444443,
  "aqi": 0.009771134583333334,
  "bids_meta": {
    "BodyPartExamined": "BRAIN",
    "CogAtlasID": "http://www.cognitiveatlas.org/task/id/trm_4c8a834779883",
    "ConversionSoftware": "dcm2niix",
    "ConversionSoftwareVersion": "v1.0.20170314",
    "EchoTime": 0.025,
    "EffectiveEchoSpacing": 0.000264999,
    "FlipAngle": 80,
    "ImageType": [
      "ORIGINAL",
      "PRIMARY",
      "M",
      "ND",
      "NORM",
      "MOSAIC"
    ],
    "MagneticFieldStrength": 3,
    "Manufacturer": "Siemens",
    "ManufacturersModelName": "Prisma_fit",
    "PhaseEncodingDirection": "j-",
    "ProcedureStepDescription": "Investigators_20_ch_FGH3",
    "ProtocolName": "basic_functional_scan_rest",
    "RepetitionTime": 2,
    "ScanningSequence": "EP",
    "SequenceName": "_epfid2d1_80",
    "SequenceVariant": "SK",
    "SeriesDescription": "basic_functional_scan_rest",
    "SliceTiming": [
      1.9275,
      1.8775,
      1.8275,
      1.775,
      1.725,
      1.675,
      1.6225,
      1.5725,
      1.5225,
      1.47,
      1.42,
      1.37,
      1.32,
      1.2675,
      1.2175,
      1.1675,
      1.115,
      1.065,
      1.015,
      0.9625,
      0.9125,
      0.8625,
      0.81,
      0.76,
      0.71,
      0.66,
      0.6075,
      0.5575,
      0.5075,
      0.455,
      0.405,
      0.355,
      0.3025,
      0.2525,
      0.2025,
      0.1525,
      0.1,
      0.05,
      0
    ],
    "TaskName": "rest",
    "dataset": "ds000220",
    "modality": "bold",
    "session_id": "1",
    "subject_id": "control12",
    "task_id": "rest"
  },
  "dummy_trs": 0,
  "dvars_nstd": 24.833995218811193,
  "dvars_std": 1.2204317957342652,
  "dvars_vstd": 0.9726695167832163,
  "efc": 0.43914205429248576,
  "fber": 4267.16357421875,
  "fd_mean": 0.14156030103402095,
  "fd_num": 21,
  "fd_perc": 14.583333333333334,
  "fwhm_avg": 1.6448688888888887,
  "fwhm_x": 1.5726066666666665,
  "fwhm_y": 1.7798566666666666,
  "fwhm_z": 1.5821433333333335,
  "gcor": 0.00799016,
  "gsr_x": -0.021858565509319305,
  "gsr_y": 0.01226256974041462,
  "provenance": {
    "md5sum": "99ae3c14a75e56349d4d3e8af2ddb5bd",
    "settings": {
      "fd_thres": 0.2,
      "testing": false
    },
    "software": "mriqc",
    "version": "22.0.0rc1",
    "webapi_port": null,
    "webapi_url": "https://mriqc.nimh.nih.gov/api/v1"
  },
  "size_t": 144,
  "size_x": 80,
  "size_y": 80,
  "size_z": 39,
  "snr": 8.4143674346834,
  "spacing_tr": 2.0,
  "spacing_x": 3.0,
  "spacing_y": 3.0,
  "spacing_z": 3.0,
  "summary_bg_k": 64.42586000723949,
  "summary_bg_mad": 4.0359728630341,
  "summary_bg_mean": 21.467233657836914,
  "summary_bg_median": 9.791666984558105,
  "summary_bg_n": 174983.0,
  "summary_bg_p05": 5.722222328186035,
  "summary_bg_p95": 73.05486297607418,
  "summary_bg_stdv": 42.40608215332031,
  "summary_fg_k": 3.6001799442701623,
  "summary_fg_mad": 69.0336657991671,
  "summary_fg_mean": 640.9207153320312,
  "summary_fg_median": 636.3646240234375,
  "summary_fg_n": 33600.0,
  "summary_fg_p05": 537.1805419921875,
  "summary_fg_p95": 763.8198059082031,
  "summary_fg_stdv": 75.62721252441406,
  "tsnr": 69.61537822103128
}