{
  "aor": 0.000835138888888889,
  "aqi": 0.005136544027777777,
  "bids_meta": {
    "CogAtlasID": "http://www.cognitiveatlas.org/task/id/trm_4c8a834779883",
    "ConversionSoftware": "dcm2niix",
    "ConversionSoftwareVersion": "v1.0.20170314",
    "EchoTime": 0.03,
    "EffectiveEchoSpacing": 0.000290003,
    "FlipAngle": 90,
    "ImageType": [
      "ORIGINAL",
      "PRIMARY",
      "M",
      "ND",
      "MOSAIC"
    ],
    "MagneticFieldStrength": 3,
    "Manufacturer": "Siemens",
    "ManufacturersModelName": "TrioTim",
    "PhaseEncodingDirection": "j-",
    "ProcedureStepDescription": "Investigators_FGH3",
    "ProtocolName": "rest",
    "RepetitionTime": 2,
    "ScanningSequence": "EP",
    "SequenceName": "_epfid2d1_80",
    "SequenceVariant": "SK",
    "SeriesDescription": "rest",
    "SliceTiming": [
      0,
      1.0225,
      0.0575,
      1.0775,
      0.1125,
      1.135,
      0.17,
      1.1925,
      0.2275,
      1.25,
      0.2825,
      1.305,
      0.34,
      1.3625,
      0.3975,
      1.42,
      0.455,
      1.475,
      0.51,
      1.5325,
      0.5675,
      1.59,
      0.625,
      1.6475,
      0.68,
      1.7025,
      0.7375,
      1.76,
      0.795,
      1.8175,
      0.8525,
      1.8725,
      0.9075,
      1.93,
      0.965
    ],
    "TaskName": "rest",
    "dataset": "ds000220",
    "modality": "bold",
    "session_id": "2",
    "subject_id": "tbi14",
    "task_id": "rest"
  },
  "dummy_trs": 0,
  "dvars_nstd": 20.01003194741259,
  "dvars_std": 1.0774023046853152,
  "dvars_vstd": 1.001690589160839,
  "efc": 0.442085307354798,
  "fber": 2394.12646484375,
  "fd_mean": 0.071450236880213,
  "fd_num": 1,
  "fd_perc": 0.6944444444444444,
  "fwhm_avg": 2.1370408333333333,
  "fwhm_x": 2.116076666666667,
  "fwhm_y": 2.356473333333333,
  "fwhm_z": 1.9385725,
  "gcor": 0.0232705,
  "gsr_x": -0.005242646671831608,
  "gsr_y": 0.005893401335924864,
  "provenance": {
    "md5sum": "cf6594d6915fbd2dd44666c5db606e3e",
    "settings": {
      "fd_thres": 0.2,
      "testing": false
    },
    "software": "mriqc",
    "version": "22.0.0rc1",
    "webapi_port": null,
    "webapi_url": "https://mriqc.nimh.nih.gov/api/v1"
  },
  "size_t": 144,
  "size_x": 80,
  "size_y": 80,
  "size_z": 35,
  "snr": 4.8682624165936454,
  "spacing_tr": 2.0,
  "spacing_x": 3.0,
  "spacing_y": 3.0,
  "spacing_z": 4.0,
  "summary_bg_k": 69.3391806458698,
  "summary_bg_mad": 4.025678114009767,
  "summary_bg_mean": 31.02136993408203,
  "summary_bg_median": 16.53472328186035,
  "summary_bg_n": 154961.0,
  "summary_bg_p05": 13.020833015441895,
  "summary_bg_p95": 99.54861450195312,
  "summary_bg_stdv": 52.245094299316406,
  "summary_fg_k": 1.4281628365380232,
  "summary_fg_mad": 143.791783279405,
  "summary_fg_mean": 825.8859252929688,
  "summary_fg_median": 812.6041870117188,
  "summary_fg_n": 29409.0,
  "summary_fg_p05": 572.7110961914062,
  "summary_fg_p95": 1112.8055419921875,
  "summary_fg_stdv": 166.9158935546875,
  "tsnr": 72.35760478070006
}