{
  "aor": 0.026294791666666664,
  "aqi": 0.02490198659722222,
  "bids_meta": {
    "CogAtlasID": "http://www.cognitiveatlas.org/task/id/trm_4c8a834779883",
    "ConversionSoftware": "dcm2niix",
    "ConversionSoftwareVersion": "v1.0.20170314",
    "EchoTime": 0.03,
    "EffectiveEchoSpacing": 0.000290003,
    "FlipAngle": 90,
    "ImageType": [
      "ORIGINAL",
      "PRIMARY",
      "M",
      "ND",
      "NORM",
      "MOSAIC"
    ],
    "MagneticFieldStrength": 3,
    "Manufacturer": "Siemens",
    "ManufacturersModelName": "TrioTim",
    "PhaseEncodingDirection": "j-",
    "ProcedureStepDescription": "RESEARCH_Brain_Traumas",
    "ProtocolName": "Bold",
    "RepetitionTime": 2,
    "ScanningSequence": "EP",
    "SequenceName": "epfid2d1_80",
    "SequenceVariant": "SK",
    "SeriesDescription": "Bold",
    "SliceTiming": [
      0.9925,
      0,
      1.0525,
      0.0575,
      1.11,
      0.1175,
      1.1675,
      0.175,
      1.2275,
      0.2325,
      1.285,
      0.2925,
      1.345,
      0.35,
      1.4025,
      0.4075,
      1.46,
      0.4675,
      1.52,
      0.525,
      1.5775,
      0.585,
      1.635,
      0.6425,
      1.695,
      0.7,
      1.7525,
      0.76,
      1.8125,
      0.8175,
      1.87,
      0.8775,
      1.9275,
      0.935
    ],
    "TaskName": "rest",
    "dataset": "ds000220",
    "modality": "bold",
    "session_id": "2",
    "subject_id": "tbi03",
    "task_id": "rest"
  },
  "dummy_trs": 0,
  "dvars_nstd": 24.92896753573427,
  "dvars_std": 1.0864235237762239,
  "dvars_vstd": 0.9469139422377626,
  "efc": 0.39811681004105764,
  "fber": 10265.048828125,
  "fd_mean": 0.24485874448902015,
  "fd_num": 60,
  "fd_perc": 41.666666666666664,
  "fwhm_avg": 1.6540619444444442,
  "fwhm_x": 1.6005233333333333,
  "fwhm_y": 1.91683,
  "fwhm_z": 1.4448325,
  "gcor": 0.0338138,
  "gsr_x": -0.030746852979063988,
  "gsr_y": 0.02102050930261612,
  "provenance": {
    "md5sum": "3e54d9308b0988254385291b5dbce6ab",
    "settings": {
      "fd_thres": 0.2,
      "testing": false
    },
    "software": "mriqc",
    "version": "22.0.0rc1",
    "webapi_port": null,
    "webapi_url": "https://mriqc.nimh.nih.gov/api/v1"
  },
  "size_t": 144,
  "size_x": 80,
  "size_y": 80,
  "size_z": 34,
  "snr": 7.8944358891309285,
  "spacing_tr": 2.0,
  "spacing_x": 3.0,
  "spacing_y": 3.0,
  "spacing_z": 4.0,
  "summary_bg_k": 39.33374173682961,
  "summary_bg_mad": 5.775971025101436,
  "summary_bg_mean": 25.215200424194336,
  "summary_bg_median": 7.888888835906982,
  "summary_bg_n": 157893.0,
  "summary_bg_p05": 3.1041667461395264,
  "summary_bg_p95": 94.2861129760741,
  "summary_bg_stdv": 56.73397445678711,
  "summary_fg_k": 2.5657857272943634,
  "summary_fg_mad": 92.11177555814109,
  "summary_fg_mean": 793.8954467773438,
  "summary_fg_median": 787.670166015625,
  "summary_fg_n": 22188.0,
  "summary_fg_p05": 656.7809204101562,
  "summary_fg_p95": 961.3614562988279,
  "summary_fg_stdv": 99.77310943603516,
  "tsnr": 43.5100972764194
}