{
  "aor": 0.017749861111111112,
  "aqi": 0.033866977430555556,
  "bids_meta": {
    "CogAtlasID": "http://www.cognitiveatlas.org/task/id/trm_4c8a834779883",
    "ConversionSoftware": "dcm2niix",
    "ConversionSoftwareVersion": "v1.0.20170314",
    "EchoTime": 0.03,
    "EffectiveEchoSpacing": 0.000290003,
    "FlipAngle": 90,
    "ImageType": [
      "ORIGINAL",
      "PRIMARY",
      "M",
      "ND",
      "NORM",
      "MOSAIC"
    ],
    "MagneticFieldStrength": 3,
    "Manufacturer": "Siemens",
    "ManufacturersModelName": "TrioTim",
    "PhaseEncodingDirection": "j-",
    "ProcedureStepDescription": "RESEARCH_Brain_Traumas",
    "ProtocolName": "Bold",
    "RepetitionTime": 2,
    "ScanningSequence": "EP",
    "SequenceName": "epfid2d1_80",
    "SequenceVariant": "SK",
    "SeriesDescription": "Bold",
    "SliceTiming": [
      0,
      1.0225,
      0.0575,
      1.0775,
      0.1125,
      1.135,
      0.17,
      1.1925,
      0.2275,
      1.25,
      0.2825,
      1.305,
      0.34,
      1.3625,
      0.3975,
      1.42,
      0.455,
      1.475,
      0.51,
      1.5325,
      0.5675,
      1.59,
      0.625,
      1.6475,
      0.68,
      1.7025,
      0.7375,
      1.76,
      0.795,
      1.8175,
      0.8525,
      1.8725,
      0.9075,
      1.93,
      0.965
    ],
    "TaskName": "rest",
    "dataset": "ds000220",
    "modality": "bold",
    "session_id": "3",
    "subject_id": "tbi06",
    "task_id": "rest"
  },
  "dummy_trs": 0,
  "dvars_nstd": 35.632406954825186,
  "dvars_std": 1.194713134895105,
  "dvars_vstd": 1.0438207007692302,
  "efc": 0.4300098908717959,
  "fber": 8196.658203125,
  "fd_mean": 0.3772906421127378,
  "fd_num": 49,
  "fd_perc": 34.02777777777778,
  "fwhm_avg": 1.6325869444444445,
  "fwhm_x": 1.6304800000000002,
  "fwhm_y": 1.8609833333333334,
  "fwhm_z": 1.4062975,
  "gcor": 0.0609373,
  "gsr_x": -0.005677143577486277,
  "gsr_y": 0.016618765890598297,
  "provenance": {
    "md5sum": "a0fd1176dedcabb3bfb0bf04157a9862",
    "settings": {
      "fd_thres": 0.2,
      "testing": false
    },
    "software": "mriqc",
    "version": "22.0.0rc1",
    "webapi_port": null,
    "webapi_url": "https://mriqc.nimh.nih.gov/api/v1"
  },
  "size_t": 144,
  "size_x": 80,
  "size_y": 80,
  "size_z": 35,
  "snr": 7.207867783707937,
  "spacing_tr": 2.0,
  "spacing_x": 3.0,
  "spacing_y": 3.0,
  "spacing_z": 4.0,
  "summary_bg_k": 43.96828616359958,
  "summary_bg_mad": 5.858338561253789,
  "summary_bg_mean": 23.537368774414062,
  "summary_bg_median": 7.993055820465088,
  "summary_bg_n": 156125.0,
  "summary_bg_p05": 3.256944417953491,
  "summary_bg_p95": 100.15000152587875,
  "summary_bg_stdv": 47.717323303222656,
  "summary_fg_k": 3.7729262663585237,
  "summary_fg_mad": 86.56744593004484,
  "summary_fg_mean": 719.7059936523438,
  "summary_fg_median": 720.451416015625,
  "summary_fg_n": 27925.0,
  "summary_fg_p05": 571.0902954101563,
  "summary_fg_p95": 871.4277709960937,
  "summary_fg_stdv": 99.9516830444336,
  "tsnr": 32.830327984993346
}