{
  "aor": 0.0006582638888888889,
  "aqi": 0.006989224027777778,
  "bids_meta": {
    "BodyPartExamined": "BRAIN",
    "CogAtlasID": "http://www.cognitiveatlas.org/task/id/trm_4c8a834779883",
    "ConversionSoftware": "dcm2niix",
    "ConversionSoftwareVersion": "v1.0.20170314",
    "EchoTime": 0.03,
    "EffectiveEchoSpacing": 0.000290003,
    "FlipAngle": 90,
    "ImageType": [
      "ORIGINAL",
      "PRIMARY",
      "M",
      "ND",
      "NORM",
      "MOSAIC"
    ],
    "MagneticFieldStrength": 3,
    "Manufacturer": "Siemens",
    "ManufacturersModelName": "Prisma_fit",
    "PhaseEncodingDirection": "j-",
    "ProcedureStepDescription": "Investigators_20_ch_FGH3",
    "ProtocolName": "rest_1",
    "RepetitionTime": 2,
    "ScanningSequence": "EP",
    "SequenceName": "_epfid2d1_80",
    "SequenceVariant": "SK",
    "SeriesDescription": "rest_1",
    "TaskName": "rest",
    "dataset": "ds000220",
    "modality": "bold",
    "session_id": "2",
    "subject_id": "control11",
    "task_id": "rest"
  },
  "dummy_trs": 0,
  "dvars_nstd": 19.626779349370633,
  "dvars_std": 1.0490796904895106,
  "dvars_vstd": 0.9883145292307697,
  "efc": 0.4385434239180031,
  "fber": 5340.80908203125,
  "fd_mean": 0.11012773106430343,
  "fd_num": 12,
  "fd_perc": 8.333333333333334,
  "fwhm_avg": 1.6993616666666667,
  "fwhm_x": 1.6790866666666666,
  "fwhm_y": 1.9099433333333333,
  "fwhm_z": 1.509055,
  "gcor": 0.0212041,
  "gsr_x": -0.0014510981272906065,
  "gsr_y": 0.03155088052153587,
  "provenance": {
    "md5sum": "ae8ba76994de1cbb42f18e45aeec931d",
    "settings": {
      "fd_thres": 0.2,
      "testing": false
    },
    "software": "mriqc",
    "version": "22.0.0rc1",
    "webapi_port": null,
    "webapi_url": "https://mriqc.nimh.nih.gov/api/v1"
  },
  "size_t": 144,
  "size_x": 80,
  "size_y": 80,
  "size_z": 39,
  "snr": 7.6414805260081895,
  "spacing_tr": 2.0,
  "spacing_x": 3.0,
  "spacing_y": 3.0,
  "spacing_z": 4.0,
  "summary_bg_k": 55.40552889524678,
  "summary_bg_mad": 4.097748426778386,
  "summary_bg_mean": 24.162931442260742,
  "summary_bg_median": 9.354166984558105,
  "summary_bg_n": 175346.0,
  "summary_bg_p05": 5.368055820465088,
  "summary_bg_p95": 101.2899284362793,
  "summary_bg_stdv": 49.093936920166016,
  "summary_fg_k": 2.061730632745337,
  "summary_fg_mad": 84.086186601955,
  "summary_fg_mean": 689.6359252929688,
  "summary_fg_median": 682.7396240234375,
  "summary_fg_n": 33290.0,
  "summary_fg_p05": 567.1805419921875,
  "summary_fg_p95": 839.9989501953124,
  "summary_fg_stdv": 89.34516906738281,
  "tsnr": 71.49170679040253
}