{
  "aor": 0.0010828472222222222,
  "aqi": 0.0039346398611111106,
  "bids_meta": {
    "CogAtlasID": "http://www.cognitiveatlas.org/task/id/trm_4c8a834779883",
    "ConversionSoftware": "dcm2niix",
    "ConversionSoftwareVersion": "v1.0.20170314",
    "EchoTime": 0.03,
    "EffectiveEchoSpacing": 0.000290003,
    "FlipAngle": 90,
    "ImageType": [
      "ORIGINAL",
      "PRIMARY",
      "M",
      "ND",
      "MOSAIC"
    ],
    "MagneticFieldStrength": 3,
    "Manufacturer": "Siemens",
    "ManufacturersModelName": "TrioTim",
    "PhaseEncodingDirection": "j-",
    "ProcedureStepDescription": "Investigators_FGH3",
    "ProtocolName": "rest",
    "RepetitionTime": 2,
    "ScanningSequence": "EP",
    "SequenceName": "_epfid2d1_80",
    "SequenceVariant": "SK",
    "SeriesDescription": "rest",
    "SliceTiming": [
      0,
      1.0225,
      0.0575,
      1.08,
      0.115,
      1.135,
      0.17,
      1.1925,
      0.2275,
      1.25,
      0.285,
      1.3075,
      0.34,
      1.3625,
      0.3975,
      1.42,
      0.455,
      1.4775,
      0.5125,
      1.5325,
      0.5675,
      1.59,
      0.625,
      1.6475,
      0.6825,
      1.705,
      0.7375,
      1.76,
      0.795,
      1.8175,
      0.8525,
      1.875,
      0.91,
      1.93,
      0.965
    ],
    "TaskName": "rest",
    "dataset": "ds000220",
    "modality": "bold",
    "session_id": "1",
    "subject_id": "tbi14",
    "task_id": "rest"
  },
  "dummy_trs": 0,
  "dvars_nstd": 19.684329892937065,
  "dvars_std": 1.0816582233566436,
  "dvars_vstd": 1.005225306153846,
  "efc": 0.44265690562521054,
  "fber": 2316.94189453125,
  "fd_mean": 0.08544063669304801,
  "fd_num": 0,
  "fd_perc": 0.0,
  "fwhm_avg": 2.1241383333333332,
  "fwhm_x": 2.0760666666666667,
  "fwhm_y": 2.3680833333333333,
  "fwhm_z": 1.928265,
  "gcor": 0.0141132,
  "gsr_x": -0.003719375468790531,
  "gsr_y": 0.006986101623624563,
  "provenance": {
    "md5sum": "0f6792cdc1ee311095693de77ad90ace",
    "settings": {
      "fd_thres": 0.2,
      "testing": false
    },
    "software": "mriqc",
    "version": "22.0.0rc1",
    "webapi_port": null,
    "webapi_url": "https://mriqc.nimh.nih.gov/api/v1"
  },
  "size_t": 144,
  "size_x": 80,
  "size_y": 80,
  "size_z": 35,
  "snr": 4.825395277078714,
  "spacing_tr": 2.0,
  "spacing_x": 3.0,
  "spacing_y": 3.0,
  "spacing_z": 4.0,
  "summary_bg_k": 56.81866240700971,
  "summary_bg_mad": 4.221299554266958,
  "summary_bg_mean": 32.79203414916992,
  "summary_bg_median": 17.71527862548828,
  "summary_bg_n": 154707.0,
  "summary_bg_p05": 13.979166984558105,
  "summary_bg_p95": 98.30416946410963,
  "summary_bg_stdv": 55.650230407714844,
  "summary_fg_k": 1.6472103893073458,
  "summary_fg_mad": 151.0092436276587,
  "summary_fg_mean": 868.8148193359375,
  "summary_fg_median": 855.5416870117188,
  "summary_fg_n": 29697.0,
  "summary_fg_p05": 599.1861206054688,
  "summary_fg_p95": 1170.5291992187497,
  "summary_fg_stdv": 177.2968292236328,
  "tsnr": 72.92981286370195
}