{
  "aor": 0.006749791666666667,
  "aqi": 0.007870876041666666,
  "bids_meta": {
    "CogAtlasID": "http://www.cognitiveatlas.org/task/id/trm_4c8a834779883",
    "EchoTime": 0.034,
    "FlipAngle": 90,
    "ImageType": [
      "IMAGE",
      "M series"
    ],
    "MagneticFieldStrength": 3,
    "Manufacturer": "Philips",
    "ManufacturersModelName": "Achieva",
    "ProcedureStepDescription": "none",
    "ProtocolName": "NO_STIMULATION SENSE",
    "RepetitionTime": 2,
    "ScanningSequence": "EP",
    "SequenceName": "NO_STIMULATION SENSE",
    "SequenceVariant": "SK",
    "SeriesDescription": "NO_STIMULATION SENSE",
    "TaskName": "rest",
    "dataset": "ds000220",
    "modality": "bold",
    "session_id": "1",
    "subject_id": "control02",
    "task_id": "rest"
  },
  "dummy_trs": 0,
  "dvars_nstd": 27.099645681328667,
  "dvars_std": 1.3738002125874127,
  "dvars_vstd": 1.0476732103496498,
  "efc": 0.3804943504302317,
  "fber": 35171.8515625,
  "fd_mean": 0.19834252013586315,
  "fd_num": 39,
  "fd_perc": 27.083333333333332,
  "fwhm_avg": 2.4742073333333328,
  "fwhm_x": 2.74776,
  "fwhm_y": 3.1351519999999997,
  "fwhm_z": 1.53971,
  "gcor": 0.0167224,
  "gsr_x": -0.018091831356287003,
  "gsr_y": 0.01509927585721016,
  "provenance": {
    "md5sum": "0e2f9385891e7a4705e4f61eab208b39",
    "settings": {
      "fd_thres": 0.2,
      "testing": false
    },
    "software": "mriqc",
    "version": "22.0.0rc1",
    "webapi_port": null,
    "webapi_url": "https://mriqc.nimh.nih.gov/api/v1"
  },
  "size_t": 144,
  "size_x": 128,
  "size_y": 128,
  "size_z": 34,
  "snr": 6.172275267914078,
  "spacing_tr": 2.0,
  "spacing_x": 1.875,
  "spacing_y": 1.875,
  "spacing_z": 4.0,
  "summary_bg_k": 89.86717546862128,
  "summary_bg_mad": 5.737537463313551,
  "summary_bg_mean": 17.40464210510254,
  "summary_bg_median": 4.1132612228393555,
  "summary_bg_n": 414738.0,
  "summary_bg_p05": 0.0835290864109993,
  "summary_bg_p95": 69.8698375701904,
  "summary_bg_stdv": 43.72299575805664,
  "summary_fg_k": 2.298355873667325,
  "summary_fg_mad": 128.94702948672992,
  "summary_fg_mean": 875.0534057617188,
  "summary_fg_median": 868.3900756835938,
  "summary_fg_n": 63722.0,
  "summary_fg_p05": 670.9062591552735,
  "summary_fg_p95": 1106.1087158203125,
  "summary_fg_stdv": 140.69094848632812,
  "tsnr": 70.25714874267578
}