{
  "aor": 0.0037261111111111115,
  "aqi": 0.01255243576388889,
  "bids_meta": {
    "CogAtlasID": "http://www.cognitiveatlas.org/task/id/trm_4c8a834779883",
    "ConversionSoftware": "dcm2niix",
    "ConversionSoftwareVersion": "v1.0.20170314",
    "EchoTime": 0.03,
    "EffectiveEchoSpacing": 0.000290003,
    "FlipAngle": 90,
    "ImageType": [
      "ORIGINAL",
      "PRIMARY",
      "M",
      "ND",
      "NORM",
      "MOSAIC"
    ],
    "MagneticFieldStrength": 3,
    "Manufacturer": "Siemens",
    "ManufacturersModelName": "TrioTim",
    "PhaseEncodingDirection": "j-",
    "ProcedureStepDescription": "RESEARCH_Brain_Traumas",
    "ProtocolName": "Bold",
    "RepetitionTime": 2,
    "ScanningSequence": "EP",
    "SequenceName": "epfid2d1_80",
    "SequenceVariant": "SK",
    "SeriesDescription": "Bold",
    "SliceTiming": [
      0,
      1.0225,
      0.0575,
      1.0775,
      0.1125,
      1.135,
      0.17,
      1.1925,
      0.2275,
      1.25,
      0.2825,
      1.305,
      0.34,
      1.3625,
      0.3975,
      1.42,
      0.455,
      1.475,
      0.51,
      1.5325,
      0.5675,
      1.59,
      0.625,
      1.6475,
      0.68,
      1.7025,
      0.7375,
      1.76,
      0.795,
      1.8175,
      0.8525,
      1.8725,
      0.9075,
      1.93,
      0.965
    ],
    "TaskName": "rest",
    "dataset": "ds000220",
    "modality": "bold",
    "session_id": "2",
    "subject_id": "tbi08",
    "task_id": "rest"
  },
  "dummy_trs": 0,
  "dvars_nstd": 28.989341215524483,
  "dvars_std": 1.3162029190209792,
  "dvars_vstd": 1.0195310044055943,
  "efc": 0.41469703658398205,
  "fber": 10010.4140625,
  "fd_mean": 0.181647210634085,
  "fd_num": 36,
  "fd_perc": 25.0,
  "fwhm_avg": 1.5598856326993717,
  "fwhm_x": 1.49285,
  "fwhm_y": 1.8157782540226615,
  "fwhm_z": 1.3710286440754544,
  "gcor": 0.0166889,
  "gsr_x": -0.017607323825359344,
  "gsr_y": 0.013328240253031254,
  "provenance": {
    "md5sum": "2b29153d6cbe9a63be5145c40550aa0f",
    "settings": {
      "fd_thres": 0.2,
      "testing": false
    },
    "software": "mriqc",
    "version": "22.0.0rc1",
    "webapi_port": null,
    "webapi_url": "https://mriqc.nimh.nih.gov/api/v1"
  },
  "size_t": 144,
  "size_x": 80,
  "size_y": 80,
  "size_z": 35,
  "snr": 8.40393155827197,
  "spacing_tr": 2.0,
  "spacing_x": 3.0,
  "spacing_y": 2.99999737739563,
  "spacing_z": 3.9999966621398926,
  "summary_bg_k": 73.02632922948536,
  "summary_bg_mad": 4.519877675245254,
  "summary_bg_mean": 19.055374145507812,
  "summary_bg_median": 7.034722328186035,
  "summary_bg_n": 157185.0,
  "summary_bg_p05": 3.097222328186035,
  "summary_bg_p95": 71.51250305175773,
  "summary_bg_stdv": 43.74950408935547,
  "summary_fg_k": 5.225875146920682,
  "summary_fg_mad": 65.19332427382778,
  "summary_fg_mean": 699.7096557617188,
  "summary_fg_median": 700.8541870117188,
  "summary_fg_n": 27311.0,
  "summary_fg_p05": 575.3680419921875,
  "summary_fg_p95": 823.9653015136719,
  "summary_fg_stdv": 83.39446258544922,
  "tsnr": 66.52281136717647
}