{
  "aor": 0.0008281944444444444,
  "aqi": 0.006881654583333333,
  "bids_meta": {
    "CogAtlasID": "http://www.cognitiveatlas.org/task/id/trm_4c8a834779883",
    "ConversionSoftware": "dcm2niix",
    "ConversionSoftwareVersion": "v1.0.20170314",
    "EchoTime": 0.03,
    "EffectiveEchoSpacing": 0.000290003,
    "FlipAngle": 90,
    "ImageType": [
      "ORIGINAL",
      "PRIMARY",
      "M",
      "ND",
      "NORM",
      "MOSAIC"
    ],
    "MagneticFieldStrength": 3,
    "Manufacturer": "Siemens",
    "ManufacturersModelName": "TrioTim",
    "PhaseEncodingDirection": "j-",
    "ProcedureStepDescription": "RESEARCH_Brain_Traumas",
    "ProtocolName": "Bold",
    "RepetitionTime": 2,
    "ScanningSequence": "EP",
    "SequenceName": "epfid2d1_80",
    "SequenceVariant": "SK",
    "SeriesDescription": "Bold",
    "SliceTiming": [
      0.995,
      0,
      1.0525,
      0.06,
      1.1125,
      0.1175,
      1.17,
      0.175,
      1.2275,
      0.235,
      1.2875,
      0.2925,
      1.345,
      0.3525,
      1.4025,
      0.41,
      1.4625,
      0.4675,
      1.52,
      0.5275,
      1.58,
      0.585,
      1.6375,
      0.6425,
      1.695,
      0.7025,
      1.755,
      0.76,
      1.8125,
      0.82,
      1.87,
      0.8775,
      1.93,
      0.935
    ],
    "TaskName": "rest",
    "dataset": "ds000220",
    "modality": "bold",
    "session_id": "1",
    "subject_id": "control07",
    "task_id": "rest"
  },
  "dummy_trs": 0,
  "dvars_nstd": 26.32961672013985,
  "dvars_std": 1.293438938321679,
  "dvars_vstd": 1.0031689591608393,
  "efc": 0.45775593269853115,
  "fber": 7498.87353515625,
  "fd_mean": 0.12724687888787822,
  "fd_num": 4,
  "fd_perc": 2.7777777777777777,
  "fwhm_avg": 1.6579694444444446,
  "fwhm_x": 1.5537,
  "fwhm_y": 1.9023433333333333,
  "fwhm_z": 1.517865,
  "gcor": 0.0107736,
  "gsr_x": -0.017715390771627426,
  "gsr_y": 0.019913185387849808,
  "provenance": {
    "md5sum": "91d29387394a10b307914a03f3d7ef39",
    "settings": {
      "fd_thres": 0.2,
      "testing": false
    },
    "software": "mriqc",
    "version": "22.0.0rc1",
    "webapi_port": null,
    "webapi_url": "https://mriqc.nimh.nih.gov/api/v1"
  },
  "size_t": 144,
  "size_x": 80,
  "size_y": 80,
  "size_z": 34,
  "snr": 7.589867868167493,
  "spacing_tr": 2.0,
  "spacing_x": 3.0,
  "spacing_y": 3.0,
  "spacing_z": 4.0,
  "summary_bg_k": 41.33593897491389,
  "summary_bg_mad": 5.487687299667559,
  "summary_bg_mean": 20.79935073852539,
  "summary_bg_median": 8.05555534362793,
  "summary_bg_n": 143344.0,
  "summary_bg_p05": 3.3125,
  "summary_bg_p95": 80.34027862548828,
  "summary_bg_stdv": 39.8123779296875,
  "summary_fg_k": 2.4496133190516005,
  "summary_fg_mad": 84.08618660195502,
  "summary_fg_mean": 706.259033203125,
  "summary_fg_median": 704.2847290039062,
  "summary_fg_n": 33855.0,
  "summary_fg_p05": 568.1763854980469,
  "summary_fg_p95": 854.5701354980469,
  "summary_fg_stdv": 92.7913818359375,
  "tsnr": 74.65602446906269
}