{
  "aor": 0.0010779861111111112,
  "aqi": 0.005102044791666666,
  "bids_meta": {
    "CogAtlasID": "http://www.cognitiveatlas.org/task/id/trm_4c8a834779883",
    "EchoTime": 0.034,
    "FlipAngle": 90,
    "ImageType": [
      "IMAGE",
      "M series"
    ],
    "MagneticFieldStrength": 3,
    "Manufacturer": "Philips",
    "ManufacturersModelName": "Achieva",
    "ProcedureStepDescription": "none",
    "ProtocolName": "NO_STIMULATION SENSE",
    "RepetitionTime": 2,
    "ScanningSequence": "EP",
    "SequenceName": "NO_STIMULATION SENSE",
    "SequenceVariant": "SK",
    "SeriesDescription": "NO_STIMULATION SENSE",
    "TaskName": "rest",
    "dataset": "ds000220",
    "modality": "bold",
    "session_id": "1",
    "subject_id": "control01",
    "task_id": "rest"
  },
  "dummy_trs": 0,
  "dvars_nstd": 24.44123148111888,
  "dvars_std": 1.2899079076923077,
  "dvars_vstd": 1.0002250995104893,
  "efc": 0.40596379845449354,
  "fber": 462937.25,
  "fd_mean": 0.05833415765599804,
  "fd_num": 0,
  "fd_perc": 0.0,
  "fwhm_avg": 2.2954533888888893,
  "fwhm_x": 2.4257546666666667,
  "fwhm_y": 2.9186880000000004,
  "fwhm_z": 1.5419175,
  "gcor": 0.0146866,
  "gsr_x": -0.010793446563184261,
  "gsr_y": 0.01373197790235281,
  "provenance": {
    "md5sum": "02129320f933ab24f5e11c2f8740c439",
    "settings": {
      "fd_thres": 0.2,
      "testing": false
    },
    "software": "mriqc",
    "version": "22.0.0rc1",
    "webapi_port": null,
    "webapi_url": "https://mriqc.nimh.nih.gov/api/v1"
  },
  "size_t": 144,
  "size_x": 128,
  "size_y": 128,
  "size_z": 34,
  "snr": 5.375823426819539,
  "spacing_tr": 2.0,
  "spacing_x": 1.875,
  "spacing_y": 1.875,
  "spacing_z": 4.0,
  "summary_bg_k": 100.13003361698424,
  "summary_bg_mad": 2.0623395446899098,
  "summary_bg_mean": 21.787761688232422,
  "summary_bg_median": 1.4008632898330688,
  "summary_bg_n": 397717.0,
  "summary_bg_p05": 0.006676071044057609,
  "summary_bg_p95": 106.26357116699194,
  "summary_bg_stdv": 65.1820068359375,
  "summary_fg_k": 2.5609547773366055,
  "summary_fg_mad": 161.9959196868141,
  "summary_fg_mean": 1026.798828125,
  "summary_fg_median": 1005.5980834960938,
  "summary_fg_n": 77451.0,
  "summary_fg_p05": 779.8417663574219,
  "summary_fg_p95": 1335.6640625,
  "summary_fg_stdv": 187.0581512451172,
  "tsnr": 73.30113220214844
}