{
  "aor": 0.007480625,
  "aqi": 0.00964465013888889,
  "bids_meta": {
    "CogAtlasID": "http://www.cognitiveatlas.org/task/id/trm_4c8a834779883",
    "EchoTime": 0.034,
    "FlipAngle": 90,
    "ImageType": [
      "IMAGE",
      "M series"
    ],
    "MagneticFieldStrength": 3,
    "Manufacturer": "Philips",
    "ManufacturersModelName": "Achieva",
    "ProcedureStepDescription": "none",
    "ProtocolName": "NO_STIMULATION SENSE",
    "RepetitionTime": 2,
    "ScanningSequence": "EP",
    "SequenceName": "NO_STIMULATION SENSE",
    "SequenceVariant": "SK",
    "SeriesDescription": "NO_STIMULATION SENSE",
    "TaskName": "rest",
    "dataset": "ds000220",
    "modality": "bold",
    "session_id": "3",
    "subject_id": "tbi01",
    "task_id": "rest"
  },
  "dummy_trs": 0,
  "dvars_nstd": 28.042662400769235,
  "dvars_std": 1.2778462597902098,
  "dvars_vstd": 0.9873008393706297,
  "efc": 0.4218599797750745,
  "fber": 340623.8125,
  "fd_mean": 0.1619449426502436,
  "fd_num": 24,
  "fd_perc": 16.666666666666668,
  "fwhm_avg": 3.0920044444444446,
  "fwhm_x": 3.3358399999999997,
  "fwhm_y": 4.0065333333333335,
  "fwhm_z": 1.93364,
  "gcor": 0.0101289,
  "gsr_x": -0.0167667418718338,
  "gsr_y": 0.013248584233224392,
  "provenance": {
    "md5sum": "69eab1919e77826582bc411b9f0bec2c",
    "settings": {
      "fd_thres": 0.2,
      "testing": false
    },
    "software": "mriqc",
    "version": "22.0.0rc1",
    "webapi_port": null,
    "webapi_url": "https://mriqc.nimh.nih.gov/api/v1"
  },
  "size_t": 144,
  "size_x": 128,
  "size_y": 128,
  "size_z": 34,
  "snr": 3.89830568208495,
  "spacing_tr": 2.0,
  "spacing_x": 1.875,
  "spacing_y": 1.875,
  "spacing_z": 4.0,
  "summary_bg_k": 99.6980541394385,
  "summary_bg_mad": 2.1633433179235038,
  "summary_bg_mean": 22.6258487701416,
  "summary_bg_median": 1.50719153881073,
  "summary_bg_n": 388278.0,
  "summary_bg_p05": 0.037516246177256116,
  "summary_bg_p95": 102.96305007934559,
  "summary_bg_stdv": 64.23332977294922,
  "summary_fg_k": 2.247505139580719,
  "summary_fg_mad": 193.16979406240208,
  "summary_fg_mean": 1047.5762939453125,
  "summary_fg_median": 1005.4894409179688,
  "summary_fg_n": 85080.0,
  "summary_fg_p05": 736.3766021728516,
  "summary_fg_p95": 1621.1477844238284,
  "summary_fg_stdv": 257.9283447265625,
  "tsnr": 48.65170669555664
}