{
  "aor": 0.003319722222222222,
  "aqi": 0.006929849375,
  "bids_meta": {
    "BodyPartExamined": "BRAIN",
    "CogAtlasID": "http://www.cognitiveatlas.org/task/id/trm_4c8a834779883",
    "ConversionSoftware": "dcm2niix",
    "ConversionSoftwareVersion": "v1.0.20170314",
    "EchoTime": 0.025,
    "EffectiveEchoSpacing": 0.000264999,
    "FlipAngle": 80,
    "ImageType": [
      "ORIGINAL",
      "PRIMARY",
      "M",
      "ND",
      "NORM",
      "MOSAIC"
    ],
    "MagneticFieldStrength": 3,
    "Manufacturer": "Siemens",
    "ManufacturersModelName": "TrioTim",
    "PhaseEncodingDirection": "j-",
    "ProcedureStepDescription": "Investigators_FGH3",
    "ProtocolName": "Rest_1",
    "RepetitionTime": 2,
    "ScanningSequence": "EP",
    "SequenceName": "_epfid2d1_80",
    "SequenceVariant": "SK",
    "SeriesDescription": "Rest_1",
    "SliceTiming": [
      1.93,
      1.88,
      1.8275,
      1.7775,
      1.7275,
      1.6775,
      1.625,
      1.575,
      1.525,
      1.4725,
      1.4225,
      1.3725,
      1.32,
      1.27,
      1.22,
      1.1675,
      1.1175,
      1.0675,
      1.0175,
      0.965,
      0.915,
      0.865,
      0.8125,
      0.7625,
      0.7125,
      0.66,
      0.61,
      0.56,
      0.51,
      0.4575,
      0.4075,
      0.3575,
      0.305,
      0.255,
      0.205,
      0.1525,
      0.1025,
      0.0525,
      0
    ],
    "TaskName": "rest",
    "dataset": "ds000220",
    "modality": "bold",
    "session_id": "2",
    "subject_id": "control10",
    "task_id": "rest"
  },
  "dummy_trs": 0,
  "dvars_nstd": 28.30019211888114,
  "dvars_std": 1.1478230020279716,
  "dvars_vstd": 1.0242951690209783,
  "efc": 0.45701159690505067,
  "fber": 2243.60595703125,
  "fd_mean": 0.27685701405772534,
  "fd_num": 78,
  "fd_perc": 54.166666666666664,
  "fwhm_avg": 2.1997305555555555,
  "fwhm_x": 2.1914966666666666,
  "fwhm_y": 2.41546,
  "fwhm_z": 1.992235,
  "gcor": 0.0346642,
  "gsr_x": -0.015698470175266266,
  "gsr_y": 0.014217986725270748,
  "provenance": {
    "md5sum": "1858fed611663c5dcea50c0e058dc937",
    "settings": {
      "fd_thres": 0.2,
      "testing": false
    },
    "software": "mriqc",
    "version": "22.0.0rc1",
    "webapi_port": null,
    "webapi_url": "https://mriqc.nimh.nih.gov/api/v1"
  },
  "size_t": 144,
  "size_x": 80,
  "size_y": 80,
  "size_z": 35,
  "snr": 5.366781434762959,
  "spacing_tr": 2.0,
  "spacing_x": 3.0,
  "spacing_y": 3.0,
  "spacing_z": 4.0,
  "summary_bg_k": 24.008148744524117,
  "summary_bg_mad": 4.93171076076813,
  "summary_bg_mean": 47.173309326171875,
  "summary_bg_median": 19.29166603088379,
  "summary_bg_n": 156555.0,
  "summary_bg_p05": 15.145833015441895,
  "summary_bg_p95": 213.3923614501949,
  "summary_bg_stdv": 84.00334930419922,
  "summary_fg_k": 0.8012581355006025,
  "summary_fg_mad": 149.84580266554158,
  "summary_fg_mean": 919.0523681640625,
  "summary_fg_median": 918.5902709960938,
  "summary_fg_n": 27251.0,
  "summary_fg_p05": 631.8923645019531,
  "summary_fg_p95": 1201.7569580078125,
  "summary_fg_stdv": 171.15908813476562,
  "tsnr": 54.47367573948577
}