{
  "aor": 0.002291041666666667,
  "aqi": 0.008403381875000001,
  "bids_meta": {
    "CogAtlasID": "http://www.cognitiveatlas.org/task/id/trm_4c8a834779883",
    "ConversionSoftware": "dcm2niix",
    "ConversionSoftwareVersion": "v1.0.20170314",
    "EchoTime": 0.03,
    "EffectiveEchoSpacing": 0.000290003,
    "FlipAngle": 90,
    "ImageType": [
      "ORIGINAL",
      "PRIMARY",
      "M",
      "ND",
      "NORM",
      "MOSAIC"
    ],
    "MagneticFieldStrength": 3,
    "Manufacturer": "Siemens",
    "ManufacturersModelName": "TrioTim",
    "PhaseEncodingDirection": "j-",
    "ProcedureStepDescription": "RESEARCH_Brain_Traumas",
    "ProtocolName": "Bold",
    "RepetitionTime": 2,
    "ScanningSequence": "EP",
    "SequenceName": "epfid2d1_80",
    "SequenceVariant": "SK",
    "SeriesDescription": "Bold",
    "SliceTiming": [
      0,
      1.02,
      0.055,
      1.0775,
      0.1125,
      1.135,
      0.17,
      1.1925,
      0.225,
      1.2475,
      0.2825,
      1.305,
      0.34,
      1.3625,
      0.3975,
      1.4175,
      0.4525,
      1.475,
      0.51,
      1.5325,
      0.5675,
      1.59,
      0.6225,
      1.645,
      0.68,
      1.7025,
      0.7375,
      1.76,
      0.795,
      1.815,
      0.85,
      1.8725,
      0.9075,
      1.93,
      0.965
    ],
    "TaskName": "rest",
    "dataset": "ds000220",
    "modality": "bold",
    "session_id": "2",
    "subject_id": "tbi05",
    "task_id": "rest"
  },
  "dummy_trs": 0,
  "dvars_nstd": 27.413113014055927,
  "dvars_std": 1.3850388041958042,
  "dvars_vstd": 0.9958121237762237,
  "efc": 0.43264985334729,
  "fber": 9566.5380859375,
  "fd_mean": 0.06795997332172228,
  "fd_num": 5,
  "fd_perc": 3.4722222222222223,
  "fwhm_avg": 1.6975608333333334,
  "fwhm_x": 1.6773733333333334,
  "fwhm_y": 1.9267466666666666,
  "fwhm_z": 1.4885625,
  "gcor": 0.01082,
  "gsr_x": -0.013171510770916939,
  "gsr_y": 0.012302745133638382,
  "provenance": {
    "md5sum": "a0fa6098ff3904ceeb0a53aef98f69d6",
    "settings": {
      "fd_thres": 0.2,
      "testing": false
    },
    "software": "mriqc",
    "version": "22.0.0rc1",
    "webapi_port": null,
    "webapi_url": "https://mriqc.nimh.nih.gov/api/v1"
  },
  "size_t": 144,
  "size_x": 80,
  "size_y": 80,
  "size_z": 35,
  "snr": 7.219079157788331,
  "spacing_tr": 2.0,
  "spacing_x": 3.0,
  "spacing_y": 3.0,
  "spacing_z": 4.0,
  "summary_bg_k": 39.87603332741775,
  "summary_bg_mad": 5.1788116018256165,
  "summary_bg_mean": 22.469087600708008,
  "summary_bg_median": 7.902777671813965,
  "summary_bg_n": 153323.0,
  "summary_bg_p05": 3.402777910232544,
  "summary_bg_p95": 90.02569503784167,
  "summary_bg_stdv": 48.18551254272461,
  "summary_fg_k": 3.269715790672781,
  "summary_fg_mad": 90.17106337069112,
  "summary_fg_mean": 778.7637329101562,
  "summary_fg_median": 778.0416870117188,
  "summary_fg_n": 29878.0,
  "summary_fg_p05": 619.8736267089844,
  "summary_fg_p95": 944.8999877929687,
  "summary_fg_stdv": 107.7739486694336,
  "tsnr": 74.74587897909805
}