{
  "aor": 0.0027031944444444443,
  "aqi": 0.005082350833333334,
  "bids_meta": {
    "CogAtlasID": "http://www.cognitiveatlas.org/task/id/trm_4c8a834779883",
    "ConversionSoftware": "dcm2niix",
    "ConversionSoftwareVersion": "v1.0.20170314",
    "EchoTime": 0.025,
    "EffectiveEchoSpacing": 0.000264999,
    "FlipAngle": 80,
    "ImageType": [
      "ORIGINAL",
      "PRIMARY",
      "M",
      "ND",
      "NORM",
      "MOSAIC"
    ],
    "MagneticFieldStrength": 3,
    "Manufacturer": "Siemens",
    "ManufacturersModelName": "TrioTim",
    "PhaseEncodingDirection": "j-",
    "ProcedureStepDescription": "Investigators_FGH3",
    "ProtocolName": "Rest_1",
    "RepetitionTime": 2,
    "ScanningSequence": "EP",
    "SequenceName": "_epfid2d1_80",
    "SequenceVariant": "SK",
    "SeriesDescription": "Rest_1",
    "SliceTiming": [
      1.93,
      1.88,
      1.8275,
      1.7775,
      1.7275,
      1.6775,
      1.625,
      1.575,
      1.525,
      1.4725,
      1.4225,
      1.3725,
      1.32,
      1.27,
      1.22,
      1.1675,
      1.1175,
      1.0675,
      1.0175,
      0.965,
      0.915,
      0.865,
      0.8125,
      0.7625,
      0.7125,
      0.66,
      0.61,
      0.56,
      0.51,
      0.4575,
      0.4075,
      0.3575,
      0.305,
      0.255,
      0.205,
      0.1525,
      0.1025,
      0.0525,
      0
    ],
    "TaskName": "rest",
    "dataset": "ds000220",
    "modality": "bold",
    "session_id": "1",
    "subject_id": "control09",
    "task_id": "rest"
  },
  "dummy_trs": 0,
  "dvars_nstd": 26.42635702937063,
  "dvars_std": 1.1551850813286717,
  "dvars_vstd": 1.0273847719580422,
  "efc": 0.42098507815341957,
  "fber": 1981.437255859375,
  "fd_mean": 0.18355644881653183,
  "fd_num": 46,
  "fd_perc": 31.944444444444443,
  "fwhm_avg": 2.0527752777777777,
  "fwhm_x": 2.02467,
  "fwhm_y": 2.3125033333333334,
  "fwhm_z": 1.8211525,
  "gcor": 0.0175165,
  "gsr_x": -0.02079867012798786,
  "gsr_y": 0.01313334796577692,
  "provenance": {
    "md5sum": "4019222716f3b4c15ed2abe1c443d80d",
    "settings": {
      "fd_thres": 0.2,
      "testing": false
    },
    "software": "mriqc",
    "version": "22.0.0rc1",
    "webapi_port": null,
    "webapi_url": "https://mriqc.nimh.nih.gov/api/v1"
  },
  "size_t": 144,
  "size_x": 80,
  "size_y": 80,
  "size_z": 35,
  "snr": 5.642704033180812,
  "spacing_tr": 2.0,
  "spacing_x": 3.0,
  "spacing_y": 3.0,
  "spacing_z": 4.0,
  "summary_bg_k": 100.2095524853572,
  "summary_bg_mad": 3.7270964582323285,
  "summary_bg_mean": 29.191593170166016,
  "summary_bg_median": 16.99305534362793,
  "summary_bg_n": 162903.0,
  "summary_bg_p05": 13.61874980926514,
  "summary_bg_p95": 80.31944274902344,
  "summary_bg_stdv": 43.16392517089844,
  "summary_fg_k": 0.528610302791999,
  "summary_fg_mad": 130.58228978278797,
  "summary_fg_mean": 766.6107177734375,
  "summary_fg_median": 764.5,
  "summary_fg_n": 23055.0,
  "summary_fg_p05": 546.4319519042969,
  "summary_fg_p95": 985.4617980957031,
  "summary_fg_stdv": 135.48175048828125,
  "tsnr": 62.71664120722562
}