{
  "aor": 0.004796293706293706,
  "aqi": 0.007941283776223775,
  "bids_meta": {
    "CogAtlasID": "http://www.cognitiveatlas.org/task/id/trm_4c8a834779883",
    "EchoTime": 0.034,
    "FlipAngle": 90,
    "ImageType": [
      "IMAGE",
      "M series"
    ],
    "MagneticFieldStrength": 3,
    "Manufacturer": "Philips",
    "ManufacturersModelName": "Achieva",
    "ProcedureStepDescription": "none",
    "ProtocolName": "NO_STIMULATION SENSE",
    "RepetitionTime": 2,
    "ScanningSequence": "EP",
    "SequenceName": "NO_STIMULATION SENSE",
    "SequenceVariant": "SK",
    "SeriesDescription": "NO_STIMULATION SENSE",
    "TaskName": "rest",
    "dataset": "ds000220",
    "modality": "bold",
    "session_id": "2",
    "subject_id": "control02",
    "task_id": "rest"
  },
  "dummy_trs": 1,
  "dvars_nstd": 29.561736402183094,
  "dvars_std": 1.4147044236619724,
  "dvars_vstd": 1.0395050072535215,
  "efc": 0.3803657119844927,
  "fber": 203725.09375,
  "fd_mean": 0.13118081303292764,
  "fd_num": 12,
  "fd_perc": 8.391608391608392,
  "fwhm_avg": 2.384106944444444,
  "fwhm_x": 2.6764853333333334,
  "fwhm_y": 3.042528,
  "fwhm_z": 1.4333075,
  "gcor": 0.0191536,
  "gsr_x": -0.02081170678138733,
  "gsr_y": 0.014650271274149418,
  "provenance": {
    "md5sum": "3f52acc9ffb8ef8788d572d203848eaf",
    "settings": {
      "fd_thres": 0.2,
      "testing": false
    },
    "software": "mriqc",
    "version": "22.0.0rc1",
    "webapi_port": null,
    "webapi_url": "https://mriqc.nimh.nih.gov/api/v1"
  },
  "size_t": 143,
  "size_x": 128,
  "size_y": 128,
  "size_z": 34,
  "snr": 5.518649710888511,
  "spacing_tr": 2.0,
  "spacing_x": 1.875,
  "spacing_y": 1.875,
  "spacing_z": 4.0,
  "summary_bg_k": 37.625497475677406,
  "summary_bg_mad": 3.41974254389116,
  "summary_bg_mean": 21.817703247070312,
  "summary_bg_median": 2.3218913078308105,
  "summary_bg_n": 413481.0,
  "summary_bg_p05": 0.009644698351621628,
  "summary_bg_p95": 107.72024536132812,
  "summary_bg_stdv": 52.806785583496094,
  "summary_fg_k": 1.8386087635526494,
  "summary_fg_mad": 175.91173957604258,
  "summary_fg_mean": 1054.7755126953125,
  "summary_fg_median": 1044.3306884765625,
  "summary_fg_n": 63952.0,
  "summary_fg_p05": 778.6059844970703,
  "summary_fg_p95": 1363.726544189453,
  "summary_fg_stdv": 189.2351531982422,
  "tsnr": 60.449947357177734
}