{
  "aor": 0.0019006944444444444,
  "aqi": 0.006507164027777778,
  "bids_meta": {
    "CogAtlasID": "http://www.cognitiveatlas.org/task/id/trm_4c8a834779883",
    "ConversionSoftware": "dcm2niix",
    "ConversionSoftwareVersion": "v1.0.20170314",
    "EchoTime": 0.025,
    "EffectiveEchoSpacing": 0.000264999,
    "FlipAngle": 80,
    "ImageType": [
      "ORIGINAL",
      "PRIMARY",
      "M",
      "ND",
      "NORM",
      "MOSAIC"
    ],
    "MagneticFieldStrength": 3,
    "Manufacturer": "Siemens",
    "ManufacturersModelName": "TrioTim",
    "PhaseEncodingDirection": "j-",
    "ProcedureStepDescription": "Investigators_FGH3",
    "ProtocolName": "Rest_1",
    "RepetitionTime": 2,
    "ScanningSequence": "EP",
    "SequenceName": "_epfid2d1_80",
    "SequenceVariant": "SK",
    "SeriesDescription": "Rest_1",
    "SliceTiming": [
      1.93,
      1.88,
      1.8275,
      1.7775,
      1.7275,
      1.6775,
      1.625,
      1.575,
      1.525,
      1.4725,
      1.4225,
      1.3725,
      1.32,
      1.27,
      1.22,
      1.1675,
      1.1175,
      1.0675,
      1.0175,
      0.965,
      0.915,
      0.865,
      0.8125,
      0.7625,
      0.7125,
      0.66,
      0.61,
      0.56,
      0.51,
      0.4575,
      0.4075,
      0.3575,
      0.305,
      0.255,
      0.205,
      0.1525,
      0.1025,
      0.0525,
      0
    ],
    "TaskName": "rest",
    "dataset": "ds000220",
    "modality": "bold",
    "session_id": "2",
    "subject_id": "control09",
    "task_id": "rest"
  },
  "dummy_trs": 0,
  "dvars_nstd": 26.61467222748253,
  "dvars_std": 1.1313501114685314,
  "dvars_vstd": 1.0246700548251746,
  "efc": 0.4191261171386049,
  "fber": 1953.6473388671875,
  "fd_mean": 0.223202229809487,
  "fd_num": 65,
  "fd_perc": 45.138888888888886,
  "fwhm_avg": 1.9725908333333333,
  "fwhm_x": 1.9475133333333332,
  "fwhm_y": 2.1878166666666665,
  "fwhm_z": 1.7824425,
  "gcor": 0.0411298,
  "gsr_x": -0.01934678480029106,
  "gsr_y": 0.01390292588621378,
  "provenance": {
    "md5sum": "c60afabf78c71a005fd1dcea6b7ce059",
    "settings": {
      "fd_thres": 0.2,
      "testing": false
    },
    "software": "mriqc",
    "version": "22.0.0rc1",
    "webapi_port": null,
    "webapi_url": "https://mriqc.nimh.nih.gov/api/v1"
  },
  "size_t": 144,
  "size_x": 80,
  "size_y": 80,
  "size_z": 35,
  "snr": 5.726294110163978,
  "spacing_tr": 2.0,
  "spacing_x": 3.0,
  "spacing_y": 3.0,
  "spacing_z": 4.0,
  "summary_bg_k": 142.1756475762108,
  "summary_bg_mad": 3.4285190442138616,
  "summary_bg_mean": 28.74640464782715,
  "summary_bg_median": 16.77083396911621,
  "summary_bg_n": 163203.0,
  "summary_bg_p05": 13.645833015441895,
  "summary_bg_p95": 78.7145843505859,
  "summary_bg_stdv": 45.91539001464844,
  "summary_fg_k": 0.706338788820815,
  "summary_fg_mad": 126.69036846835269,
  "summary_fg_mean": 752.35205078125,
  "summary_fg_median": 748.576416015625,
  "summary_fg_n": 22865.0,
  "summary_fg_p05": 547.6486328125,
  "summary_fg_p95": 964.4153076171875,
  "summary_fg_stdv": 130.72329711914062,
  "tsnr": 57.56033251527697
}