{
  "aor": 0.0026959027777777775,
  "aqi": 0.006727456111111111,
  "bids_meta": {
    "BodyPartExamined": "BRAIN",
    "CogAtlasID": "http://www.cognitiveatlas.org/task/id/trm_4c8a834779883",
    "ConversionSoftware": "dcm2niix",
    "ConversionSoftwareVersion": "v1.0.20170314",
    "EchoTime": 0.025,
    "EffectiveEchoSpacing": 0.000264999,
    "FlipAngle": 80,
    "ImageType": [
      "ORIGINAL",
      "PRIMARY",
      "M",
      "ND",
      "NORM",
      "MOSAIC"
    ],
    "MagneticFieldStrength": 3,
    "Manufacturer": "Siemens",
    "ManufacturersModelName": "TrioTim",
    "PhaseEncodingDirection": "j-",
    "ProcedureStepDescription": "Investigators_FGH3",
    "ProtocolName": "Rest_1",
    "RepetitionTime": 2,
    "ScanningSequence": "EP",
    "SequenceName": "_epfid2d1_80",
    "SequenceVariant": "SK",
    "SeriesDescription": "Rest_1",
    "SliceTiming": [
      1.93,
      1.88,
      1.8275,
      1.7775,
      1.7275,
      1.6775,
      1.625,
      1.575,
      1.525,
      1.4725,
      1.4225,
      1.3725,
      1.32,
      1.27,
      1.22,
      1.1675,
      1.1175,
      1.0675,
      1.0175,
      0.965,
      0.915,
      0.865,
      0.8125,
      0.7625,
      0.7125,
      0.66,
      0.61,
      0.56,
      0.51,
      0.4575,
      0.4075,
      0.3575,
      0.305,
      0.255,
      0.205,
      0.1525,
      0.1025,
      0.0525,
      0
    ],
    "TaskName": "rest",
    "dataset": "ds000220",
    "modality": "bold",
    "session_id": "1",
    "subject_id": "control10",
    "task_id": "rest"
  },
  "dummy_trs": 0,
  "dvars_nstd": 30.053727250069922,
  "dvars_std": 1.1649168474125877,
  "dvars_vstd": 1.0174455047552449,
  "efc": 0.46391796619107906,
  "fber": 2138.2978515625,
  "fd_mean": 0.2992632304604068,
  "fd_num": 83,
  "fd_perc": 57.638888888888886,
  "fwhm_avg": 2.1625166666666664,
  "fwhm_x": 2.1288633333333333,
  "fwhm_y": 2.3863566666666665,
  "fwhm_z": 1.97233,
  "gcor": 0.0213573,
  "gsr_x": -0.013651840388774872,
  "gsr_y": 0.015764039009809494,
  "provenance": {
    "md5sum": "c7a661e5b56691e843b971c05a87ab34",
    "settings": {
      "fd_thres": 0.2,
      "testing": false
    },
    "software": "mriqc",
    "version": "22.0.0rc1",
    "webapi_port": null,
    "webapi_url": "https://mriqc.nimh.nih.gov/api/v1"
  },
  "size_t": 144,
  "size_x": 80,
  "size_y": 80,
  "size_z": 35,
  "snr": 5.48071963558386,
  "spacing_tr": 2.0,
  "spacing_x": 3.0,
  "spacing_y": 3.0,
  "spacing_z": 4.0,
  "summary_bg_k": 28.11845258180959,
  "summary_bg_mad": 5.353840716194826,
  "summary_bg_mean": 48.578731536865234,
  "summary_bg_median": 19.41666603088379,
  "summary_bg_n": 155608.0,
  "summary_bg_p05": 14.99305534362793,
  "summary_bg_p95": 216.1749977111813,
  "summary_bg_stdv": 86.75222778320312,
  "summary_fg_k": 1.077433929354605,
  "summary_fg_mad": 141.9900198045109,
  "summary_fg_mean": 905.4969482421875,
  "summary_fg_median": 905.8402709960938,
  "summary_fg_n": 27521.0,
  "summary_fg_p05": 628.763916015625,
  "summary_fg_p95": 1176.0555419921875,
  "summary_fg_stdv": 165.2746124267578,
  "tsnr": 55.26976218551863
}