{
  "aor": 0.002843611111111111,
  "aqi": 0.0057607411805555555,
  "bids_meta": {
    "CogAtlasID": "http://www.cognitiveatlas.org/task/id/trm_4c8a834779883",
    "ConversionSoftware": "dcm2niix",
    "ConversionSoftwareVersion": "v1.0.20170314",
    "EchoTime": 0.03,
    "EffectiveEchoSpacing": 0.000290003,
    "FlipAngle": 90,
    "ImageType": [
      "ORIGINAL",
      "PRIMARY",
      "M",
      "ND",
      "MOSAIC"
    ],
    "MagneticFieldStrength": 3,
    "Manufacturer": "Siemens",
    "ManufacturersModelName": "TrioTim",
    "PhaseEncodingDirection": "j-",
    "ProcedureStepDescription": "Investigators_FGH3",
    "ProtocolName": "rest",
    "RepetitionTime": 2,
    "ScanningSequence": "EP",
    "SequenceName": "_epfid2d1_80",
    "SequenceVariant": "SK",
    "SeriesDescription": "rest",
    "SliceTiming": [
      0,
      1.0225,
      0.0575,
      1.08,
      0.115,
      1.1375,
      0.1725,
      1.1925,
      0.2275,
      1.25,
      0.285,
      1.3075,
      0.3425,
      1.365,
      0.3975,
      1.42,
      0.455,
      1.4775,
      0.5125,
      1.535,
      0.57,
      1.59,
      0.625,
      1.6475,
      0.6825,
      1.705,
      0.74,
      1.7625,
      0.795,
      1.8175,
      0.8525,
      1.875,
      0.91,
      1.9325,
      0.9675
    ],
    "TaskName": "rest",
    "dataset": "ds000220",
    "modality": "bold",
    "session_id": "3",
    "subject_id": "tbi13",
    "task_id": "rest"
  },
  "dummy_trs": 0,
  "dvars_nstd": 25.121240215874128,
  "dvars_std": 1.2395046832867131,
  "dvars_vstd": 1.025802336433566,
  "efc": 0.42109021940732083,
  "fber": 3210.651611328125,
  "fd_mean": 0.13038016652203058,
  "fd_num": 17,
  "fd_perc": 11.805555555555555,
  "fwhm_avg": 2.033748333333333,
  "fwhm_x": 2.019836666666667,
  "fwhm_y": 2.2731933333333334,
  "fwhm_z": 1.808215,
  "gcor": 0.0262466,
  "gsr_x": -0.013599995523691177,
  "gsr_y": 0.009432556107640266,
  "provenance": {
    "md5sum": "77cf9962862a3cfcdedea008ac7d01fb",
    "settings": {
      "fd_thres": 0.2,
      "testing": false
    },
    "software": "mriqc",
    "version": "22.0.0rc1",
    "webapi_port": null,
    "webapi_url": "https://mriqc.nimh.nih.gov/api/v1"
  },
  "size_t": 144,
  "size_x": 80,
  "size_y": 80,
  "size_z": 35,
  "snr": 6.106841783318024,
  "spacing_tr": 2.0,
  "spacing_x": 3.0,
  "spacing_y": 3.0,
  "spacing_z": 4.0,
  "summary_bg_k": 51.18227905029822,
  "summary_bg_mad": 3.6756170574320333,
  "summary_bg_mean": 29.718341827392578,
  "summary_bg_median": 16.91666603088379,
  "summary_bg_n": 158057.0,
  "summary_bg_p05": 13.57638931274414,
  "summary_bg_p95": 90.375,
  "summary_bg_stdv": 44.51097106933594,
  "summary_fg_k": 1.3175566980689943,
  "summary_fg_mad": 139.65282192245752,
  "summary_fg_mean": 963.2006225585938,
  "summary_fg_median": 968.9097290039062,
  "summary_fg_n": 26315.0,
  "summary_fg_p05": 689.3472412109375,
  "summary_fg_p95": 1211.5785034179687,
  "summary_fg_stdv": 158.6566925048828,
  "tsnr": 68.65588257496711
}