{
  "aor": 0.001895625,
  "aqi": 0.011586628958333333,
  "bids_meta": {
    "CogAtlasID": "http://www.cognitiveatlas.org/task/id/trm_4c8a834779883",
    "ConversionSoftware": "dcm2niix",
    "ConversionSoftwareVersion": "v1.0.20170314",
    "EchoTime": 0.03,
    "EffectiveEchoSpacing": 0.000290003,
    "FlipAngle": 90,
    "ImageType": [
      "ORIGINAL",
      "PRIMARY",
      "M",
      "ND",
      "NORM",
      "MOSAIC"
    ],
    "MagneticFieldStrength": 3,
    "Manufacturer": "Siemens",
    "ManufacturersModelName": "TrioTim",
    "PhaseEncodingDirection": "j-",
    "ProcedureStepDescription": "RESEARCH_Brain_Traumas",
    "ProtocolName": "Bold",
    "RepetitionTime": 2,
    "ScanningSequence": "EP",
    "SequenceName": "epfid2d1_80",
    "SequenceVariant": "SK",
    "SeriesDescription": "Bold",
    "SliceTiming": [
      0.995,
      0,
      1.0525,
      0.06,
      1.11,
      0.1175,
      1.17,
      0.175,
      1.2275,
      0.235,
      1.2875,
      0.2925,
      1.345,
      0.35,
      1.4025,
      0.41,
      1.4625,
      0.4675,
      1.52,
      0.5275,
      1.58,
      0.585,
      1.6375,
      0.6425,
      1.695,
      0.7025,
      1.755,
      0.76,
      1.8125,
      0.82,
      1.87,
      0.8775,
      1.93,
      0.935
    ],
    "TaskName": "rest",
    "dataset": "ds000220",
    "modality": "bold",
    "session_id": "3",
    "subject_id": "tbi04",
    "task_id": "rest"
  },
  "dummy_trs": 0,
  "dvars_nstd": 24.87855519146853,
  "dvars_std": 1.2017634248251747,
  "dvars_vstd": 0.9511655148951047,
  "efc": 0.4505601699262204,
  "fber": 8871.9326171875,
  "fd_mean": 0.10888336878801108,
  "fd_num": 5,
  "fd_perc": 3.4722222222222223,
  "fwhm_avg": 1.6585852777777779,
  "fwhm_x": 1.60206,
  "fwhm_y": 1.8823933333333331,
  "fwhm_z": 1.4913025,
  "gcor": 0.02303,
  "gsr_x": -0.013757859356701374,
  "gsr_y": 0.01931348256766796,
  "provenance": {
    "md5sum": "206ef08ebee8ee08d3257e6632023a9d",
    "settings": {
      "fd_thres": 0.2,
      "testing": false
    },
    "software": "mriqc",
    "version": "22.0.0rc1",
    "webapi_port": null,
    "webapi_url": "https://mriqc.nimh.nih.gov/api/v1"
  },
  "size_t": 144,
  "size_x": 80,
  "size_y": 80,
  "size_z": 34,
  "snr": 7.584224446912213,
  "spacing_tr": 2.0,
  "spacing_x": 3.0,
  "spacing_y": 3.0,
  "spacing_z": 4.0,
  "summary_bg_k": 51.67874798579657,
  "summary_bg_mad": 5.570054482339998,
  "summary_bg_mean": 24.524280548095703,
  "summary_bg_median": 8.041666984558105,
  "summary_bg_n": 145389.0,
  "summary_bg_p05": 3.3125,
  "summary_bg_p95": 100.18889007568387,
  "summary_bg_stdv": 55.778343200683594,
  "summary_fg_k": 3.894485418434396,
  "summary_fg_mad": 84.78120163730856,
  "summary_fg_mean": 761.1260375976562,
  "summary_fg_median": 760.2986450195312,
  "summary_fg_n": 31916.0,
  "summary_fg_p05": 613.6475830078125,
  "summary_fg_p95": 913.9617919921875,
  "summary_fg_stdv": 100.24581146240234,
  "tsnr": 64.85665395855904
}