{
  "aor": 0.016925416666666665,
  "aqi": 0.01940528979166667,
  "bids_meta": {
    "CogAtlasID": "http://www.cognitiveatlas.org/task/id/trm_4c8a834779883",
    "EchoTime": 0.034,
    "FlipAngle": 90,
    "ImageType": [
      "IMAGE",
      "M series"
    ],
    "MagneticFieldStrength": 3,
    "Manufacturer": "Philips",
    "ManufacturersModelName": "Achieva",
    "ProcedureStepDescription": "none",
    "ProtocolName": "NO_STIMULATION SENSE",
    "RepetitionTime": 2,
    "ScanningSequence": "EP",
    "SequenceName": "NO_STIMULATION SENSE",
    "SequenceVariant": "SK",
    "SeriesDescription": "NO_STIMULATION SENSE",
    "TaskName": "rest",
    "dataset": "ds000220",
    "modality": "bold",
    "session_id": "1",
    "subject_id": "control06",
    "task_id": "rest"
  },
  "dummy_trs": 0,
  "dvars_nstd": 31.990763124195787,
  "dvars_std": 1.3426159376923077,
  "dvars_vstd": 1.0670693695804196,
  "efc": 0.40823911414215686,
  "fber": 82734.3359375,
  "fd_mean": 0.16042562795419263,
  "fd_num": 28,
  "fd_perc": 19.444444444444443,
  "fwhm_avg": 2.3236530555555555,
  "fwhm_x": 2.5900213333333335,
  "fwhm_y": 2.989765333333333,
  "fwhm_z": 1.3911725,
  "gcor": 0.00867941,
  "gsr_x": -0.019259242340922356,
  "gsr_y": 0.025007346644997597,
  "provenance": {
    "md5sum": "2ca2ac7333b9825a713146c2ab689e3e",
    "settings": {
      "fd_thres": 0.2,
      "testing": false
    },
    "software": "mriqc",
    "version": "22.0.0rc1",
    "webapi_port": null,
    "webapi_url": "https://mriqc.nimh.nih.gov/api/v1"
  },
  "size_t": 144,
  "size_x": 128,
  "size_y": 128,
  "size_z": 34,
  "snr": 5.3757060251651305,
  "spacing_tr": 2.0,
  "spacing_x": 1.875,
  "spacing_y": 1.875,
  "spacing_z": 4.0,
  "summary_bg_k": 107.55642677585121,
  "summary_bg_mad": 4.433712516587276,
  "summary_bg_mean": 20.860307693481445,
  "summary_bg_median": 3.0548722743988037,
  "summary_bg_n": 400515.0,
  "summary_bg_p05": 0.039717765524983406,
  "summary_bg_p95": 87.21356048583979,
  "summary_bg_stdv": 54.02078628540039,
  "summary_fg_k": 2.3771714651831974,
  "summary_fg_mad": 148.06629994173102,
  "summary_fg_mean": 889.6680908203125,
  "summary_fg_median": 877.5924072265625,
  "summary_fg_n": 74934.0,
  "summary_fg_p05": 661.416128540039,
  "summary_fg_p95": 1156.6462158203124,
  "summary_fg_stdv": 163.25047302246094,
  "tsnr": 39.33837890625
}