{
  "aor": 0.0015859027777777777,
  "aqi": 0.005866967152777778,
  "bids_meta": {
    "CogAtlasID": "http://www.cognitiveatlas.org/task/id/trm_4c8a834779883",
    "EchoTime": 0.034,
    "FlipAngle": 90,
    "ImageType": [
      "IMAGE",
      "M series"
    ],
    "MagneticFieldStrength": 3,
    "Manufacturer": "Philips",
    "ManufacturersModelName": "Achieva",
    "ProcedureStepDescription": "none",
    "ProtocolName": "NO_STIMULATION SENSE",
    "RepetitionTime": 2,
    "ScanningSequence": "EP",
    "SequenceName": "NO_STIMULATION SENSE",
    "SequenceVariant": "SK",
    "SeriesDescription": "NO_STIMULATION SENSE",
    "TaskName": "rest",
    "dataset": "ds000220",
    "modality": "bold",
    "session_id": "2",
    "subject_id": "control05",
    "task_id": "rest"
  },
  "dummy_trs": 0,
  "dvars_nstd": 22.55222396629371,
  "dvars_std": 1.2372904236363633,
  "dvars_vstd": 1.0083387137062936,
  "efc": 0.40883147403480724,
  "fber": 208127.65625,
  "fd_mean": 0.0986708802117704,
  "fd_num": 7,
  "fd_perc": 4.861111111111111,
  "fwhm_avg": 2.3864541666666668,
  "fwhm_x": 2.557136,
  "fwhm_y": 3.051584,
  "fwhm_z": 1.5506425,
  "gcor": 0.0462534,
  "gsr_x": -0.011620798148214817,
  "gsr_y": 0.015557589940726757,
  "provenance": {
    "md5sum": "b576ad46ef574181b669138fd4744abf",
    "settings": {
      "fd_thres": 0.2,
      "testing": false
    },
    "software": "mriqc",
    "version": "22.0.0rc1",
    "webapi_port": null,
    "webapi_url": "https://mriqc.nimh.nih.gov/api/v1"
  },
  "size_t": 144,
  "size_x": 128,
  "size_y": 128,
  "size_z": 34,
  "snr": 6.219251261990585,
  "spacing_tr": 2.0,
  "spacing_x": 1.875,
  "spacing_y": 1.875,
  "spacing_z": 4.0,
  "summary_bg_k": 76.54063942277423,
  "summary_bg_mad": 2.77594013832275,
  "summary_bg_mean": 19.786785125732422,
  "summary_bg_median": 1.8900961875915527,
  "summary_bg_n": 398974.0,
  "summary_bg_p05": 0.011051207408308983,
  "summary_bg_p95": 95.34698181152342,
  "summary_bg_stdv": 52.41758728027344,
  "summary_fg_k": 3.5964293677969534,
  "summary_fg_mad": 125.893279745104,
  "summary_fg_mean": 921.1431884765625,
  "summary_fg_median": 908.9412841796875,
  "summary_fg_n": 76880.0,
  "summary_fg_p05": 724.1185699462891,
  "summary_fg_p95": 1152.6277587890627,
  "summary_fg_stdv": 146.148681640625,
  "tsnr": 72.8260498046875
}