{
  "aor": 0.0016563194444444444,
  "aqi": 0.009800496944444445,
  "bids_meta": {
    "CogAtlasID": "http://www.cognitiveatlas.org/task/id/trm_4c8a834779883",
    "ConversionSoftware": "dcm2niix",
    "ConversionSoftwareVersion": "v1.0.20170314",
    "EchoTime": 0.03,
    "EffectiveEchoSpacing": 0.000290003,
    "FlipAngle": 90,
    "ImageType": [
      "ORIGINAL",
      "PRIMARY",
      "M",
      "ND",
      "NORM",
      "MOSAIC"
    ],
    "MagneticFieldStrength": 3,
    "Manufacturer": "Siemens",
    "ManufacturersModelName": "TrioTim",
    "PhaseEncodingDirection": "j-",
    "ProcedureStepDescription": "RESEARCH_Brain_Traumas",
    "ProtocolName": "Bold",
    "RepetitionTime": 2,
    "ScanningSequence": "EP",
    "SequenceName": "epfid2d1_80",
    "SequenceVariant": "SK",
    "SeriesDescription": "Bold",
    "SliceTiming": [
      0,
      1.0225,
      0.0575,
      1.08,
      0.115,
      1.1375,
      0.17,
      1.1925,
      0.2275,
      1.25,
      0.285,
      1.3075,
      0.3425,
      1.3625,
      0.3975,
      1.42,
      0.455,
      1.4775,
      0.5125,
      1.535,
      0.5675,
      1.59,
      0.625,
      1.6475,
      0.6825,
      1.705,
      0.74,
      1.76,
      0.795,
      1.8175,
      0.8525,
      1.875,
      0.91,
      1.9325,
      0.965
    ],
    "TaskName": "rest",
    "dataset": "ds000220",
    "modality": "bold",
    "session_id": "1",
    "subject_id": "tbi07",
    "task_id": "rest"
  },
  "dummy_trs": 0,
  "dvars_nstd": 23.29706610825175,
  "dvars_std": 1.1365634393706296,
  "dvars_vstd": 1.0001302151748255,
  "efc": 0.42967290289433785,
  "fber": 6559.08349609375,
  "fd_mean": 0.11912803898454125,
  "fd_num": 18,
  "fd_perc": 12.5,
  "fwhm_avg": 1.7116361111111111,
  "fwhm_x": 1.7146366666666666,
  "fwhm_y": 1.9465766666666668,
  "fwhm_z": 1.473695,
  "gcor": 0.0203557,
  "gsr_x": -0.018436158075928688,
  "gsr_y": 0.010804787278175354,
  "provenance": {
    "md5sum": "00d05010e5cc9c2874c846097a303ff9",
    "settings": {
      "fd_thres": 0.2,
      "testing": false
    },
    "software": "mriqc",
    "version": "22.0.0rc1",
    "webapi_port": null,
    "webapi_url": "https://mriqc.nimh.nih.gov/api/v1"
  },
  "size_t": 144,
  "size_x": 80,
  "size_y": 80,
  "size_z": 35,
  "snr": 7.408205725299397,
  "spacing_tr": 2.0,
  "spacing_x": 3.0,
  "spacing_y": 3.0,
  "spacing_z": 4.0,
  "summary_bg_k": 29.9533980045913,
  "summary_bg_mad": 6.506976324890161,
  "summary_bg_mean": 26.833852767944336,
  "summary_bg_median": 8.965277671813965,
  "summary_bg_n": 157959.0,
  "summary_bg_p05": 3.527777910232544,
  "summary_bg_p95": 112.71736221313489,
  "summary_bg_stdv": 55.31161117553711,
  "summary_fg_k": 3.5569797675480643,
  "summary_fg_mad": 81.70790587034098,
  "summary_fg_mean": 723.8321533203125,
  "summary_fg_median": 725.0069580078125,
  "summary_fg_n": 26107.0,
  "summary_fg_p05": 565.4986145019532,
  "summary_fg_p95": 872.125,
  "summary_fg_stdv": 97.86351776123047,
  "tsnr": 62.52328039659187
}