{
  "aor": 0.0005923611111111111,
  "aqi": 0.007875725625,
  "bids_meta": {
    "BodyPartExamined": "BRAIN",
    "CogAtlasID": "http://www.cognitiveatlas.org/task/id/trm_4c8a834779883",
    "ConversionSoftware": "dcm2niix",
    "ConversionSoftwareVersion": "v1.0.20170314",
    "EchoTime": 0.03,
    "EffectiveEchoSpacing": 0.000290003,
    "FlipAngle": 90,
    "ImageType": [
      "ORIGINAL",
      "PRIMARY",
      "M",
      "ND",
      "NORM",
      "MOSAIC"
    ],
    "MagneticFieldStrength": 3,
    "Manufacturer": "Siemens",
    "ManufacturersModelName": "Prisma_fit",
    "PhaseEncodingDirection": "j-",
    "ProcedureStepDescription": "Investigators_20_ch_FGH3",
    "ProtocolName": "rest_1",
    "RepetitionTime": 2,
    "ScanningSequence": "EP",
    "SequenceName": "_epfid2d1_80",
    "SequenceVariant": "SK",
    "SeriesDescription": "rest_1",
    "SliceTiming": [
      0,
      1.02,
      0.0575,
      1.075,
      0.1125,
      1.1325,
      0.17,
      1.1875,
      0.2275,
      1.245,
      0.2825,
      1.3025,
      0.34,
      1.3575,
      0.3975,
      1.415,
      0.4525,
      1.4725,
      0.51,
      1.5275,
      0.5675,
      1.585,
      0.6225,
      1.64,
      0.68,
      1.6975,
      0.735,
      1.755,
      0.7925,
      1.81,
      0.85,
      1.8675,
      0.905,
      1.925,
      0.9625
    ],
    "TaskName": "rest",
    "dataset": "ds000220",
    "modality": "bold",
    "session_id": "2",
    "subject_id": "control12",
    "task_id": "rest"
  },
  "dummy_trs": 0,
  "dvars_nstd": 29.49962499937063,
  "dvars_std": 1.4535344040559444,
  "dvars_vstd": 0.9921644393006999,
  "efc": 0.4044908398203768,
  "fber": 4690.7939453125,
  "fd_mean": 0.12114401416124417,
  "fd_num": 8,
  "fd_perc": 5.555555555555555,
  "fwhm_avg": 1.6482041666666667,
  "fwhm_x": 1.6555233333333332,
  "fwhm_y": 1.8429366666666667,
  "fwhm_z": 1.4461525,
  "gcor": 0.018764,
  "gsr_x": -0.018666990101337433,
  "gsr_y": 0.004961330443620682,
  "provenance": {
    "md5sum": "742e8cee63939007710232d835ee7d5a",
    "settings": {
      "fd_thres": 0.2,
      "testing": false
    },
    "software": "mriqc",
    "version": "22.0.0rc1",
    "webapi_port": null,
    "webapi_url": "https://mriqc.nimh.nih.gov/api/v1"
  },
  "size_t": 144,
  "size_x": 80,
  "size_y": 80,
  "size_z": 35,
  "snr": 7.922057428639284,
  "spacing_tr": 2.0,
  "spacing_x": 3.0,
  "spacing_y": 3.0,
  "spacing_z": 4.0,
  "summary_bg_k": 70.38406253609001,
  "summary_bg_mad": 3.912423149465186,
  "summary_bg_mean": 18.23590660095215,
  "summary_bg_median": 8.9375,
  "summary_bg_n": 161987.0,
  "summary_bg_p05": 5.173611164093018,
  "summary_bg_p95": 57.05347328186023,
  "summary_bg_stdv": 34.08443069458008,
  "summary_fg_k": 4.148521396489105,
  "summary_fg_mad": 62.4751598793288,
  "summary_fg_mean": 611.6072387695312,
  "summary_fg_median": 609.9861450195312,
  "summary_fg_n": 23817.0,
  "summary_fg_p05": 497.0930603027344,
  "summary_fg_p95": 732.6694458007813,
  "summary_fg_stdv": 76.99683380126953,
  "tsnr": 81.42474452033639
}