{
  "aor": 0.0035016083916083927,
  "aqi": 0.00830257923076923,
  "bids_meta": {
    "CogAtlasID": "http://www.cognitiveatlas.org/task/id/trm_4c8a834779883",
    "EchoTime": 0.034,
    "FlipAngle": 90,
    "ImageType": [
      "IMAGE",
      "M series"
    ],
    "MagneticFieldStrength": 3,
    "Manufacturer": "Philips",
    "ManufacturersModelName": "Achieva",
    "ProcedureStepDescription": "none",
    "ProtocolName": "NO_STIMULATION SENSE",
    "RepetitionTime": 2,
    "ScanningSequence": "EP",
    "SequenceName": "NO_STIMULATION SENSE",
    "SequenceVariant": "SK",
    "SeriesDescription": "NO_STIMULATION SENSE",
    "TaskName": "rest",
    "dataset": "ds000220",
    "modality": "bold",
    "session_id": "2",
    "subject_id": "control04",
    "task_id": "rest"
  },
  "dummy_trs": 1,
  "dvars_nstd": 29.074190636831,
  "dvars_std": 1.3144994064788738,
  "dvars_vstd": 1.013370716760563,
  "efc": 0.433269317379373,
  "fber": 84165.328125,
  "fd_mean": 0.12911540204403785,
  "fd_num": 12,
  "fd_perc": 8.391608391608392,
  "fwhm_avg": 2.305905055555556,
  "fwhm_x": 2.548570666666667,
  "fwhm_y": 2.917392,
  "fwhm_z": 1.4517525,
  "gcor": 0.016772,
  "gsr_x": -0.005165607202798128,
  "gsr_y": 0.01929299719631672,
  "provenance": {
    "md5sum": "4b9f9714bdf12fe4eadcc9f0f4920792",
    "settings": {
      "fd_thres": 0.2,
      "testing": false
    },
    "software": "mriqc",
    "version": "22.0.0rc1",
    "webapi_port": null,
    "webapi_url": "https://mriqc.nimh.nih.gov/api/v1"
  },
  "size_t": 143,
  "size_x": 128,
  "size_y": 128,
  "size_z": 34,
  "snr": 5.778558294616252,
  "spacing_tr": 2.0,
  "spacing_x": 1.875,
  "spacing_y": 1.875,
  "spacing_z": 4.0,
  "summary_bg_k": 61.16575591606605,
  "summary_bg_mad": 3.8020795559573264,
  "summary_bg_mean": 23.17557716369629,
  "summary_bg_median": 2.614466667175293,
  "summary_bg_n": 388461.0,
  "summary_bg_p05": 0.029456505551934242,
  "summary_bg_p95": 110.96920776367188,
  "summary_bg_stdv": 59.59961700439453,
  "summary_fg_k": 2.2369545396478223,
  "summary_fg_mad": 134.59646424646644,
  "summary_fg_mean": 858.3277587890625,
  "summary_fg_median": 850.543212890625,
  "summary_fg_n": 84198.0,
  "summary_fg_p05": 648.0690368652344,
  "summary_fg_p95": 1095.6861694335937,
  "summary_fg_stdv": 147.1886444091797,
  "tsnr": 58.970951080322266
}