{
  "aor": 0.0015818055555555557,
  "aqi": 0.005644295208333334,
  "bids_meta": {
    "CogAtlasID": "http://www.cognitiveatlas.org/task/id/trm_4c8a834779883",
    "EchoTime": 0.034,
    "FlipAngle": 90,
    "ImageType": [
      "IMAGE",
      "M series"
    ],
    "MagneticFieldStrength": 3,
    "Manufacturer": "Philips",
    "ManufacturersModelName": "Achieva",
    "ProcedureStepDescription": "none",
    "ProtocolName": "NO_STIMULATION SENSE",
    "RepetitionTime": 2,
    "ScanningSequence": "EP",
    "SequenceName": "NO_STIMULATION SENSE",
    "SequenceVariant": "SK",
    "SeriesDescription": "NO_STIMULATION SENSE",
    "TaskName": "rest",
    "dataset": "ds000220",
    "modality": "bold",
    "session_id": "2",
    "subject_id": "control03",
    "task_id": "rest"
  },
  "dummy_trs": 0,
  "dvars_nstd": 27.69108289405595,
  "dvars_std": 1.3575265018181826,
  "dvars_vstd": 0.9826639671328674,
  "efc": 0.36930446215216406,
  "fber": 726255.5,
  "fd_mean": 0.08280212877830173,
  "fd_num": 9,
  "fd_perc": 6.25,
  "fwhm_avg": 2.485806888888889,
  "fwhm_x": 2.757626666666667,
  "fwhm_y": 3.114944,
  "fwhm_z": 1.58485,
  "gcor": 0.0159105,
  "gsr_x": -0.020883485674858093,
  "gsr_y": 0.012473429553210735,
  "provenance": {
    "md5sum": "9c2cd359b8f7064ff8f6d8c6cd75edf8",
    "settings": {
      "fd_thres": 0.2,
      "testing": false
    },
    "software": "mriqc",
    "version": "22.0.0rc1",
    "webapi_port": null,
    "webapi_url": "https://mriqc.nimh.nih.gov/api/v1"
  },
  "size_t": 144,
  "size_x": 128,
  "size_y": 128,
  "size_z": 34,
  "snr": 5.042555207666071,
  "spacing_tr": 2.0,
  "spacing_x": 1.875,
  "spacing_y": 1.875,
  "spacing_z": 4.0,
  "summary_bg_k": 180.48573569845612,
  "summary_bg_mad": 1.8815450638366291,
  "summary_bg_mean": 22.888286590576172,
  "summary_bg_median": 1.2814923524856567,
  "summary_bg_n": 414497.0,
  "summary_bg_p05": 0.009733150154352188,
  "summary_bg_p95": 98.45012512207016,
  "summary_bg_stdv": 76.26020812988281,
  "summary_fg_k": 2.8131081787339145,
  "summary_fg_mad": 205.8695978009788,
  "summary_fg_mean": 1250.8399658203125,
  "summary_fg_median": 1219.5042724609375,
  "summary_fg_n": 63110.0,
  "summary_fg_p05": 936.6884643554688,
  "summary_fg_p95": 1669.6489013671874,
  "summary_fg_stdv": 241.84060668945312,
  "tsnr": 66.70915222167969
}