{
  "aor": 0.002039305555555556,
  "aqi": 0.011151040694444444,
  "bids_meta": {
    "CogAtlasID": "http://www.cognitiveatlas.org/task/id/trm_4c8a834779883",
    "ConversionSoftware": "dcm2niix",
    "ConversionSoftwareVersion": "v1.0.20170314",
    "EchoTime": 0.03,
    "EffectiveEchoSpacing": 0.000290003,
    "FlipAngle": 90,
    "ImageType": [
      "ORIGINAL",
      "PRIMARY",
      "M",
      "ND",
      "NORM",
      "MOSAIC"
    ],
    "MagneticFieldStrength": 3,
    "Manufacturer": "Siemens",
    "ManufacturersModelName": "TrioTim",
    "PhaseEncodingDirection": "j-",
    "ProcedureStepDescription": "RESEARCH_Brain_Traumas",
    "ProtocolName": "Bold",
    "RepetitionTime": 2,
    "ScanningSequence": "EP",
    "SequenceName": "epfid2d1_80",
    "SequenceVariant": "SK",
    "SeriesDescription": "Bold",
    "SliceTiming": [
      0.9925,
      0,
      1.0525,
      0.0575,
      1.11,
      0.115,
      1.1675,
      0.175,
      1.2275,
      0.2325,
      1.285,
      0.2925,
      1.345,
      0.35,
      1.4025,
      0.4075,
      1.46,
      0.4675,
      1.52,
      0.525,
      1.5775,
      0.585,
      1.635,
      0.6425,
      1.695,
      0.7,
      1.7525,
      0.76,
      1.8125,
      0.8175,
      1.87,
      0.875,
      1.9275,
      0.935
    ],
    "TaskName": "rest",
    "dataset": "ds000220",
    "modality": "bold",
    "session_id": "1",
    "subject_id": "control08",
    "task_id": "rest"
  },
  "dummy_trs": 0,
  "dvars_nstd": 31.682522153426564,
  "dvars_std": 1.3725634939160842,
  "dvars_vstd": 0.9828890911888113,
  "efc": 0.38882149710141245,
  "fber": 14226.9921875,
  "fd_mean": 0.18616460736939497,
  "fd_num": 44,
  "fd_perc": 30.555555555555557,
  "fwhm_avg": 1.714321388888889,
  "fwhm_x": 1.69888,
  "fwhm_y": 1.9438866666666668,
  "fwhm_z": 1.5001975,
  "gcor": 0.00947066,
  "gsr_x": -0.016661448404192924,
  "gsr_y": 0.019612856209278107,
  "provenance": {
    "md5sum": "5e8cb14d1fa90569ff9d865d91e750f3",
    "settings": {
      "fd_thres": 0.2,
      "testing": false
    },
    "software": "mriqc",
    "version": "22.0.0rc1",
    "webapi_port": null,
    "webapi_url": "https://mriqc.nimh.nih.gov/api/v1"
  },
  "size_t": 144,
  "size_x": 80,
  "size_y": 80,
  "size_z": 34,
  "snr": 6.536355409048746,
  "spacing_tr": 2.0,
  "spacing_x": 3.0,
  "spacing_y": 3.0,
  "spacing_z": 4.0,
  "summary_bg_k": 181.09907442151794,
  "summary_bg_mad": 4.108043529282634,
  "summary_bg_mean": 15.256841659545898,
  "summary_bg_median": 6.229166507720947,
  "summary_bg_n": 154822.0,
  "summary_bg_p05": 2.715277910232544,
  "summary_bg_p95": 49.62465286254871,
  "summary_bg_stdv": 38.71822738647461,
  "summary_fg_k": 2.2137110960246504,
  "summary_fg_mad": 96.51329613975862,
  "summary_fg_mean": 748.4215698242188,
  "summary_fg_median": 739.5625,
  "summary_fg_n": 24956.0,
  "summary_fg_p05": 594.1527709960938,
  "summary_fg_p95": 946.4218902587891,
  "summary_fg_stdv": 113.14373779296875,
  "tsnr": 63.074104545637965
}