{
  "aor": 0.002754236111111111,
  "aqi": 0.011533062152777777,
  "bids_meta": {
    "CogAtlasID": "http://www.cognitiveatlas.org/task/id/trm_4c8a834779883",
    "ConversionSoftware": "dcm2niix",
    "ConversionSoftwareVersion": "v1.0.20170314",
    "EchoTime": 0.03,
    "EffectiveEchoSpacing": 0.000290003,
    "FlipAngle": 90,
    "ImageType": [
      "ORIGINAL",
      "PRIMARY",
      "M",
      "ND",
      "NORM",
      "MOSAIC"
    ],
    "MagneticFieldStrength": 3,
    "Manufacturer": "Siemens",
    "ManufacturersModelName": "TrioTim",
    "PhaseEncodingDirection": "j-",
    "ProcedureStepDescription": "RESEARCH_Brain_Traumas",
    "ProtocolName": "Bold",
    "RepetitionTime": 2,
    "ScanningSequence": "EP",
    "SequenceName": "epfid2d1_80",
    "SequenceVariant": "SK",
    "SeriesDescription": "Bold",
    "SliceTiming": [
      0,
      1.0225,
      0.0575,
      1.08,
      0.1125,
      1.135,
      0.17,
      1.1925,
      0.2275,
      1.25,
      0.285,
      1.305,
      0.34,
      1.3625,
      0.3975,
      1.42,
      0.455,
      1.4775,
      0.51,
      1.5325,
      0.5675,
      1.59,
      0.625,
      1.6475,
      0.6825,
      1.7025,
      0.7375,
      1.76,
      0.795,
      1.8175,
      0.8525,
      1.875,
      0.9075,
      1.93,
      0.965
    ],
    "TaskName": "rest",
    "dataset": "ds000220",
    "modality": "bold",
    "session_id": "2",
    "subject_id": "tbi06",
    "task_id": "rest"
  },
  "dummy_trs": 0,
  "dvars_nstd": 32.34126432475523,
  "dvars_std": 1.322610012517482,
  "dvars_vstd": 1.0186153181118878,
  "efc": 0.4297280905377635,
  "fber": 8140.4658203125,
  "fd_mean": 0.17020606416852943,
  "fd_num": 36,
  "fd_perc": 25.0,
  "fwhm_avg": 1.611341111111111,
  "fwhm_x": 1.6052933333333332,
  "fwhm_y": 1.83861,
  "fwhm_z": 1.39012,
  "gcor": 0.0262852,
  "gsr_x": -0.0061414362862706184,
  "gsr_y": 0.01387054193764925,
  "provenance": {
    "md5sum": "1f4bb5a2da0578486b184327a920b28f",
    "settings": {
      "fd_thres": 0.2,
      "testing": false
    },
    "software": "mriqc",
    "version": "22.0.0rc1",
    "webapi_port": null,
    "webapi_url": "https://mriqc.nimh.nih.gov/api/v1"
  },
  "size_t": 144,
  "size_x": 80,
  "size_y": 80,
  "size_z": 35,
  "snr": 7.257904226485544,
  "spacing_tr": 2.0,
  "spacing_x": 3.0,
  "spacing_y": 3.0,
  "spacing_z": 4.0,
  "summary_bg_k": 49.36191341349658,
  "summary_bg_mad": 5.642124795108617,
  "summary_bg_mean": 22.84524154663086,
  "summary_bg_median": 7.8125,
  "summary_bg_n": 155572.0,
  "summary_bg_p05": 3.1041667461395264,
  "summary_bg_p95": 99.80173873901354,
  "summary_bg_stdv": 49.15700149536133,
  "summary_fg_k": 3.495893292644104,
  "summary_fg_mad": 82.54186961825039,
  "summary_fg_mean": 703.2378540039062,
  "summary_fg_median": 704.1527709960938,
  "summary_fg_n": 27991.0,
  "summary_fg_p05": 554.125,
  "summary_fg_p95": 851.3541564941406,
  "summary_fg_stdv": 97.01701354980469,
  "tsnr": 59.72449331637472
}