{
  "aor": 0.0015463194444444443,
  "aqi": 0.008168416666666666,
  "bids_meta": {
    "CogAtlasID": "http://www.cognitiveatlas.org/task/id/trm_4c8a834779883",
    "EchoTime": 0.034,
    "FlipAngle": 90,
    "ImageType": [
      "IMAGE",
      "M series"
    ],
    "MagneticFieldStrength": 3,
    "Manufacturer": "Philips",
    "ManufacturersModelName": "Achieva",
    "ProcedureStepDescription": "none",
    "ProtocolName": "NO_STIMULATION SENSE",
    "RepetitionTime": 2,
    "ScanningSequence": "EP",
    "SequenceName": "NO_STIMULATION SENSE",
    "SequenceVariant": "SK",
    "SeriesDescription": "NO_STIMULATION SENSE",
    "TaskName": "rest",
    "dataset": "ds000220",
    "modality": "bold",
    "session_id": "2",
    "subject_id": "control06",
    "task_id": "rest"
  },
  "dummy_trs": 0,
  "dvars_nstd": 25.10418019594405,
  "dvars_std": 1.3014700993006982,
  "dvars_vstd": 0.9964277132867132,
  "efc": 0.4071420158543957,
  "fber": 532897.1875,
  "fd_mean": 0.0837974329705185,
  "fd_num": 1,
  "fd_perc": 0.6944444444444444,
  "fwhm_avg": 2.345011833333333,
  "fwhm_x": 2.5398186666666667,
  "fwhm_y": 3.005749333333333,
  "fwhm_z": 1.4894675,
  "gcor": 0.0104487,
  "gsr_x": -0.021126797422766685,
  "gsr_y": 0.016724124550819397,
  "provenance": {
    "md5sum": "36a7e83ae2c6e4db2093475b45e69802",
    "settings": {
      "fd_thres": 0.2,
      "testing": false
    },
    "software": "mriqc",
    "version": "22.0.0rc1",
    "webapi_port": null,
    "webapi_url": "https://mriqc.nimh.nih.gov/api/v1"
  },
  "size_t": 144,
  "size_x": 128,
  "size_y": 128,
  "size_z": 34,
  "snr": 5.440365624951114,
  "spacing_tr": 2.0,
  "spacing_x": 1.875,
  "spacing_y": 1.875,
  "spacing_z": 4.0,
  "summary_bg_k": 123.48643935264049,
  "summary_bg_mad": 1.3953926868714275,
  "summary_bg_mean": 18.13962173461914,
  "summary_bg_median": 0.9532386064529419,
  "summary_bg_n": 402141.0,
  "summary_bg_p05": 0.010580988600850105,
  "summary_bg_p95": 84.43319702148438,
  "summary_bg_stdv": 50.303836822509766,
  "summary_fg_k": 2.3956716973011973,
  "summary_fg_mad": 130.25163618742545,
  "summary_fg_mean": 758.2691040039062,
  "summary_fg_median": 750.7412109375,
  "summary_fg_n": 74490.0,
  "summary_fg_p05": 568.4388610839844,
  "summary_fg_p95": 977.5965270996094,
  "summary_fg_stdv": 137.9936981201172,
  "tsnr": 68.57646942138672
}