{
  "aor": 0.00116375,
  "aqi": 0.009353553472222222,
  "bids_meta": {
    "CogAtlasID": "http://www.cognitiveatlas.org/task/id/trm_4c8a834779883",
    "ConversionSoftware": "dcm2niix",
    "ConversionSoftwareVersion": "v1.0.20170314",
    "EchoTime": 0.03,
    "EffectiveEchoSpacing": 0.000290003,
    "FlipAngle": 90,
    "ImageType": [
      "ORIGINAL",
      "PRIMARY",
      "M",
      "ND",
      "NORM",
      "MOSAIC"
    ],
    "MagneticFieldStrength": 3,
    "Manufacturer": "Siemens",
    "ManufacturersModelName": "TrioTim",
    "PhaseEncodingDirection": "j-",
    "ProcedureStepDescription": "RESEARCH_Brain_Traumas",
    "ProtocolName": "Bold",
    "RepetitionTime": 2,
    "ScanningSequence": "EP",
    "SequenceName": "epfid2d1_80",
    "SequenceVariant": "SK",
    "SeriesDescription": "Bold",
    "SliceTiming": [
      0.9925,
      0,
      1.0525,
      0.0575,
      1.11,
      0.1175,
      1.1675,
      0.175,
      1.2275,
      0.2325,
      1.285,
      0.2925,
      1.345,
      0.35,
      1.4025,
      0.41,
      1.46,
      0.4675,
      1.52,
      0.525,
      1.5775,
      0.585,
      1.6375,
      0.6425,
      1.695,
      0.7,
      1.7525,
      0.76,
      1.8125,
      0.8175,
      1.87,
      0.8775,
      1.9275,
      0.935
    ],
    "TaskName": "rest",
    "dataset": "ds000220",
    "modality": "bold",
    "session_id": "2",
    "subject_id": "tbi02",
    "task_id": "rest"
  },
  "dummy_trs": 0,
  "dvars_nstd": 23.066646202167817,
  "dvars_std": 1.1598690309790205,
  "dvars_vstd": 0.9784552738461536,
  "efc": 0.4183867694510757,
  "fber": 8642.013671875,
  "fd_mean": 0.09317971717585269,
  "fd_num": 3,
  "fd_perc": 2.0833333333333335,
  "fwhm_avg": 1.6197055555555557,
  "fwhm_x": 1.6031466666666667,
  "fwhm_y": 1.79145,
  "fwhm_z": 1.46452,
  "gcor": 0.00860679,
  "gsr_x": -0.007829427719116211,
  "gsr_y": 0.004435528535395861,
  "provenance": {
    "md5sum": "4f30264aba373650a7d6f1f8409e01d1",
    "settings": {
      "fd_thres": 0.2,
      "testing": false
    },
    "software": "mriqc",
    "version": "22.0.0rc1",
    "webapi_port": null,
    "webapi_url": "https://mriqc.nimh.nih.gov/api/v1"
  },
  "size_t": 144,
  "size_x": 80,
  "size_y": 80,
  "size_z": 34,
  "snr": 7.908847260623802,
  "spacing_tr": 2.0,
  "spacing_x": 3.0,
  "spacing_y": 3.0,
  "spacing_z": 4.0,
  "summary_bg_k": 47.043867255130436,
  "summary_bg_mad": 5.920112711078417,
  "summary_bg_mean": 23.006528854370117,
  "summary_bg_median": 8.541666984558105,
  "summary_bg_n": 151785.0,
  "summary_bg_p05": 3.472222328186035,
  "summary_bg_p95": 84.68055725097656,
  "summary_bg_stdv": 51.681209564208984,
  "summary_fg_k": 2.1860192596623795,
  "summary_fg_mad": 93.92901296976399,
  "summary_fg_mean": 796.765380859375,
  "summary_fg_median": 792.59375,
  "summary_fg_n": 26444.0,
  "summary_fg_p05": 653.8711730957032,
  "summary_fg_p95": 960.7288482666015,
  "summary_fg_stdv": 100.21419525146484,
  "tsnr": 66.79887679964304
}