{
  "aor": 0.009921319444444444,
  "aqi": 0.026381724999999998,
  "bids_meta": {
    "CogAtlasID": "http://www.cognitiveatlas.org/task/id/trm_4c8a834779883",
    "ConversionSoftware": "dcm2niix",
    "ConversionSoftwareVersion": "v1.0.20170314",
    "EchoTime": 0.03,
    "EffectiveEchoSpacing": 0.000290003,
    "FlipAngle": 90,
    "ImageType": [
      "ORIGINAL",
      "PRIMARY",
      "M",
      "ND",
      "MOSAIC"
    ],
    "MagneticFieldStrength": 3,
    "Manufacturer": "Siemens",
    "ManufacturersModelName": "TrioTim",
    "PhaseEncodingDirection": "j-",
    "ProcedureStepDescription": "Investigators_FGH3",
    "ProtocolName": "rest",
    "RepetitionTime": 2,
    "ScanningSequence": "EP",
    "SequenceName": "_epfid2d1_80",
    "SequenceVariant": "SK",
    "SeriesDescription": "rest",
    "SliceTiming": [
      0.9925,
      0,
      1.0525,
      0.0575,
      1.11,
      0.1175,
      1.1675,
      0.175,
      1.2275,
      0.2325,
      1.285,
      0.2925,
      1.345,
      0.35,
      1.4025,
      0.4075,
      1.46,
      0.4675,
      1.52,
      0.525,
      1.5775,
      0.585,
      1.635,
      0.6425,
      1.695,
      0.7,
      1.7525,
      0.76,
      1.8125,
      0.8175,
      1.87,
      0.8775,
      1.9275,
      0.935
    ],
    "TaskName": "rest",
    "dataset": "ds000220",
    "modality": "bold",
    "session_id": "1",
    "subject_id": "tbi13",
    "task_id": "rest"
  },
  "dummy_trs": 0,
  "dvars_nstd": 38.42865745160839,
  "dvars_std": 1.0807541071328672,
  "dvars_vstd": 0.9766194218881116,
  "efc": 0.4255188694881081,
  "fber": 2993.615234375,
  "fd_mean": 0.5741271047444252,
  "fd_num": 87,
  "fd_perc": 60.416666666666664,
  "fwhm_avg": 1.9222483333333333,
  "fwhm_x": 1.89546,
  "fwhm_y": 2.18213,
  "fwhm_z": 1.689155,
  "gcor": 0.0405368,
  "gsr_x": -0.012204729951918125,
  "gsr_y": 0.01102479174733162,
  "provenance": {
    "md5sum": "1319c252df9ee0c00b35374b57fce68e",
    "settings": {
      "fd_thres": 0.2,
      "testing": false
    },
    "software": "mriqc",
    "version": "22.0.0rc1",
    "webapi_port": null,
    "webapi_url": "https://mriqc.nimh.nih.gov/api/v1"
  },
  "size_t": 144,
  "size_x": 80,
  "size_y": 80,
  "size_z": 34,
  "snr": 6.756744791471839,
  "spacing_tr": 2.0,
  "spacing_x": 3.0,
  "spacing_y": 3.0,
  "spacing_z": 4.0,
  "summary_bg_k": 53.72373056820757,
  "summary_bg_mad": 4.149227827578682,
  "summary_bg_mean": 26.230926513671875,
  "summary_bg_median": 15.916666984558105,
  "summary_bg_n": 152185.0,
  "summary_bg_p05": 12.020833015441895,
  "summary_bg_p95": 74.16666412353516,
  "summary_bg_stdv": 34.879905700683594,
  "summary_fg_k": 1.2070445122502633,
  "summary_fg_mad": 114.85018263594625,
  "summary_fg_mean": 873.41650390625,
  "summary_fg_median": 876.0034790039062,
  "summary_fg_n": 26368.0,
  "summary_fg_p05": 652.4399353027344,
  "summary_fg_p95": 1078.222601318359,
  "summary_fg_stdv": 129.6462860107422,
  "tsnr": 32.66855002101511
}