{
  "aor": 0.0008310416666666667,
  "aqi": 0.003615899652777778,
  "bids_meta": {
    "CogAtlasID": "http://www.cognitiveatlas.org/task/id/trm_4c8a834779883",
    "EchoTime": 0.034,
    "FlipAngle": 90,
    "ImageType": [
      "IMAGE",
      "M series"
    ],
    "MagneticFieldStrength": 3,
    "Manufacturer": "Philips",
    "ManufacturersModelName": "Achieva",
    "ProcedureStepDescription": "none",
    "ProtocolName": "NO_STIMULATION SENSE",
    "RepetitionTime": 2,
    "ScanningSequence": "EP",
    "SequenceName": "NO_STIMULATION SENSE",
    "SequenceVariant": "SK",
    "SeriesDescription": "NO_STIMULATION SENSE",
    "TaskName": "rest",
    "dataset": "ds000220",
    "modality": "bold",
    "session_id": "1",
    "subject_id": "control03",
    "task_id": "rest"
  },
  "dummy_trs": 0,
  "dvars_nstd": 20.011506220489522,
  "dvars_std": 1.1171569126573428,
  "dvars_vstd": 0.9898352264335667,
  "efc": 0.3712409862538268,
  "fber": 156756.4375,
  "fd_mean": 0.0946000603279337,
  "fd_num": 3,
  "fd_perc": 2.0833333333333335,
  "fwhm_avg": 2.4260858333333335,
  "fwhm_x": 2.683978666666667,
  "fwhm_y": 3.0687413333333335,
  "fwhm_z": 1.5255375,
  "gcor": 0.015048,
  "gsr_x": -0.019292809069156647,
  "gsr_y": 0.015552569180727005,
  "provenance": {
    "md5sum": "7f6c991f3464b8a235817a8d29faa101",
    "settings": {
      "fd_thres": 0.2,
      "testing": false
    },
    "software": "mriqc",
    "version": "22.0.0rc1",
    "webapi_port": null,
    "webapi_url": "https://mriqc.nimh.nih.gov/api/v1"
  },
  "size_t": 144,
  "size_x": 128,
  "size_y": 128,
  "size_z": 34,
  "snr": 5.154555061472167,
  "spacing_tr": 2.0,
  "spacing_x": 1.875,
  "spacing_y": 1.875,
  "spacing_z": 4.0,
  "summary_bg_k": 169.2561405174162,
  "summary_bg_mad": 4.202799448376153,
  "summary_bg_mean": 21.986995697021484,
  "summary_bg_median": 2.888702392578125,
  "summary_bg_n": 414467.0,
  "summary_bg_p05": 0.023849325627088552,
  "summary_bg_p95": 92.88345870971676,
  "summary_bg_stdv": 69.17762756347656,
  "summary_fg_k": 2.8591006830789008,
  "summary_fg_mad": 194.28785385920054,
  "summary_fg_mean": 1210.27294921875,
  "summary_fg_median": 1181.4034423828125,
  "summary_fg_n": 63879.0,
  "summary_fg_p05": 905.9700012207031,
  "summary_fg_p95": 1600.1727905273438,
  "summary_fg_stdv": 229.1942138671875,
  "tsnr": 85.20529174804688
}