{
  "aor": 0.0032910416666666665,
  "aqi": 0.00901825222222222,
  "bids_meta": {
    "CogAtlasID": "http://www.cognitiveatlas.org/task/id/trm_4c8a834779883",
    "ConversionSoftware": "dcm2niix",
    "ConversionSoftwareVersion": "v1.0.20170314",
    "EchoTime": 0.03,
    "EffectiveEchoSpacing": 0.000290003,
    "FlipAngle": 90,
    "ImageType": [
      "ORIGINAL",
      "PRIMARY",
      "M",
      "ND",
      "NORM",
      "MOSAIC"
    ],
    "MagneticFieldStrength": 3,
    "Manufacturer": "Siemens",
    "ManufacturersModelName": "TrioTim",
    "PhaseEncodingDirection": "j-",
    "ProcedureStepDescription": "RESEARCH_Brain_Traumas",
    "ProtocolName": "Bold",
    "RepetitionTime": 2,
    "ScanningSequence": "EP",
    "SequenceName": "epfid2d1_80",
    "SequenceVariant": "SK",
    "SeriesDescription": "Bold",
    "SliceTiming": [
      0.9925,
      0,
      1.05,
      0.0575,
      1.11,
      0.115,
      1.1675,
      0.175,
      1.2275,
      0.2325,
      1.285,
      0.2925,
      1.3425,
      0.35,
      1.4025,
      0.4075,
      1.46,
      0.4675,
      1.52,
      0.525,
      1.5775,
      0.5825,
      1.635,
      0.6425,
      1.695,
      0.7,
      1.7525,
      0.76,
      1.81,
      0.8175,
      1.87,
      0.875,
      1.9275,
      0.935
    ],
    "TaskName": "rest",
    "dataset": "ds000220",
    "modality": "bold",
    "session_id": "2",
    "subject_id": "control08",
    "task_id": "rest"
  },
  "dummy_trs": 0,
  "dvars_nstd": 31.078166094405592,
  "dvars_std": 1.3576965887412582,
  "dvars_vstd": 1.0236256784615385,
  "efc": 0.3954074177119027,
  "fber": 11279.3173828125,
  "fd_mean": 0.19006032776006174,
  "fd_num": 37,
  "fd_perc": 25.694444444444443,
  "fwhm_avg": 1.7277383333333336,
  "fwhm_x": 1.6922533333333334,
  "fwhm_y": 1.9546466666666669,
  "fwhm_z": 1.536315,
  "gcor": 0.0224916,
  "gsr_x": -0.01781528815627098,
  "gsr_y": 0.009538942016661167,
  "provenance": {
    "md5sum": "85b8ce3afe22640179dc11b838c60d7a",
    "settings": {
      "fd_thres": 0.2,
      "testing": false
    },
    "software": "mriqc",
    "version": "22.0.0rc1",
    "webapi_port": null,
    "webapi_url": "https://mriqc.nimh.nih.gov/api/v1"
  },
  "size_t": 144,
  "size_x": 80,
  "size_y": 80,
  "size_z": 34,
  "snr": 6.679124608687382,
  "spacing_tr": 2.0,
  "spacing_x": 3.0,
  "spacing_y": 3.0,
  "spacing_z": 4.0,
  "summary_bg_k": 95.57821299190768,
  "summary_bg_mad": 4.519877675245254,
  "summary_bg_mean": 16.9080753326416,
  "summary_bg_median": 7.486111164093018,
  "summary_bg_n": 153941.0,
  "summary_bg_p05": 3.5,
  "summary_bg_p95": 56.83333206176758,
  "summary_bg_stdv": 35.5353889465332,
  "summary_fg_k": 1.9765443110543766,
  "summary_fg_mad": 108.16815669485186,
  "summary_fg_mean": 801.6941528320312,
  "summary_fg_median": 794.3194580078125,
  "summary_fg_n": 25457.0,
  "summary_fg_p05": 639.0277954101563,
  "summary_fg_p95": 1009.5097290039062,
  "summary_fg_stdv": 118.92334747314453,
  "tsnr": 67.35768751217984
}