{
  "aor": 0.006151285714285715,
  "aqi": 0.01978790742857143,
  "bids_meta": {
    "CogAtlasID": "http://www.cognitiveatlas.org/task/id/trm_4c8a834779883",
    "ConversionSoftware": "dcm2niix",
    "ConversionSoftwareVersion": "v1.0.20170314",
    "EchoTime": 0.03,
    "EffectiveEchoSpacing": 0.000290003,
    "FlipAngle": 90,
    "ImageType": [
      "ORIGINAL",
      "PRIMARY",
      "M",
      "ND",
      "NORM",
      "MOSAIC"
    ],
    "MagneticFieldStrength": 3,
    "Manufacturer": "Siemens",
    "ManufacturersModelName": "TrioTim",
    "PhaseEncodingDirection": "j-",
    "ProcedureStepDescription": "RESEARCH_Brain_Traumas",
    "ProtocolName": "Bold",
    "RepetitionTime": 2,
    "ScanningSequence": "EP",
    "SequenceName": "_epfid2d1_80",
    "SequenceVariant": "SK",
    "SeriesDescription": "Bold",
    "SliceTiming": [
      0.9925,
      0,
      1.0525,
      0.0575,
      1.11,
      0.115,
      1.1675,
      0.175,
      1.2275,
      0.2325,
      1.285,
      0.2925,
      1.3425,
      0.35,
      1.4025,
      0.4075,
      1.46,
      0.4675,
      1.52,
      0.525,
      1.5775,
      0.585,
      1.635,
      0.6425,
      1.695,
      0.7,
      1.7525,
      0.76,
      1.8125,
      0.8175,
      1.87,
      0.875,
      1.9275,
      0.935
    ],
    "TaskName": "rest",
    "dataset": "ds000220",
    "modality": "bold",
    "session_id": "1",
    "subject_id": "tbi02",
    "task_id": "rest"
  },
  "dummy_trs": 4,
  "dvars_nstd": 22.31531563122303,
  "dvars_std": 1.0629662882014388,
  "dvars_vstd": 0.9344726445323741,
  "efc": 0.41939357751140127,
  "fber": 8889.9228515625,
  "fd_mean": 0.13638156579889396,
  "fd_num": 22,
  "fd_perc": 15.714285714285714,
  "fwhm_avg": 1.6487077777777779,
  "fwhm_x": 1.6492366666666667,
  "fwhm_y": 1.8385166666666668,
  "fwhm_z": 1.45837,
  "gcor": 0.0263968,
  "gsr_x": -0.007901841774582863,
  "gsr_y": 0.012436012737452984,
  "provenance": {
    "md5sum": "888d00d825b2c4fc42180fafbf6e0ccd",
    "settings": {
      "fd_thres": 0.2,
      "testing": false
    },
    "software": "mriqc",
    "version": "22.0.0rc1",
    "webapi_port": null,
    "webapi_url": "https://mriqc.nimh.nih.gov/api/v1"
  },
  "size_t": 140,
  "size_x": 80,
  "size_y": 80,
  "size_z": 34,
  "snr": 7.792978674661108,
  "spacing_tr": 2.0,
  "spacing_x": 3.0,
  "spacing_y": 3.0,
  "spacing_z": 4.0,
  "summary_bg_k": 48.91265590768517,
  "summary_bg_mad": 6.470500025572794,
  "summary_bg_mean": 23.50836944580078,
  "summary_bg_median": 8.585714340209961,
  "summary_bg_n": 151789.0,
  "summary_bg_p05": 3.3285715579986572,
  "summary_bg_p95": 85.43000183105477,
  "summary_bg_stdv": 50.69655227661133,
  "summary_fg_k": 1.9843828089332671,
  "summary_fg_mad": 94.844192262785,
  "summary_fg_mean": 802.1021118164062,
  "summary_fg_median": 797.8142700195312,
  "summary_fg_n": 26533.0,
  "summary_fg_p05": 651.7271484375,
  "summary_fg_p95": 970.6414550781249,
  "summary_fg_stdv": 102.37410736083984,
  "tsnr": 49.13896450144239
}